{
    "Modality": "MR",
    "MagneticFieldStrength": 1.5,
    "ImagingFrequency": 63.687672,
    "Manufacturer": "Siemens",
    "ManufacturersModelName": "Aera",
    "InstitutionName": "P.O. Bellaria-Bologna",
    "InstitutionalDepartmentName": "Department",
    "InstitutionAddress": "Via Altura 3,Bologna,District,IT,40139",
    "DeviceSerialNumber": "141067",
    "StationName": "NR-RM15-DICOM",
    "BodyPartExamined": "HEAD",
    "PatientPosition": "HFS",
    "ProcedureStepDescription": "RM ENCEFALO CON MDC",
    "SoftwareVersions": "syngo MR E11",
    "MRAcquisitionType": "3D",
    "SeriesDescription": "t2_space 3D_dark-fluid_sag_iso-",
    "ProtocolName": "t2_space 3D_dark-fluid_sag_iso-",
    "ScanningSequence": "SE\\IR",
    "SequenceVariant": "SK\\SP\\MP\\OSP",
    "ScanOptions": "IR\\PFP\\FS",
    "SequenceName": "*spcir_242ns",
    "ImageType": [
        "ORIGINAL",
        "SECONDARY",
        "M",
        "ND",
        "NORM"
    ],
    "NonlinearGradientCorrection": false,
    "SeriesNumber": 20,
    "AcquisitionTime": "11:13:14.885000",
    "AcquisitionNumber": 1,
    "SliceThickness": 1,
    "SAR": 0.0475548,
    "EchoTime": 0.335,
    "RepetitionTime": 5,
    "SpoilingState": true,
    "InversionTime": 1.8,
    "FlipAngle": 120,
    "VariableFlipAngleFlag": true,
    "PercentPhaseFOV": 100,
    "PercentSampling": 98,
    "EchoTrainLength": 214,
    "PhaseEncodingSteps": 219,
    "AcquisitionMatrixPE": 251,
    "ReconMatrixPE": 256,
    "PixelBandwidth": 590,
    "PhaseEncodingAxis": "i",
    "ImageOrientationPatientDICOM": [
        -0.0406381,
        0.994895,
        -0.0923695,
        0.00873645,
        -0.0920885,
        -0.995713
    ],
    "InPlanePhaseEncodingDirectionDICOM": "ROW",
    "ConversionSoftware": "dcm2niix",
    "ConversionSoftwareVersion": "v1.0.20230411",
    "Dcm2bidsVersion": "3.0.1"
}