{
	"Modality": "MR",
	"MagneticFieldStrength": 1.5,
	"ImagingFrequency": 63.630924,
	"Manufacturer": "Siemens",
	"ManufacturersModelName": "Avanto",
	"InstitutionName": "anonymized",
	"DeviceSerialNumber": "anonymized",
	"StationName": "anonymized",
	"PatientPosition": "HFS",
	"SoftwareVersions": "syngo MR B19",
	"MRAcquisitionType": "3D",
	"SeriesDescription": "t1_space_sag_iso",
	"ProtocolName": "t1_space_sag_iso",
	"ScanningSequence": "SE",
	"SequenceVariant": "SK\\SP",
	"SequenceName": "*spcR3d1_65ns",
	"ImageType": ["ORIGINAL", "PRIMARY", "M", "NORM", "DIS2D"],
	"NonlinearGradientCorrection": true,
	"SeriesNumber": 5,
	"AcquisitionTime": "09:16:14.942500",
	"AcquisitionNumber": 1,
	"SliceThickness": 1,
	"SAR": 0.226698,
	"EchoTime": 0.011,
	"RepetitionTime": 0.7,
	"SpoilingState": true,
	"FlipAngle": 120,
	"VariableFlipAngleFlag": true,
	"PartialFourier": 1,
	"BaseResolution": 256,
	"ShimSetting": [
		-104,
		-191,
		13,
		97,
		-331,
		120,
		-687,
		52	],
	"TxRefAmp": 218.451,
	"PhaseResolution": 1.01562,
	"ReceiveCoilName": "HeadMatrix",
	"CoilString": "C:HE1-4",
	"PulseSequenceDetails": "%SiemensSeq%\\tse_vfl",
	"CoilCombinationMethod": "Adaptive Combine",
	"MatrixCoilMode": "SENSE",
	"PercentPhaseFOV": 100,
	"PercentSampling": 101.562,
	"EchoTrainLength": 65,
	"PhaseEncodingSteps": 260,
	"AcquisitionMatrixPE": 260,
	"ReconMatrixPE": 256,
	"PixelBandwidth": 751,
	"DwellTime": 2.6e-06,
	"PhaseEncodingDirection": "i",
	"ImageOrientationPatientDICOM": [
		0.0523359,
		0.99863,
		-2.20535e-08,
		-0.0226562,
		0.00118734,
		-0.999743	],
	"ImageOrientationText": "Sag>Cor(3.0)>Tra(1.3)",
	"InPlanePhaseEncodingDirectionDICOM": "ROW",
	"ConversionSoftware": "dcm2niix",
	"ConversionSoftwareVersion": "v1.0.20230411"
}
