{
    "Modality": "MR",
    "MagneticFieldStrength": 3,
    "ImagingFrequency": 123.249863,
    "Manufacturer": "Siemens",
    "ManufacturersModelName": "MAGNETOM Vida",
    "InstitutionName": "anonymized",
    "DeviceSerialNumber": "anonymized",
    "StationName": "anonymized",
    "BodyPartExamined": "HEAD",
    "PatientPosition": "HFS",
    "SoftwareVersions": "syngo MR XA20",
    "MRAcquisitionType": "2D",
    "SeriesDescription": "t2_tse_tra_4mm",
    "ProtocolName": "t2_tse_tra_4mm",
    "ScanningSequence": "SE",
    "SequenceVariant": "SP\\SK",
    "ScanOptions": "PER",
    "SequenceName": "*tse2d1_12",
    "ImageType": [
        "ORIGINAL",
        "PRIMARY",
        "M",
        "NORM",
        "DIS2D",
        "MFSPLIT"
    ],
    "ImageTypeText": [
        "ORIGINAL",
        "PRIMARY",
        "M",
        "NONE"
    ],
    "NonlinearGradientCorrection": true,
    "SeriesNumber": 8001,
    "AcquisitionTime": "13:46:1.712500",
    "AcquisitionNumber": 1,
    "SliceThickness": 4,
    "SpacingBetweenSlices": 4.8,
    "SAR": 0.78608,
    "EchoTime": 0.077,
    "RepetitionTime": 4.54,
    "FlipAngle": 160,
    "PartialFourier": 1,
    "BaseResolution": 512,
    "ShimSetting": [
        -3968,
        -5396,
        -9385,
        36,
        -217,
        -84,
        40,
        64
    ],
    "TxRefAmp": 380.088,
    "PhaseResolution": 0.7,
    "ReceiveCoilName": "HeadNeck_20_TCS",
    "ReceiveCoilActiveElements": "HE2-4;NE1,2",
    "CoilString": "HeadNeck_20_TCS",
    "PulseSequenceDetails": "%SiemensSeq%\\tse",
    "CoilCombinationMethod": "Adaptive Combine",
    "MatrixCoilMode": "SENSE",
    "PercentPhaseFOV": 81.25,
    "PercentSampling": 70,
    "EchoTrainLength": 12,
    "PhaseEncodingSteps": 291,
    "AcquisitionMatrixPE": 291,
    "ReconMatrixPE": 416,
    "PixelBandwidth": 250,
    "DwellTime": 3.9e-06,
    "PhaseEncodingDirection": "i",
    "SliceTiming": [
        2.27,
        0,
        2.4125,
        0.1425,
        2.555,
        0.285,
        2.6975,
        0.4275,
        2.8375,
        0.5675,
        2.98,
        0.71,
        3.1225,
        0.8525,
        3.265,
        0.995,
        3.405,
        1.135,
        3.5475,
        1.2775,
        3.69,
        1.42,
        3.8325,
        1.5625,
        3.9725,
        1.7025,
        4.115,
        1.845,
        4.2575,
        1.9875,
        4.4,
        2.13
    ],
    "ImageOrientationPatientDICOM": [
        0.978137,
        -0.202739,
        -0.0463077,
        0.205056,
        0.977346,
        0.0524153
    ],
    "InPlanePhaseEncodingDirectionDICOM": "ROW",
    "ConversionSoftware": "dcm2niix",
    "ConversionSoftwareVersion": "v1.0.20230411",
    "Dcm2bidsVersion": "3.0.1"
}