{
    "Modality": "MR",
    "MagneticFieldStrength": 3,
    "ImagingFrequency": 123.227043,
    "Manufacturer": "Siemens",
    "ManufacturersModelName": "Skyra",
    "InstitutionName": "+",
    "InstitutionalDepartmentName": "Department",
    "InstitutionAddress": "Via Altura 3 3,Bologna,District,IT,40139",
    "DeviceSerialNumber": "145039",
    "StationName": "AWP145039",
    "BodyPartExamined": "HEAD",
    "PatientPosition": "HFS",
    "ProcedureStepDescription": "RM ENCEFALO CON MDC",
    "SoftwareVersions": "syngo MR E11",
    "MRAcquisitionType": "2D",
    "SeriesDescription": "t2_tse_tra_4mm",
    "ProtocolName": "t2_tse_tra_4mm",
    "ScanningSequence": "SE",
    "SequenceVariant": "SK\\SP\\OSP",
    "SequenceName": "*tse2d1_17",
    "ImageType": [
        "ORIGINAL",
        "SECONDARY",
        "M",
        "ND",
        "NORM"
    ],
    "NonlinearGradientCorrection": false,
    "SeriesNumber": 9,
    "AcquisitionTime": "08:51:38.325000",
    "AcquisitionNumber": 1,
    "SliceThickness": 4,
    "SpacingBetweenSlices": 4,
    "SAR": 0.441173,
    "EchoTime": 0.111,
    "RepetitionTime": 4,
    "SpoilingState": true,
    "FlipAngle": 150,
    "PartialFourier": 0.0379464,
    "PercentPhaseFOV": 87.5,
    "PercentSampling": 100,
    "EchoTrainLength": 17,
    "PhaseEncodingSteps": 459,
    "AcquisitionMatrixPE": 448,
    "ReconMatrixPE": 448,
    "PixelBandwidth": 220,
    "PhaseEncodingAxis": "i",
    "SliceTiming": [
        72,
        0,
        72.2188,
        0.21875,
        72.4453,
        0.44531,
        72.6641,
        0.66406,
        72.8828,
        0.88281,
        73.1094,
        1.10938,
        73.3281,
        1.32812,
        73.5547,
        1.55469,
        73.7734,
        1.77344,
        74,
        2,
        74.2188,
        2.21875,
        74.4453,
        2.44531,
        74.6641,
        2.66406,
        74.8828,
        2.88281,
        75.1094,
        3.10938,
        75.3281,
        3.32812,
        75.5547,
        3.55469,
        75.7734,
        3.77344
    ],
    "ImageOrientationPatientDICOM": [
        0.998407,
        -0.016492,
        -0.0539575,
        0.00174255,
        0.964884,
        -0.262671
    ],
    "InPlanePhaseEncodingDirectionDICOM": "ROW",
    "ConversionSoftware": "dcm2niix",
    "ConversionSoftwareVersion": "v1.0.20230411",
    "Dcm2bidsVersion": "3.0.1"
}