{
    "Modality": "MR",
    "MagneticFieldStrength": 1.5,
    "ImagingFrequency": 63.880664,
    "Manufacturer": "GE",
    "ManufacturersModelName": "Signa HDxt",
    "InstitutionName": "Hospital Joan XXIII",
    "DeviceSerialNumber": "00000000MEX70902",
    "StationName": "MR-01",
    "PatientPosition": "HFS",
    "SoftwareVersions": "15\\LX\\MR Software release:15.0_M4B_1034.a",
    "MRAcquisitionType": "2D",
    "SeriesDescription": "AX T1 memp",
    "ProtocolName": "CRANI TUMOR 2018/8",
    "ScanningSequence": "RM",
    "SequenceVariant": "NONE",
    "ScanOptions": "SAT_GEMS\\FILTERED_GEMS\\SP",
    "PulseSequenceName": "t1memp",
    "ImageType": [
        "ORIGINAL",
        "PRIMARY",
        "OTHER"
    ],
    "SeriesNumber": 2567570844,
    "AcquisitionTime": "12:17:57.000000",
    "AcquisitionNumber": 1,
    "SliceThickness": 5,
    "SpacingBetweenSlices": 6.5,
    "SAR": 1.36199,
    "NumberOfAverages": 2,
    "EchoTime": 0.013,
    "RepetitionTime": 0.56,
    "FlipAngle": 73,
    "ShimSetting": [
        4,
        -9,
        -20
    ],
    "PrescanReuseString": "TG/s1,CF/s6,AS/s6",
    "CoilString": "8NVHEAD_A",
    "NumberOfExcitations": 2,
    "PercentPhaseFOV": 75,
    "PercentSampling": 100,
    "AcquisitionMatrixPE": 224,
    "ReconMatrixPE": 512,
    "PixelBandwidth": 88.7891,
    "PhaseEncodingAxis": "i",
    "ImageOrientationPatientDICOM": [
        0.995188,
        0.094944,
        0.0242015,
        -0.0904573,
        0.985203,
        -0.145574
    ],
    "InPlanePhaseEncodingDirectionDICOM": "ROW",
    "ConversionSoftware": "dcm2niix",
    "ConversionSoftwareVersion": "v1.0.20230411",
    "Dcm2bidsVersion": "3.0.1"
}