{
	"Modality": "MR",
	"MagneticFieldStrength": 3,
	"ImagingFrequency": 123.248644,
	"Manufacturer": "Siemens",
	"ManufacturersModelName": "MAGNETOM Vida",
	"InstitutionName": "anonymized",
	"DeviceSerialNumber": "anonymized",
	"StationName": "anonymized",
	"BodyPartExamined": "HEAD",
	"PatientPosition": "HFS",
	"SoftwareVersions": "syngo MR XA60\\MAGNETOM Vida syngo MR XA60",
	"MRAcquisitionType": "3D",
	"SeriesDescription": "t1_space_fs_sag_ND",
	"ProtocolName": "t1_space_fs_sag",
	"ScanningSequence": "SE",
	"SequenceVariant": "SP\\SK",
	"ScanOptions": "FS",
	"SequenceName": "*spcR_42ns",
	"ImageType": ["DERIVED", "PRIMARY", "M", "NORM", "ND", "MFSPLIT"],
	"ImageTypeText": ["DERIVED", "PRIMARY", "NAVAIL", "RESAMPLED"],
	"NonlinearGradientCorrection": false,
	"RawImage": false,
	"SeriesNumber": 56,
	"AcquisitionTime": "14:52:26.131170",
	"AcquisitionNumber": 1,
	"SliceThickness": 1,
	"SAR": 0.636819,
	"EchoTime": 0.011,
	"RepetitionTime": 0.7,
	"FlipAngle": 120,
	"PartialFourier": 1,
	"BaseResolution": 256,
	"ShimSetting": [
		-3953,
		-5481,
		-9072,
		98,
		-444,
		-603,
		-174,
		184	],
	"TxRefAmp": 398.389,
	"PhaseResolution": 0.9,
	"ReceiveCoilName": "HeadNeck_20_TCS",
	"ReceiveCoilActiveElements": "HE1-4;NE1,2;SP1",
	"CoilString": "1",
	"PulseSequenceDetails": "%SiemensSeq%\\space",
	"RefLinesPE": 24,
	"CoilCombinationMethod": "Adaptive Combine",
	"PercentPhaseFOV": 100,
	"PercentSampling": 90,
	"EchoTrainLength": 42,
	"PhaseEncodingSteps": 230,
	"AcquisitionMatrixPE": 230,
	"ReconMatrixPE": 256,
	"CompressedSensingFactor": 4,
	"PixelBandwidth": 630,
	"DwellTime": 3.1e-06,
	"PhaseEncodingDirection": "i",
	"ImageOrientationPatientDICOM": [
		-0.144144,
		0.953958,
		0.263034,
		0.0425155,
		0.271534,
		-0.961489	],
	"InPlanePhaseEncodingDirectionDICOM": "ROW",
	"ConversionSoftware": "dcm2niix",
	"ConversionSoftwareVersion": "v1.0.20230411"
}
