{
	"Modality": "MR",
	"MagneticFieldStrength": 1.5,
	"ImagingFrequency": 63.884248,
	"Manufacturer": "Philips",
	"ManufacturersModelName": "Achieva dStream",
	"InstitutionName": "anonymized",
	"DeviceSerialNumber": "anonymized",
	"StationName": "anonymized",
	"BodyPartExamined": "HEAD",
	"PatientPosition": "HFS",
	"SoftwareVersions": "5.6.1\\5.6.1.2",
	"MRAcquisitionType": "2D",
	"SeriesDescription": "5 T2W_TSE cs2.9",
	"ProtocolName": "5 T2W_TSE cs2.9",
	"ScanningSequence": "SE",
	"SequenceVariant": "SK",
	"ScanOptions": "OTHER",
	"PulseSequenceName": "TSE",
	"ImageType": ["ORIGINAL", "PRIMARY", "M", "SE", "M", "SE"],
	"SeriesNumber": 701,
	"AcquisitionTime": "16:30:44.870000",
	"AcquisitionNumber": 7,
	"PhilipsRWVSlope": 2.8381,
	"PhilipsRWVIntercept": 0,
	"PhilipsRescaleSlope": 2.8381,
	"PhilipsRescaleIntercept": 0,
	"PhilipsScaleSlope": 0.152402,
	"UsePhilipsFloatNotDisplayScaling": 1,
	"SliceThickness": 5,
	"SpacingBetweenSlices": 5.5,
	"SAR": 0.192413,
	"NumberOfAverages": 2,
	"EchoTime": 0.1,
	"RepetitionTime": 5.0483,
	"MTState": false,
	"FlipAngle": 90,
	"CoilString": "MULTI COIL",
	"PercentPhaseFOV": 100,
	"PercentSampling": 79.5082,
	"PhaseEncodingSteps": 229,
	"FrequencyEncodingSteps": 344,
	"PhaseEncodingStepsOutOfPlane": 1,
	"AcquisitionMatrixPE": 229,
	"ReconMatrixPE": 768,
	"CompressedSensingFactor": 2.9,
	"WaterFatShift": 1.56015,
	"EstimatedEffectiveEchoSpacing": 4.6824e-06,
	"EstimatedTotalReadoutTime": 0.0035914,
	"AcquisitionDuration": 65.6278,
	"PixelBandwidth": 139,
	"PhaseEncodingAxis": "i",
	"ImageOrientationPatientDICOM": [
		-0.113065,
		0.993516,
		-0.0119639,
		0.0801739,
		-0.00287916,
		-0.996777	],
	"InPlanePhaseEncodingDirectionDICOM": "ROW",
	"ConversionSoftware": "dcm2niix",
	"ConversionSoftwareVersion": "v1.0.20230411"
}
