{
    "Modality": "MR",
    "MagneticFieldStrength": 3,
    "ImagingFrequency": 123.214301,
    "Manufacturer": "Siemens",
    "ManufacturersModelName": "Skyra",
    "InstitutionName": "Ospedale Bellaria-Neuroradiologia",
    "InstitutionalDepartmentName": "Department",
    "InstitutionAddress": "Via Altura 3 3,Bologna,District,IT,40139",
    "DeviceSerialNumber": "145039",
    "StationName": "AWP145039",
    "BodyPartExamined": "HEAD",
    "PatientPosition": "HFS",
    "ProcedureStepDescription": "RM ENCEFALO CON MDC",
    "SoftwareVersions": "syngo MR E11",
    "MRAcquisitionType": "2D",
    "SeriesDescription": "t2_tse_Tra_3mm",
    "ProtocolName": "t2_tse_Tra_3mm",
    "ScanningSequence": "SE",
    "SequenceVariant": "SK\\SP\\OSP",
    "ScanOptions": "SAT1",
    "SequenceName": "*tse2d1_23",
    "ImageType": [
        "ORIGINAL",
        "SECONDARY",
        "M",
        "ND",
        "NORM"
    ],
    "NonlinearGradientCorrection": false,
    "SeriesNumber": 19,
    "AcquisitionTime": "16:38:27.035000",
    "AcquisitionNumber": 1,
    "SliceThickness": 3,
    "SpacingBetweenSlices": 3,
    "SAR": 0.575855,
    "NumberOfAverages": 2,
    "EchoTime": 0.084,
    "RepetitionTime": 5.9,
    "SpoilingState": true,
    "FlipAngle": 150,
    "PartialFourier": 0.0558252,
    "PercentPhaseFOV": 96.875,
    "PercentSampling": 95,
    "EchoTrainLength": 23,
    "PhaseEncodingSteps": 415,
    "AcquisitionMatrixPE": 412,
    "ReconMatrixPE": 868,
    "PixelBandwidth": 260,
    "PhaseEncodingAxis": "i",
    "SliceTiming": [
        0,
        72.1094,
        0.26562,
        72.375,
        0.51562,
        72.6406,
        0.78125,
        72.9062,
        1.03125,
        73.1719,
        1.28125,
        73.4375,
        1.54688,
        73.7188,
        1.79688,
        73.9844,
        2.0625,
        74.25,
        2.3125,
        74.5156,
        2.5625,
        74.7812,
        2.82812,
        75.0469,
        3.07812,
        75.3281,
        3.34375,
        75.5938,
        3.59375,
        75.8594,
        3.84375,
        76.125,
        4.10938,
        76.3906,
        4.35938,
        76.6562,
        4.625,
        76.9375,
        4.875,
        77.2031,
        5.14062,
        77.4688,
        5.39062,
        77.7344,
        5.64062
    ],
    "ImageOrientationPatientDICOM": [
        0.995319,
        -0.0859287,
        -0.0442355,
        0.0727423,
        0.96742,
        -0.242503
    ],
    "InPlanePhaseEncodingDirectionDICOM": "ROW",
    "ConversionSoftware": "dcm2niix",
    "ConversionSoftwareVersion": "v1.0.20230411",
    "Dcm2bidsVersion": "3.0.1"
}