{
    "Modality": "MR",
    "MagneticFieldStrength": 3,
    "ImagingFrequency": 127.770753,
    "Manufacturer": "Philips",
    "ManufacturersModelName": "Ingenia",
    "InstitutionName": "CENTRO BRAIN IMAGING",
    "InstitutionalDepartmentName": "OSP S.G.BATTISTA MOLINETTE",
    "DeviceSerialNumber": "42287",
    "StationName": "HOST-R1POAC2P1H",
    "BodyPartExamined": "HEAD",
    "PatientPosition": "HFS",
    "ProcedureStepDescription": "RM ENC.MDC",
    "SoftwareVersions": "5.3.1\\5.3.1.3",
    "MRAcquisitionType": "3D",
    "SeriesDescription": "FFE_T13D tra mdc",
    "ProtocolName": "FFE_T13D tra mdc",
    "ScanningSequence": "GR",
    "SequenceVariant": "MP",
    "ScanOptions": "SP",
    "PulseSequenceName": "T1TFE",
    "ImageType": [
        "ORIGINAL",
        "PRIMARY",
        "M",
        "FFE",
        "M",
        "FFE"
    ],
    "SeriesNumber": 701,
    "AcquisitionTime": "13:13:59.380000",
    "AcquisitionNumber": 7,
    "PhilipsRescaleSlope": 1.98681,
    "PhilipsRescaleIntercept": 0,
    "PhilipsScaleSlope": 0.00533691,
    "UsePhilipsFloatNotDisplayScaling": 1,
    "SliceThickness": 1,
    "SpacingBetweenSlices": 1,
    "SAR": 0.0392247,
    "EchoTime": 0.003501,
    "RepetitionTime": 0.0079,
    "MTState": false,
    "SpoilingState": true,
    "SpoilingType": "COMBINED",
    "FlipAngle": 8,
    "CoilString": "MULTI COIL",
    "PercentPhaseFOV": 100,
    "PercentSampling": 100,
    "EchoTrainLength": 225,
    "PhaseEncodingSteps": 240,
    "FrequencyEncodingSteps": 240,
    "PhaseEncodingStepsOutOfPlane": 180,
    "AcquisitionMatrixPE": 240,
    "ReconMatrixPE": 240,
    "ParallelReductionFactorInPlane": 2.5,
    "ParallelAcquisitionTechnique": "SENSE",
    "ParallelReductionFactorOutOfPlane": 1.2,
    "WaterFatShift": 1.30118,
    "EstimatedEffectiveEchoSpacing": 1.24768e-05,
    "EstimatedTotalReadoutTime": 0.00298195,
    "AcquisitionDuration": 203.447,
    "PixelBandwidth": 334,
    "PhaseEncodingAxis": "i",
    "ImageOrientationPatientDICOM": [
        0.994748,
        0.0571721,
        -0.0849007,
        -0.0634117,
        0.995335,
        -0.0727121
    ],
    "InPlanePhaseEncodingDirectionDICOM": "ROW",
    "ConversionSoftware": "dcm2niix",
    "ConversionSoftwareVersion": "v1.0.20230411",
    "Dcm2bidsVersion": "3.0.1"
}