{
    "Modality": "MR",
    "MagneticFieldStrength": 3,
    "ImagingFrequency": 127.770656,
    "Manufacturer": "Philips",
    "ManufacturersModelName": "Ingenia",
    "InstitutionName": "CENTRO BRAIN IMAGING",
    "InstitutionalDepartmentName": "OSP S.G.BATTISTA MOLINETTE",
    "DeviceSerialNumber": "42287",
    "StationName": "HOST-R1POAC2P1H",
    "BodyPartExamined": "HEAD",
    "PatientPosition": "HFS",
    "ProcedureStepDescription": "RM ENC.MDC",
    "SoftwareVersions": "5.3.1\\5.3.1.3",
    "MRAcquisitionType": "3D",
    "SeriesDescription": "3D_Brain_FLAIR SENSE",
    "ProtocolName": "3D_Brain_FLAIR SENSE",
    "ScanningSequence": "IR",
    "SequenceVariant": "SK",
    "ScanOptions": "FS",
    "PulseSequenceName": "TIR",
    "ImageType": [
        "ORIGINAL",
        "PRIMARY",
        "M",
        "IR",
        "M",
        "IR"
    ],
    "SeriesNumber": 201,
    "AcquisitionTime": "13:01:3.390000",
    "AcquisitionNumber": 2,
    "PhilipsRescaleSlope": 4.64713,
    "PhilipsRescaleIntercept": 0,
    "PhilipsScaleSlope": 0.0162938,
    "UsePhilipsFloatNotDisplayScaling": 1,
    "SliceThickness": 1.2,
    "SpacingBetweenSlices": 0.6,
    "SAR": 0.0562242,
    "NumberOfAverages": 2,
    "EchoTime": 0.305145,
    "RepetitionTime": 4.8,
    "MTState": false,
    "InversionTime": 1.65,
    "FlipAngle": 90,
    "CoilString": "MULTI COIL",
    "PercentPhaseFOV": 100,
    "PercentSampling": 78.1308,
    "PhaseEncodingSteps": 192,
    "FrequencyEncodingSteps": 192,
    "PhaseEncodingStepsOutOfPlane": 121,
    "AcquisitionMatrixPE": 192,
    "ReconMatrixPE": 384,
    "ParallelReductionFactorInPlane": 3.5,
    "ParallelAcquisitionTechnique": "SENSE",
    "ParallelReductionFactorOutOfPlane": 1.5,
    "WaterFatShift": 0.387025,
    "EstimatedEffectiveEchoSpacing": 1.16306e-06,
    "EstimatedTotalReadoutTime": 0.00044545,
    "AcquisitionDuration": 283.2,
    "PixelBandwidth": 1122,
    "ImageOrientationPatientDICOM": [
        0.994748,
        0.0571721,
        -0.0849007,
        -0.0634117,
        0.995335,
        -0.0727121
    ],
    "InPlanePhaseEncodingDirectionDICOM": "ROW",
    "ConversionSoftware": "dcm2niix",
    "ConversionSoftwareVersion": "v1.0.20230411",
    "Dcm2bidsVersion": "3.0.1"
}