{
    "Modality": "MR",
    "MagneticFieldStrength": 1.5,
    "ImagingFrequency": 63.857425,
    "Manufacturer": "GE",
    "ManufacturersModelName": "SIGNA EXCITE",
    "DeviceSerialNumber": "000000000000GEHC",
    "StationName": "MRGEHC",
    "PatientPosition": "HFS",
    "ProcedureStepDescription": "MR angiografi",
    "SoftwareVersions": "12\\LX\\MR Software release:12.0_M5B_0846.d",
    "MRAcquisitionType": "2D",
    "SeriesDescription": "COR T2",
    "ProtocolName": "MRI KOKE RUTINE JUL 201/",
    "ScanningSequence": "SE",
    "SequenceVariant": "SK",
    "ScanOptions": "FC_SLICE_AX_GEMS\\FC\\TRF_GEMS\\FILTERED_GEMS",
    "ImageType": [
        "ORIGINAL",
        "SECONDARY",
        "OTHER"
    ],
    "SeriesNumber": 12,
    "AcquisitionTime": "14:53:1.000000",
    "AcquisitionNumber": 1,
    "SliceThickness": 5,
    "SpacingBetweenSlices": 7.5,
    "SAR": 1.3597,
    "NumberOfAverages": 2,
    "EchoTime": 0.087768,
    "RepetitionTime": 3.84,
    "FlipAngle": 90,
    "CoilString": "8NVHEAD NECK_A",
    "PercentPhaseFOV": 90,
    "PercentSampling": 100,
    "EchoTrainLength": 18,
    "AcquisitionMatrixPE": 384,
    "ReconMatrixPE": 512,
    "PixelBandwidth": 162.773,
    "PhaseEncodingAxis": "i",
    "ImageOrientationPatientDICOM": [
        0.996528,
        0.0509663,
        -0.0658289,
        -0.0480973,
        -0.293314,
        -0.954805
    ],
    "InPlanePhaseEncodingDirectionDICOM": "ROW",
    "ConversionSoftware": "dcm2niix",
    "ConversionSoftwareVersion": "v1.0.20230411",
    "Dcm2bidsVersion": "3.0.1"
}