{
    "Modality": "MR",
    "MagneticFieldStrength": 1.5,
    "ImagingFrequency": 63.857425,
    "Manufacturer": "GE",
    "ManufacturersModelName": "SIGNA EXCITE",
    "DeviceSerialNumber": "000000000000GEHC",
    "StationName": "MRGEHC",
    "PatientPosition": "HFS",
    "ProcedureStepDescription": "MR angiografi",
    "SoftwareVersions": "12\\LX\\MR Software release:12.0_M5B_0846.d",
    "MRAcquisitionType": "2D",
    "SeriesDescription": "AX T2 FLAIR",
    "ProtocolName": "MRI KOKE RUTINE JUL 201/",
    "ScanningSequence": "SE\\IR",
    "SequenceVariant": "SK",
    "ScanOptions": "FC_FREQ_AX_GEMS\\FC\\SAT_GEMS\\TRF_GEMS\\FILTERED_GEMS\\SP",
    "ImageType": [
        "ORIGINAL",
        "SECONDARY",
        "OTHER"
    ],
    "SeriesNumber": 9,
    "AcquisitionTime": "14:45:41.000000",
    "AcquisitionNumber": 1,
    "SliceThickness": 5,
    "SpacingBetweenSlices": 6.8,
    "SAR": 0.5553,
    "EchoTime": 0.1404,
    "RepetitionTime": 9.002,
    "InversionTime": 2.2,
    "FlipAngle": 90,
    "CoilString": "8NVHEAD NECK_A",
    "PercentPhaseFOV": 100,
    "PercentSampling": 100,
    "AcquisitionMatrixPE": 224,
    "ReconMatrixPE": 512,
    "PixelBandwidth": 88.7891,
    "PhaseEncodingAxis": "i",
    "ImageOrientationPatientDICOM": [
        0.992146,
        0.0443124,
        -0.116976,
        -0.0813934,
        0.938847,
        -0.334577
    ],
    "InPlanePhaseEncodingDirectionDICOM": "ROW",
    "ConversionSoftware": "dcm2niix",
    "ConversionSoftwareVersion": "v1.0.20230411",
    "Dcm2bidsVersion": "3.0.1"
}