{
	"Modality": "MR",
	"MagneticFieldStrength": 3,
	"ImagingFrequency": 123.248573,
	"Manufacturer": "Siemens",
	"ManufacturersModelName": "MAGNETOM Vida",
	"InstitutionName": "anonymized",
	"DeviceSerialNumber": "anonymized",
	"StationName": "anonymized",
	"BodyPartExamined": "HEAD",
	"PatientPosition": "HFS",
	"SoftwareVersions": "syngo MR XA60",
	"MRAcquisitionType": "3D",
	"SeriesDescription": "t2_space_flair_fs_cs",
	"ProtocolName": "t2_space_flair_fs_cs",
	"ScanningSequence": "SE",
	"SequenceVariant": "SP\\SK",
	"ScanOptions": "PFP\\PFF\\FS\\PER",
	"SequenceName": "*spcir_220ns",
	"ImageType": ["ORIGINAL", "PRIMARY", "M", "NORM", "DIS2D", "MFSPLIT"],
	"ImageTypeText": ["ORIGINAL", "PRIMARY", "M", "NONE"],
	"NonlinearGradientCorrection": true,
	"SeriesNumber": 33,
	"AcquisitionTime": "13:43:48.515000",
	"AcquisitionNumber": 1,
	"SliceThickness": 1,
	"SAR": 0.196385,
	"EchoTime": 0.384,
	"RepetitionTime": 7,
	"InversionTime": 2.05,
	"FlipAngle": 120,
	"VariableFlipAngleFlag": true,
	"PartialFourier": 1,
	"Interpolation2D": 1,
	"BaseResolution": 256,
	"ShimSetting": [
		-3956,
		-5546,
		-9141,
		-120,
		-425,
		-567,
		181,
		-64	],
	"TxRefAmp": 384.43,
	"PhaseResolution": 1,
	"ReceiveCoilName": "HeadNeck_20_TCS",
	"ReceiveCoilActiveElements": "HE1-4;NE1,2;SP1",
	"CoilString": "1",
	"PulseSequenceDetails": "%SiemensSeq%\\space",
	"RefLinesPE": 24,
	"CoilCombinationMethod": "Adaptive Combine",
	"PercentPhaseFOV": 100,
	"PercentSampling": 100,
	"EchoTrainLength": 220,
	"PhaseEncodingSteps": 256,
	"AcquisitionMatrixPE": 256,
	"ReconMatrixPE": 512,
	"CompressedSensingFactor": 4,
	"PixelBandwidth": 751,
	"DwellTime": 2.6e-06,
	"PhaseEncodingDirection": "i",
	"ImageOrientationPatientDICOM": [
		-0.0689932,
		0.983816,
		0.165369,
		0.0375332,
		0.168206,
		-0.985037	],
	"InPlanePhaseEncodingDirectionDICOM": "ROW",
	"ConversionSoftware": "dcm2niix",
	"ConversionSoftwareVersion": "v1.0.20230411"
}
