{
	"Modality": "MR",
	"MagneticFieldStrength": 3,
	"ImagingFrequency": 123.248606,
	"Manufacturer": "Siemens",
	"ManufacturersModelName": "MAGNETOM Vida",
	"InstitutionName": "anonymized",
	"DeviceSerialNumber": "anonymized",
	"StationName": "anonymized",
	"BodyPartExamined": "HEAD",
	"PatientPosition": "HFS",
	"SoftwareVersions": "syngo MR XA60",
	"MRAcquisitionType": "3D",
	"SeriesDescription": "t2_space_flair_fs_cs",
	"ProtocolName": "t2_space_flair_fs_cs",
	"ScanningSequence": "SE",
	"SequenceVariant": "SP\\SK",
	"ScanOptions": "PFP\\PFF\\FS\\PER",
	"SequenceName": "*spcir_220ns",
	"ImageType": ["ORIGINAL", "PRIMARY", "M", "NORM", "DIS2D", "MFSPLIT"],
	"ImageTypeText": ["ORIGINAL", "PRIMARY", "M", "NONE"],
	"NonlinearGradientCorrection": true,
	"SeriesNumber": 44,
	"AcquisitionTime": "16:32:36.415000",
	"AcquisitionNumber": 1,
	"SliceThickness": 1,
	"SAR": 0.205264,
	"EchoTime": 0.384,
	"RepetitionTime": 7,
	"InversionTime": 2.05,
	"FlipAngle": 120,
	"VariableFlipAngleFlag": true,
	"PartialFourier": 1,
	"Interpolation2D": 1,
	"BaseResolution": 256,
	"ShimSetting": [
		-3968,
		-5508,
		-9131,
		-67,
		-262,
		-586,
		196,
		198	],
	"TxRefAmp": 378.226,
	"PhaseResolution": 1,
	"ReceiveCoilName": "HeadNeck_20_TCS",
	"ReceiveCoilActiveElements": "HE1-4;NE1,2;SP1",
	"CoilString": "1",
	"PulseSequenceDetails": "%SiemensSeq%\\space",
	"RefLinesPE": 24,
	"CoilCombinationMethod": "Adaptive Combine",
	"PercentPhaseFOV": 100,
	"PercentSampling": 100,
	"EchoTrainLength": 220,
	"PhaseEncodingSteps": 256,
	"AcquisitionMatrixPE": 256,
	"ReconMatrixPE": 512,
	"CompressedSensingFactor": 4,
	"PixelBandwidth": 751,
	"DwellTime": 2.6e-06,
	"PhaseEncodingDirection": "i",
	"ImageOrientationPatientDICOM": [
		0.100789,
		0.991499,
		0.0822854,
		0.0132614,
		0.0813603,
		-0.996597	],
	"InPlanePhaseEncodingDirectionDICOM": "ROW",
	"ConversionSoftware": "dcm2niix",
	"ConversionSoftwareVersion": "v1.0.20230411"
}
