{
    "Modality": "MR",
    "MagneticFieldStrength": 1.5,
    "ImagingFrequency": 63.876158,
    "Manufacturer": "Philips",
    "ManufacturersModelName": "Achieva",
    "InstitutionName": "+",
    "InstitutionalDepartmentName": "Radiologia",
    "DeviceSerialNumber": "32746",
    "StationName": "PHILIPS-MR",
    "BodyPartExamined": "BRAIN",
    "PatientPosition": "HFS",
    "ProcedureStepDescription": "RM ENCEFALO CON MDC",
    "SoftwareVersions": "3.2.3\\3.2.3.4",
    "MRAcquisitionType": "2D",
    "SeriesDescription": "T1w SE ax mdc",
    "ProtocolName": "T1w SE ax mdc CLEAR",
    "ScanningSequence": "SE",
    "SequenceVariant": "SS",
    "ScanOptions": "OTHER",
    "PulseSequenceName": "SE",
    "ImageType": [
        "ORIGINAL",
        "SECONDARY",
        "M",
        "SE",
        "M",
        "SE"
    ],
    "SeriesNumber": 801,
    "AcquisitionTime": "15:03:57.790000",
    "AcquisitionNumber": 8,
    "PhilipsRWVSlope": 2.20464,
    "PhilipsRWVIntercept": 0,
    "SliceThickness": 4.5,
    "SpacingBetweenSlices": 5.5,
    "SAR": 1.64868,
    "NumberOfAverages": 2,
    "EchoTime": 0.015,
    "RepetitionTime": 0.595982,
    "MTState": false,
    "FlipAngle": 69,
    "CoilString": "SENSE-Head-8",
    "PercentPhaseFOV": 79.6875,
    "PercentSampling": 79.902,
    "PartialFourierDirection": "FREQUENCY",
    "PhaseEncodingSteps": 205,
    "FrequencyEncodingSteps": 256,
    "PhaseEncodingStepsOutOfPlane": 1,
    "AcquisitionMatrixPE": 205,
    "ReconMatrixPE": 288,
    "AcquisitionDuration": 196.078,
    "PixelBandwidth": 109,
    "PhaseEncodingAxis": "i",
    "ImageOrientationPatientDICOM": [
        0.996358,
        0.0489981,
        -0.0697808,
        -0.0563917,
        0.992522,
        -0.108263
    ],
    "InPlanePhaseEncodingDirectionDICOM": "ROW",
    "ConversionSoftware": "dcm2niix",
    "ConversionSoftwareVersion": "v1.0.20230411",
    "Dcm2bidsVersion": "3.0.1"
}