{
    "Modality": "MR",
    "MagneticFieldStrength": 3,
    "ImagingFrequency": 123.214319,
    "Manufacturer": "Siemens",
    "ManufacturersModelName": "Skyra",
    "InstitutionName": "Ospedale Bellaria-Neuroradiologia",
    "InstitutionalDepartmentName": "Department",
    "InstitutionAddress": "Via Altura 3 3,Bologna,District,IT,40139",
    "DeviceSerialNumber": "145039",
    "StationName": "AWP145039",
    "BodyPartExamined": "HEAD",
    "PatientPosition": "HFS",
    "ProcedureStepDescription": "RM ENCEFALO CON MDC",
    "SoftwareVersions": "syngo MR E11",
    "MRAcquisitionType": "3D",
    "SeriesDescription": "t2_space_dark-fluid_sag_fs_caipi4x4_1",
    "ProtocolName": "t2_space_dark-fluid_sag_fs_caipi4x4_1",
    "ScanningSequence": "SE\\IR",
    "SequenceVariant": "SK\\SP\\MP\\OSP",
    "ScanOptions": "IR\\PFP\\FS",
    "SequenceName": "*spcir_292ns",
    "ImageType": [
        "ORIGINAL",
        "SECONDARY",
        "M",
        "ND",
        "NORM"
    ],
    "NonlinearGradientCorrection": false,
    "SeriesNumber": 8,
    "AcquisitionTime": "15:50:42.740000",
    "AcquisitionNumber": 1,
    "SliceThickness": 1,
    "SAR": 0.157269,
    "NumberOfAverages": 4,
    "EchoTime": 0.38,
    "RepetitionTime": 5,
    "SpoilingState": true,
    "InversionTime": 1.8,
    "FlipAngle": 120,
    "VariableFlipAngleFlag": true,
    "PercentPhaseFOV": 95.3125,
    "PercentSampling": 90,
    "EchoTrainLength": 257,
    "PhaseEncodingSteps": 179,
    "AcquisitionMatrixPE": 220,
    "ReconMatrixPE": 244,
    "PixelBandwidth": 780,
    "PhaseEncodingAxis": "i",
    "ImageOrientationPatientDICOM": [
        -0.00762183,
        0.999933,
        0.00872396,
        0.0244997,
        0.00890833,
        -0.99966
    ],
    "InPlanePhaseEncodingDirectionDICOM": "ROW",
    "ConversionSoftware": "dcm2niix",
    "ConversionSoftwareVersion": "v1.0.20230411",
    "Dcm2bidsVersion": "3.0.1"
}