{
    "Modality": "MR",
    "MagneticFieldStrength": 1.5,
    "ImagingFrequency": 63.900402,
    "Manufacturer": "Philips",
    "ManufacturersModelName": "Achieva",
    "InstitutionName": "AZ. OSP UNI OO.RR. -  FOGGIA",
    "InstitutionalDepartmentName": "RISONANZA MAGNETICA",
    "DeviceSerialNumber": "11017",
    "StationName": "PHILIPS-89B5323",
    "BodyPartExamined": "BRAIN",
    "PatientPosition": "HFS",
    "ProcedureStepDescription": "RM CERVELLO E TRONCO ENCEFALICO(SENZA/CON CONTR)",
    "SoftwareVersions": "3.2.3\\3.2.3.4",
    "MRAcquisitionType": "3D",
    "SeriesDescription": "3D FLAIR philips",
    "ProtocolName": "3D FLAIR philips SENSE",
    "ScanningSequence": "IR",
    "SequenceVariant": "SK",
    "ScanOptions": "FS",
    "ImageType": [
        "ORIGINAL",
        "PRIMARY",
        "M",
        "IR",
        "M",
        "IR"
    ],
    "SeriesNumber": 301,
    "AcquisitionTime": "17:58:6.980000",
    "AcquisitionNumber": 3,
    "PhilipsRWVSlope": 24.021,
    "PhilipsRWVIntercept": 0,
    "SliceThickness": 1.2,
    "SpacingBetweenSlices": 0.6,
    "SAR": 0.241625,
    "NumberOfAverages": 2,
    "EchoTime": 0.349263,
    "RepetitionTime": 4.8,
    "InversionTime": 1.66,
    "FlipAngle": 90,
    "CoilString": "SENSE-NV-16",
    "PercentPhaseFOV": 100,
    "PercentSampling": 78.9174,
    "EchoTrainLength": 185,
    "PhaseEncodingSteps": 210,
    "AcquisitionMatrixPE": 210,
    "ReconMatrixPE": 224,
    "AcquisitionDuration": 321.6,
    "PixelBandwidth": 943,
    "PhaseEncodingAxis": "i",
    "ImageOrientationPatientDICOM": [
        -0.0307607,
        0.997762,
        -0.0593695,
        0.120195,
        -0.0552741,
        -0.99121
    ],
    "InPlanePhaseEncodingDirectionDICOM": "ROW",
    "ConversionSoftware": "dcm2niix",
    "ConversionSoftwareVersion": "v1.0.20230411",
    "Dcm2bidsVersion": "3.0.1"
}