{
    "Modality": "MR",
    "MagneticFieldStrength": 1.5,
    "ImagingFrequency": 63.886798,
    "Manufacturer": "Philips",
    "ManufacturersModelName": "Achieva dStream",
    "InstitutionName": "AZ.OSP. POLICLINICO",
    "InstitutionalDepartmentName": "NEURORADIOLOGIA",
    "InstitutionAddress": "P.zza G. Cesare BARI",
    "DeviceSerialNumber": "72243",
    "StationName": "HOST-DEB13VRBD8",
    "BodyPartExamined": "BRAIN",
    "PatientPosition": "HFS",
    "ProcedureStepDescription": "RM CERVELLO E TRONCO ENCEFALICO (SENZA E CON CONTRASTO)",
    "SoftwareVersions": "5.3.1\\5.3.1.4",
    "MRAcquisitionType": "3D",
    "SeriesDescription": "3D_FLAIR",
    "ProtocolName": "3D_FLAIR",
    "ScanningSequence": "IR",
    "SequenceVariant": "SK",
    "ScanOptions": "FS",
    "PulseSequenceName": "TIR",
    "ImageType": [
        "ORIGINAL",
        "PRIMARY",
        "M",
        "IR",
        "M",
        "IR"
    ],
    "SeriesNumber": 301,
    "AcquisitionTime": "15:22:45.550000",
    "AcquisitionNumber": 3,
    "PhilipsRescaleSlope": 9.03004,
    "PhilipsRescaleIntercept": 0,
    "PhilipsScaleSlope": 0.00379222,
    "UsePhilipsFloatNotDisplayScaling": 1,
    "SliceThickness": 1,
    "SpacingBetweenSlices": 1,
    "SAR": 0.035561,
    "NumberOfAverages": 2,
    "EchoTime": 0.281359,
    "RepetitionTime": 4.8,
    "MTState": false,
    "InversionTime": 1.66,
    "FlipAngle": 90,
    "CoilString": "MULTI COIL",
    "PercentPhaseFOV": 100,
    "PercentSampling": 78.5398,
    "PhaseEncodingSteps": 256,
    "FrequencyEncodingSteps": 256,
    "PhaseEncodingStepsOutOfPlane": 200,
    "AcquisitionMatrixPE": 256,
    "ReconMatrixPE": 256,
    "ParallelReductionFactorInPlane": 2,
    "ParallelAcquisitionTechnique": "SENSE",
    "ParallelReductionFactorOutOfPlane": 2,
    "WaterFatShift": 0.246908,
    "EstimatedEffectiveEchoSpacing": 2.22882e-06,
    "EstimatedTotalReadoutTime": 0.00056835,
    "AcquisitionDuration": 561.6,
    "PixelBandwidth": 880,
    "ImageOrientationPatientDICOM": [
        0.999996,
        0.002681,
        0.000922955,
        -0.00267896,
        0.999994,
        -0.00220016
    ],
    "InPlanePhaseEncodingDirectionDICOM": "COL",
    "ConversionSoftware": "dcm2niix",
    "ConversionSoftwareVersion": "v1.0.20230411",
    "Dcm2bidsVersion": "3.0.1"
}