{
    "Modality": "MR",
    "MagneticFieldStrength": 3,
    "ImagingFrequency": 123.226797,
    "Manufacturer": "Siemens",
    "ManufacturersModelName": "Skyra",
    "InstitutionName": "+",
    "InstitutionalDepartmentName": "Department",
    "InstitutionAddress": "Via Altura 3 3,Bologna,District,IT,40139",
    "DeviceSerialNumber": "145039",
    "StationName": "AWP145039",
    "BodyPartExamined": "HEAD",
    "PatientPosition": "HFS",
    "ProcedureStepDescription": "RM ENCEFALO CON MDC",
    "SoftwareVersions": "syngo MR E11",
    "MRAcquisitionType": "2D",
    "SeriesDescription": "t2_blade_tra_p2",
    "ProtocolName": "t2_blade_tra_p2",
    "ScanningSequence": "SE",
    "SequenceVariant": "SK\\SP\\OSP",
    "SequenceName": "*tseBR2d1_28",
    "ImageType": [
        "ORIGINAL",
        "SECONDARY",
        "M",
        "ND",
        "NORM"
    ],
    "NonlinearGradientCorrection": false,
    "SeriesNumber": 17,
    "AcquisitionTime": "16:51:54.745000",
    "AcquisitionNumber": 1,
    "SliceThickness": 4,
    "SpacingBetweenSlices": 4.48,
    "SAR": 0.395275,
    "EchoTime": 0.117,
    "RepetitionTime": 5.5,
    "SpoilingState": true,
    "FlipAngle": 90,
    "PartialFourier": 0.0875,
    "PercentPhaseFOV": 100,
    "PercentSampling": 100,
    "EchoTrainLength": 28,
    "PhaseEncodingSteps": 320,
    "AcquisitionMatrixPE": 320,
    "ReconMatrixPE": 320,
    "PixelBandwidth": 365,
    "PhaseEncodingAxis": "j",
    "SliceTiming": [
        66,
        0,
        66.3594,
        0.35938,
        66.7344,
        0.73438,
        67.0938,
        1.09375,
        67.4688,
        1.46875,
        67.8281,
        1.82812,
        68.1875,
        2.1875,
        68.5625,
        2.5625,
        68.9219,
        2.92188,
        69.2969,
        3.29688,
        69.6562,
        3.65625,
        70.0312,
        4.03125,
        70.3906,
        4.39062,
        70.7656,
        4.76562,
        71.125,
        5.125
    ],
    "ImageOrientationPatientDICOM": [
        0.999627,
        -0.0197738,
        -0.0188406,
        0.0174486,
        0.993042,
        -0.116462
    ],
    "InPlanePhaseEncodingDirectionDICOM": "COL",
    "ConversionSoftware": "dcm2niix",
    "ConversionSoftwareVersion": "v1.0.20230411",
    "Dcm2bidsVersion": "3.0.1"
}