{
    "Modality": "MR",
    "MagneticFieldStrength": 1.5,
    "ImagingFrequency": 63.882056,
    "Manufacturer": "Philips",
    "ManufacturersModelName": "Ingenia",
    "InstitutionName": "AZ. OSP. UNIV. POL. G. MARTINO",
    "InstitutionalDepartmentName": "Risonanza",
    "InstitutionAddress": "Via Consolare Valeria 1 98125 Messina",
    "DeviceSerialNumber": "70300",
    "StationName": "PHILIPS-1ED3K9V",
    "BodyPartExamined": "BRAIN",
    "PatientPosition": "HFS",
    "ProcedureStepDescription": "Cervello, tronco encefalico RMN, senza e con contrasto",
    "SoftwareVersions": "5.3.1\\5.3.1.2",
    "MRAcquisitionType": "3D",
    "SeriesDescription": "3D_FLAIR SENSE",
    "ProtocolName": "3D_FLAIR SENSE",
    "ScanningSequence": "IR",
    "SequenceVariant": "SK",
    "ScanOptions": "FS",
    "PulseSequenceName": "TIR",
    "ImageType": [
        "ORIGINAL",
        "PRIMARY",
        "M",
        "IR",
        "M",
        "IR"
    ],
    "SeriesNumber": 201,
    "AcquisitionTime": "16:45:24.530000",
    "AcquisitionNumber": 2,
    "PhilipsRescaleSlope": 7.20733,
    "PhilipsRescaleIntercept": 0,
    "PhilipsScaleSlope": 0.0108888,
    "UsePhilipsFloatNotDisplayScaling": 1,
    "SliceThickness": 1.6,
    "SpacingBetweenSlices": 0.8,
    "SAR": 0.0209778,
    "NumberOfAverages": 2,
    "EchoTime": 0.290198,
    "RepetitionTime": 5.2,
    "MTState": false,
    "InversionTime": 1.66,
    "FlipAngle": 90,
    "CoilString": "MULTI COIL",
    "PercentPhaseFOV": 100,
    "PercentSampling": 78.5398,
    "PhaseEncodingSteps": 200,
    "FrequencyEncodingSteps": 200,
    "PhaseEncodingStepsOutOfPlane": 110,
    "AcquisitionMatrixPE": 200,
    "ReconMatrixPE": 352,
    "ParallelReductionFactorInPlane": 2.59,
    "ParallelAcquisitionTechnique": "SENSE",
    "ParallelReductionFactorOutOfPlane": 2,
    "WaterFatShift": 0.218937,
    "EstimatedEffectiveEchoSpacing": 1.4359e-06,
    "EstimatedTotalReadoutTime": 0.000504,
    "AcquisitionDuration": 202.8,
    "PixelBandwidth": 992,
    "ImageOrientationPatientDICOM": [
        -0.00196246,
        0.998513,
        -0.0544774,
        0.0100511,
        -0.0544551,
        -0.998466
    ],
    "InPlanePhaseEncodingDirectionDICOM": "ROW",
    "ConversionSoftware": "dcm2niix",
    "ConversionSoftwareVersion": "v1.0.20230411",
    "Dcm2bidsVersion": "3.0.1"
}