{
    "Modality": "MR",
    "MagneticFieldStrength": 1.5,
    "ImagingFrequency": 63.880636,
    "Manufacturer": "GE",
    "ManufacturersModelName": "Signa HDxt",
    "InstitutionName": "Hospital Joan XXIII",
    "DeviceSerialNumber": "00000000MEX70902",
    "StationName": "MR-01",
    "PatientPosition": "HFS",
    "ProcedureStepDescription": "RM cerebral",
    "SoftwareVersions": "24\\LX\\MR Software release:HD16.0_V03_1638.a",
    "MRAcquisitionType": "2D",
    "SeriesDescription": "AX FRFSE T2",
    "ProtocolName": "CRANI TUMOR 2018/5",
    "ScanningSequence": "SE",
    "SequenceVariant": "SK",
    "ScanOptions": "FAST_GEMS\\FC_SLICE_AX_GEMS\\FC\\SAT_GEMS\\TRF_GEMS\\FILTERED_GEMS\\ACC_GEMS\\SP",
    "PulseSequenceName": "frfseopt",
    "ImageType": [
        "ORIGINAL",
        "PRIMARY",
        "OTHER"
    ],
    "SeriesNumber": 1585701537,
    "AcquisitionTime": "11:14:8.000000",
    "AcquisitionNumber": 1,
    "SliceThickness": 5,
    "SpacingBetweenSlices": 6.5,
    "SAR": 0.9439,
    "NumberOfAverages": 2,
    "EchoTime": 0.093968,
    "RepetitionTime": 5.32,
    "FlipAngle": 90,
    "ShimSetting": [
        -1,
        7,
        -6
    ],
    "PrescanReuseString": "TG/s1,AS/s3",
    "CoilString": "8NVHEAD_A",
    "NumberOfExcitations": 2,
    "PercentPhaseFOV": 85,
    "PercentSampling": 100,
    "EchoTrainLength": 17,
    "AcquisitionMatrixPE": 512,
    "ReconMatrixPE": 512,
    "ParallelReductionFactorInPlane": 2,
    "PixelBandwidth": 122.07,
    "PhaseEncodingAxis": "i",
    "ImageOrientationPatientDICOM": [
        0.997881,
        -0.0648204,
        -0.00570688,
        0.0477613,
        0.78881,
        -0.612779
    ],
    "InPlanePhaseEncodingDirectionDICOM": "ROW",
    "ConversionSoftware": "dcm2niix",
    "ConversionSoftwareVersion": "v1.0.20230411",
    "Dcm2bidsVersion": "3.0.1"
}