{
    "Modality": "MR",
    "MagneticFieldStrength": 3,
    "ImagingFrequency": 123.249773,
    "Manufacturer": "Siemens",
    "ManufacturersModelName": "MAGNETOM Vida",
    "InstitutionName": "anonymized",
    "DeviceSerialNumber": "anonymized",
    "StationName": "anonymized",
    "BodyPartExamined": "HEAD",
    "PatientPosition": "HFS",
    "SoftwareVersions": "syngo MR XA50",
    "MRAcquisitionType": "3D",
    "SeriesDescription": "t2_space_flair_fs",
    "ProtocolName": "t2_space_flair_fs",
    "ScanningSequence": "SE",
    "SequenceVariant": "SP\\SK",
    "ScanOptions": "PFP\\PFF\\FS\\PER",
    "SequenceName": "*spcir_220ns",
    "ImageType": [
        "ORIGINAL",
        "PRIMARY",
        "M",
        "NORM",
        "DIS2D",
        "MFSPLIT"
    ],
    "ImageTypeText": [
        "ORIGINAL",
        "PRIMARY",
        "M",
        "NONE"
    ],
    "NonlinearGradientCorrection": true,
    "SeriesNumber": 27001,
    "AcquisitionTime": "11:56:48.855000",
    "AcquisitionNumber": 1,
    "SliceThickness": 1,
    "SAR": 0.260015,
    "EchoTime": 0.384,
    "RepetitionTime": 7,
    "InversionTime": 2.05,
    "FlipAngle": 120,
    "PartialFourier": 1,
    "Interpolation2D": 1,
    "BaseResolution": 256,
    "ShimSetting": [
        -3974,
        -5602,
        -9295,
        -138,
        -427,
        -148,
        58,
        -144
    ],
    "TxRefAmp": 400.665,
    "PhaseResolution": 1,
    "ReceiveCoilName": "Spine_24_RS",
    "ReceiveCoilActiveElements": "HE1-4;NE1,2;SP1",
    "CoilString": "Spine_24_RS",
    "PulseSequenceDetails": "%SiemensSeq%\\space",
    "RefLinesPE": 16,
    "CoilCombinationMethod": "Adaptive Combine",
    "MatrixCoilMode": "GRAPPA",
    "PercentPhaseFOV": 100,
    "PercentSampling": 100,
    "EchoTrainLength": 220,
    "PhaseEncodingSteps": 256,
    "AcquisitionMatrixPE": 256,
    "ReconMatrixPE": 512,
    "ParallelReductionFactorInPlane": 2,
    "PixelBandwidth": 751,
    "DwellTime": 2.6e-06,
    "PhaseEncodingDirection": "i",
    "ImageOrientationPatientDICOM": [
        -0.0392816,
        0.834299,
        0.549911,
        0.0285869,
        0.551048,
        -0.833983
    ],
    "InPlanePhaseEncodingDirectionDICOM": "ROW",
    "ConversionSoftware": "dcm2niix",
    "ConversionSoftwareVersion": "v1.0.20230411",
    "Dcm2bidsVersion": "3.0.1"
}