{
    "Modality": "MR",
    "MagneticFieldStrength": 1.5,
    "ImagingFrequency": 63.888932,
    "Manufacturer": "Philips",
    "ManufacturersModelName": "Achieva dStream",
    "InstitutionName": "AZ. OSP. UNI OO RR Foggia",
    "InstitutionalDepartmentName": "Risonanza Magnetica",
    "DeviceSerialNumber": "11017",
    "StationName": "PHILIPS-HUGMJ41",
    "BodyPartExamined": "BRAIN",
    "PatientPosition": "HFS",
    "ProcedureStepDescription": "RM CERVELLO E TRONCO ENCEFALICO(SENZA/CON CONTR)",
    "SoftwareVersions": "5.4.1\\5.4.1.1",
    "MRAcquisitionType": "3D",
    "SeriesDescription": "3D_Brain_VIEW_FLAIR",
    "ProtocolName": "3D_Brain_VIEW_FLAIR",
    "ScanningSequence": "IR",
    "SequenceVariant": "SK",
    "ScanOptions": "FS",
    "ImageType": [
        "ORIGINAL",
        "PRIMARY",
        "M",
        "IR",
        "M",
        "IR"
    ],
    "SeriesNumber": 201,
    "AcquisitionTime": "10:32:21.940000",
    "AcquisitionNumber": 2,
    "PhilipsRWVSlope": 7.82125,
    "PhilipsRWVIntercept": 0,
    "SliceThickness": 1.14,
    "SpacingBetweenSlices": 0.57,
    "SAR": 0.0353688,
    "NumberOfAverages": 2,
    "EchoTime": 0.286795,
    "RepetitionTime": 4.8,
    "InversionTime": 1.66,
    "FlipAngle": 90,
    "CoilString": "MULTI COIL",
    "PercentPhaseFOV": 100,
    "PercentSampling": 78.9034,
    "EchoTrainLength": 171,
    "PhaseEncodingSteps": 216,
    "AcquisitionMatrixPE": 216,
    "ReconMatrixPE": 240,
    "AcquisitionDuration": 292.8,
    "PixelBandwidth": 919,
    "PhaseEncodingAxis": "i",
    "ImageOrientationPatientDICOM": [
        0.0191173,
        0.999762,
        -0.0104903,
        -0.0528827,
        -0.00946639,
        -0.998556
    ],
    "InPlanePhaseEncodingDirectionDICOM": "ROW",
    "ConversionSoftware": "dcm2niix",
    "ConversionSoftwareVersion": "v1.0.20230411",
    "Dcm2bidsVersion": "3.0.1"
}