{
    "Modality": "MR",
    "MagneticFieldStrength": 1.5,
    "ImagingFrequency": 63.870606,
    "Manufacturer": "GE",
    "ManufacturersModelName": "Signa HDxt",
    "DeviceSerialNumber": "0000000A51273121",
    "StationName": "GEHCGEHC",
    "PatientPosition": "HFS",
    "ProcedureStepDescription": "RM ENCEFALO SENZA E CON MDC",
    "SoftwareVersions": "24\\LX\\MR Software release:HD16.0_V02_1131.a",
    "MRAcquisitionType": "2D",
    "SeriesDescription": "Ax Flair T2",
    "ProtocolName": "NRX encefalo 2014/4",
    "ScanningSequence": "SE\\IR",
    "SequenceVariant": "SK",
    "ScanOptions": "FAST_GEMS\\CL_GEMS\\SAT_GEMS\\TRF_GEMS\\FILTERED_GEMS\\SP",
    "ImageType": [
        "ORIGINAL",
        "SECONDARY",
        "OTHER"
    ],
    "SeriesNumber": 3,
    "AcquisitionTime": "09:17:43.000000",
    "AcquisitionNumber": 1,
    "SliceThickness": 4,
    "SpacingBetweenSlices": 4,
    "SAR": 0.8345,
    "EchoTime": 0.107,
    "RepetitionTime": 8.802,
    "InversionTime": 2.2,
    "FlipAngle": 90,
    "CoilString": "HNS Head",
    "PercentPhaseFOV": 100,
    "PercentSampling": 100,
    "AcquisitionMatrixPE": 256,
    "ReconMatrixPE": 512,
    "PixelBandwidth": 122.07,
    "PhaseEncodingAxis": "i",
    "ImageOrientationPatientDICOM": [
        0.999474,
        0,
        -0.0324409,
        -0.0162054,
        0.866392,
        -0.499101
    ],
    "InPlanePhaseEncodingDirectionDICOM": "ROW",
    "ConversionSoftware": "dcm2niix",
    "ConversionSoftwareVersion": "v1.0.20230411",
    "Dcm2bidsVersion": "3.0.1"
}