{
	"Modality": "MR",
	"MagneticFieldStrength": 1.5,
	"ImagingFrequency": 63.884248,
	"Manufacturer": "Philips",
	"ManufacturersModelName": "Achieva dStream",
	"InstitutionName": "anonymized",
	"DeviceSerialNumber": "anonymized",
	"StationName": "anonymized",
	"BodyPartExamined": "HEAD",
	"PatientPosition": "HFS",
	"SoftwareVersions": "5.6.1\\5.6.1.2",
	"MRAcquisitionType": "2D",
	"SeriesDescription": "2 FLAIR_longTR",
	"ProtocolName": "2 FLAIR_longTR",
	"ScanningSequence": "IR",
	"SequenceVariant": "SK",
	"ScanOptions": "OTHER",
	"PulseSequenceName": "TIR",
	"ImageType": ["ORIGINAL", "PRIMARY", "M", "IR", "M", "IR"],
	"SeriesNumber": 201,
	"AcquisitionTime": "16:20:1.040000",
	"AcquisitionNumber": 2,
	"PhilipsRWVSlope": 2.94676,
	"PhilipsRWVIntercept": 0,
	"PhilipsRescaleSlope": 2.94676,
	"PhilipsRescaleIntercept": 0,
	"PhilipsScaleSlope": 0.134534,
	"UsePhilipsFloatNotDisplayScaling": 1,
	"SliceThickness": 5,
	"SpacingBetweenSlices": 5.5,
	"SAR": 0.0790003,
	"NumberOfAverages": 2,
	"EchoTime": 0.14,
	"RepetitionTime": 11,
	"MTState": false,
	"InversionTime": 2.8,
	"FlipAngle": 90,
	"CoilString": "MULTI COIL",
	"PercentPhaseFOV": 79.6875,
	"PercentSampling": 80.0995,
	"PhaseEncodingSteps": 186,
	"FrequencyEncodingSteps": 252,
	"PhaseEncodingStepsOutOfPlane": 1,
	"AcquisitionMatrixPE": 186,
	"ReconMatrixPE": 256,
	"ParallelReductionFactorInPlane": 1.4,
	"ParallelAcquisitionTechnique": "SENSE",
	"WaterFatShift": 0.60429,
	"EstimatedEffectiveEchoSpacing": 5.4551e-06,
	"EstimatedTotalReadoutTime": 0.00139105,
	"AcquisitionDuration": 165,
	"PixelBandwidth": 359,
	"PhaseEncodingAxis": "i",
	"ImageOrientationPatientDICOM": [
		0.991673,
		0.117824,
		0.0519873,
		-0.111576,
		0.987644,
		-0.110047	],
	"InPlanePhaseEncodingDirectionDICOM": "ROW",
	"ConversionSoftware": "dcm2niix",
	"ConversionSoftwareVersion": "v1.0.20230411"
}
