{
	"Modality": "MR",
	"MagneticFieldStrength": 1.5,
	"ImagingFrequency": 63.884248,
	"Manufacturer": "Philips",
	"ManufacturersModelName": "Achieva dStream",
	"InstitutionName": "anonymized",
	"DeviceSerialNumber": "anonymized",
	"StationName": "anonymized",
	"BodyPartExamined": "HEAD",
	"PatientPosition": "HFS",
	"SoftwareVersions": "5.6.1\\5.6.1.2",
	"MRAcquisitionType": "3D",
	"SeriesDescription": "TFE KM 1mm cs3.8 KM",
	"ProtocolName": "TFE KM 1mm cs3.8 KM",
	"ScanningSequence": "GR",
	"SequenceVariant": "MP",
	"ScanOptions": "OTHER",
	"PulseSequenceName": "T1TFE",
	"ImageType": ["ORIGINAL", "PRIMARY", "M", "FFE", "M", "FFE"],
	"SeriesNumber": 901,
	"AcquisitionTime": "16:33:47.550000",
	"AcquisitionNumber": 9,
	"PhilipsRWVSlope": 6.4906,
	"PhilipsRWVIntercept": 0,
	"PhilipsRescaleSlope": 6.4906,
	"PhilipsRescaleIntercept": 0,
	"PhilipsScaleSlope": 0.00503081,
	"UsePhilipsFloatNotDisplayScaling": 1,
	"SliceThickness": 1.05,
	"SpacingBetweenSlices": 0.525,
	"SAR": 0.0130833,
	"EchoTime": 0.003473,
	"RepetitionTime": 0.0075957,
	"MTState": false,
	"SpoilingState": true,
	"SpoilingType": "COMBINED",
	"FlipAngle": 8,
	"CoilString": "MULTI COIL",
	"PercentPhaseFOV": 100,
	"PercentSampling": 78.1828,
	"EchoTrainLength": 216,
	"PhaseEncodingSteps": 219,
	"FrequencyEncodingSteps": 220,
	"PhaseEncodingStepsOutOfPlane": 131,
	"AcquisitionMatrixPE": 219,
	"ReconMatrixPE": 480,
	"ParallelReductionFactorOutOfPlane": 1.94936,
	"CompressedSensingFactor": 1.94936,
	"WaterFatShift": 1.00158,
	"EstimatedEffectiveEchoSpacing": 9.58236e-06,
	"EstimatedTotalReadoutTime": 0.00458995,
	"AcquisitionDuration": 118.777,
	"PixelBandwidth": 217,
	"PhaseEncodingAxis": "i",
	"ImageOrientationPatientDICOM": [
		-0.113065,
		0.993516,
		-0.0119639,
		0.0801739,
		-0.00287916,
		-0.996777	],
	"InPlanePhaseEncodingDirectionDICOM": "ROW",
	"ConversionSoftware": "dcm2niix",
	"ConversionSoftwareVersion": "v1.0.20230411"
}
