{
    "Modality": "MR",
    "MagneticFieldStrength": 3,
    "ImagingFrequency": 127.770436,
    "Manufacturer": "Philips",
    "ManufacturersModelName": "Ingenia",
    "InstitutionName": "CENTRO BRAIN IMAGING",
    "InstitutionalDepartmentName": "OSP S.G.BATTISTA MOLINETTE",
    "DeviceSerialNumber": "42287",
    "StationName": "PHILIPS-7A7784D",
    "BodyPartExamined": "HEAD",
    "PatientPosition": "HFS",
    "ProcedureStepDescription": "RM ENC MDC",
    "SoftwareVersions": "4.1.3\\4.1.3.2",
    "MRAcquisitionType": "2D",
    "SeriesDescription": "T2W_TSE_",
    "ProtocolName": "T2W_TSE_ SENSE",
    "ScanningSequence": "SE",
    "SequenceVariant": "SK",
    "ScanOptions": "SP",
    "PulseSequenceName": "TSE",
    "ImageType": [
        "ORIGINAL",
        "PRIMARY",
        "M",
        "SE",
        "M",
        "SE"
    ],
    "SeriesNumber": 401,
    "AcquisitionTime": "15:00:58.930000",
    "AcquisitionNumber": 4,
    "PhilipsRescaleSlope": 1.12064,
    "PhilipsRescaleIntercept": 0,
    "PhilipsScaleSlope": 0.861062,
    "UsePhilipsFloatNotDisplayScaling": 1,
    "SliceThickness": 4,
    "SpacingBetweenSlices": 5,
    "SAR": 0.37302,
    "NumberOfAverages": 3,
    "EchoTime": 0.1,
    "RepetitionTime": 3.59095,
    "MTState": false,
    "FlipAngle": 90,
    "CoilString": "MULTI COIL",
    "PercentPhaseFOV": 80.4878,
    "PercentSampling": 100,
    "PartialFourierDirection": "FREQUENCY",
    "PhaseEncodingSteps": 292,
    "FrequencyEncodingSteps": 328,
    "PhaseEncodingStepsOutOfPlane": 1,
    "AcquisitionMatrixPE": 292,
    "ReconMatrixPE": 432,
    "ParallelReductionFactorInPlane": 1.5,
    "ParallelAcquisitionTechnique": "SENSE",
    "WaterFatShift": 0.78656,
    "EstimatedEffectiveEchoSpacing": 2.10046e-06,
    "EstimatedTotalReadoutTime": 0.0009053,
    "AcquisitionDuration": 179.548,
    "PixelBandwidth": 552,
    "PhaseEncodingAxis": "i",
    "ImageOrientationPatientDICOM": [
        0.999476,
        3.89412e-10,
        0.0323648,
        0.00743431,
        0.973261,
        -0.229583
    ],
    "InPlanePhaseEncodingDirectionDICOM": "ROW",
    "ConversionSoftware": "dcm2niix",
    "ConversionSoftwareVersion": "v1.0.20230411",
    "Dcm2bidsVersion": "3.0.1"
}