{
    "Modality": "MR",
    "MagneticFieldStrength": 1.5,
    "ImagingFrequency": 63.882069,
    "Manufacturer": "Philips",
    "ManufacturersModelName": "Ingenia",
    "InstitutionName": "AZ. OSP. UNIV. POL. G. MARTINO",
    "InstitutionalDepartmentName": "Risonanza",
    "InstitutionAddress": "Via Consolare Valeria 1 98125 Messina",
    "DeviceSerialNumber": "70300",
    "StationName": "PHILIPS-H2QB6KU",
    "PatientPosition": "HFS",
    "ProcedureStepDescription": "Cervello, tronco encefalico RMN, senza e con contrasto",
    "SoftwareVersions": "5.1.7\\5.1.7.2",
    "MRAcquisitionType": "3D",
    "SeriesDescription": "sT1W_3D_ISO",
    "ProtocolName": "sT1W_3D_ISO SENSE",
    "ScanningSequence": "GR",
    "SequenceVariant": "SP",
    "ScanOptions": "OTHER",
    "PulseSequenceName": "T1FFE",
    "ImageType": [
        "ORIGINAL",
        "PRIMARY",
        "M",
        "FFE",
        "M",
        "FFE"
    ],
    "SeriesNumber": 1001,
    "AcquisitionTime": "12:35:54.150000",
    "AcquisitionNumber": 10,
    "PhilipsRWVSlope": 3.94481,
    "PhilipsRWVIntercept": 0,
    "PhilipsRescaleSlope": 3.94481,
    "PhilipsRescaleIntercept": 0,
    "PhilipsScaleSlope": 0.0103113,
    "UsePhilipsFloatNotDisplayScaling": 1,
    "SliceThickness": 1,
    "SpacingBetweenSlices": 1,
    "SAR": 0.0309854,
    "EchoTime": 0.004604,
    "RepetitionTime": 0.025,
    "MTState": false,
    "SpoilingState": true,
    "SpoilingType": "COMBINED",
    "FlipAngle": 30,
    "CoilString": "MULTI COIL",
    "PercentPhaseFOV": 100,
    "PercentSampling": 78.5398,
    "PhaseEncodingSteps": 220,
    "FrequencyEncodingSteps": 220,
    "PhaseEncodingStepsOutOfPlane": 227,
    "AcquisitionMatrixPE": 220,
    "ReconMatrixPE": 256,
    "ParallelReductionFactorInPlane": 2,
    "ParallelAcquisitionTechnique": "SENSE",
    "ParallelReductionFactorOutOfPlane": 2,
    "WaterFatShift": 1.18886,
    "EstimatedEffectiveEchoSpacing": 1.07325e-05,
    "EstimatedTotalReadoutTime": 0.0027368,
    "AcquisitionDuration": 341.2,
    "PixelBandwidth": 183,
    "ImageOrientationPatientDICOM": [
        0,
        1,
        0,
        0,
        0,
        -1
    ],
    "InPlanePhaseEncodingDirectionDICOM": "ROW",
    "ConversionSoftware": "dcm2niix",
    "ConversionSoftwareVersion": "v1.0.20230411",
    "Dcm2bidsVersion": "3.0.1"
}