{
    "Modality": "MR",
    "MagneticFieldStrength": 3,
    "ImagingFrequency": 123.249812,
    "Manufacturer": "Siemens",
    "ManufacturersModelName": "MAGNETOM Vida",
    "InstitutionName": "anonymized",
    "DeviceSerialNumber": "anonymized",
    "StationName": "anonymized",
    "BodyPartExamined": "HEAD",
    "PatientPosition": "HFS",
    "SoftwareVersions": "syngo MR XA20",
    "MRAcquisitionType": "2D",
    "SeriesDescription": "t1_fl2d_sag_4mm",
    "ProtocolName": "t1_fl2d_sag_4mm",
    "ScanningSequence": "GR",
    "SequenceVariant": "SK",
    "ScanOptions": "CG\\RG\\PER",
    "SequenceName": "*fl2d1",
    "ImageType": [
        "ORIGINAL",
        "PRIMARY",
        "M",
        "NORM",
        "DIS2D",
        "MFSPLIT"
    ],
    "ImageTypeText": [
        "ORIGINAL",
        "PRIMARY",
        "M",
        "NONE"
    ],
    "NonlinearGradientCorrection": true,
    "SeriesNumber": 9001,
    "AcquisitionTime": "07:41:33.912500",
    "AcquisitionNumber": 1,
    "SliceThickness": 4,
    "SpacingBetweenSlices": 4.4,
    "SAR": 0.599213,
    "EchoTime": 0.00261,
    "RepetitionTime": 0.24,
    "FlipAngle": 70,
    "PartialFourier": 1,
    "BaseResolution": 448,
    "ShimSetting": [
        -3968,
        -5396,
        -9385,
        36,
        -217,
        -84,
        40,
        64
    ],
    "TxRefAmp": 386.33,
    "PhaseResolution": 0.8,
    "PhaseOversampling": 0.4,
    "ReceiveCoilName": "HeadNeck_20_TCS",
    "ReceiveCoilActiveElements": "HE1-4",
    "CoilString": "HeadNeck_20_TCS",
    "PulseSequenceDetails": "%SiemensSeq%\\gre",
    "CoilCombinationMethod": "Adaptive Combine",
    "MatrixCoilMode": "SENSE",
    "PercentPhaseFOV": 100,
    "PercentSampling": 80,
    "PhaseEncodingSteps": 358,
    "AcquisitionMatrixPE": 358,
    "ReconMatrixPE": 448,
    "PixelBandwidth": 372,
    "DwellTime": 3e-06,
    "PhaseEncodingDirection": "i",
    "SliceTiming": [
        0,
        0.125,
        0.0075,
        0.1325,
        0.015,
        0.14,
        0.0225,
        0.1475,
        0.03,
        0.1525,
        0.0375,
        0.16,
        0.045,
        0.1675,
        0.0525,
        0.175,
        0.06,
        0.1825,
        0.0675,
        0.19,
        0.075,
        0.1975,
        0.08,
        0.205,
        0.0875,
        0.2125,
        0.095,
        0.22,
        0.1025,
        0.2275,
        0.11,
        0.2325,
        0.1175
    ],
    "ImageOrientationPatientDICOM": [
        0.0911291,
        0.995839,
        4.40961e-08,
        0.00163089,
        -0.000149198,
        -0.999999
    ],
    "InPlanePhaseEncodingDirectionDICOM": "ROW",
    "ConversionSoftware": "dcm2niix",
    "ConversionSoftwareVersion": "v1.0.20230411",
    "Dcm2bidsVersion": "3.0.1"
}