{
    "Modality": "MR",
    "MagneticFieldStrength": 1.5,
    "ImagingFrequency": 63.61352,
    "Manufacturer": "Siemens",
    "ManufacturersModelName": "Espree",
    "InstitutionName": "anonymized",
    "DeviceSerialNumber": "anonymized",
    "StationName": "anonymized",
    "PatientPosition": "HFS",
    "SoftwareVersions": "syngo MR B19",
    "MRAcquisitionType": "2D",
    "SeriesDescription": "t2_flair_FS_tra",
    "ProtocolName": "t2_flair_FS_tra",
    "ScanningSequence": "SE\\IR",
    "SequenceVariant": "SK\\SP\\MP\\OSP",
    "ScanOptions": "IR\\SAT1\\FS",
    "SequenceName": "*tir2d1_21",
    "ImageType": [
        "ORIGINAL",
        "PRIMARY",
        "M",
        "NORM",
        "DIS2D",
        "SH",
        "FIL"
    ],
    "NonlinearGradientCorrection": true,
    "SeriesNumber": 19,
    "AcquisitionTime": "15:24:42.595000",
    "AcquisitionNumber": 1,
    "SliceThickness": 5,
    "SpacingBetweenSlices": 6,
    "SAR": 0.0976289,
    "EchoTime": 0.104,
    "RepetitionTime": 9,
    "SpoilingState": true,
    "InversionTime": 2.5,
    "FlipAngle": 150,
    "PartialFourier": 1,
    "BaseResolution": 384,
    "ShimSetting": [
        -3701,
        -6557,
        4550,
        264,
        456,
        5,
        600,
        428
    ],
    "TxRefAmp": 353.381,
    "PhaseResolution": 0.65,
    "ReceiveCoilName": "HeadMatrix",
    "CoilString": "d:HE1-4",
    "PulseSequenceDetails": "%SiemensSeq%\\tse",
    "CoilCombinationMethod": "Adaptive Combine",
    "MatrixCoilMode": "SENSE",
    "PercentPhaseFOV": 75,
    "PercentSampling": 65,
    "EchoTrainLength": 21,
    "PhaseEncodingSteps": 189,
    "AcquisitionMatrixPE": 187,
    "ReconMatrixPE": 288,
    "PixelBandwidth": 150,
    "DwellTime": 8.7e-06,
    "PhaseEncodingDirection": "i",
    "SliceTiming": [
        0,
        90.3594,
        0.3125,
        90.6719,
        0.60938,
        90.9688,
        0.92188,
        91.2812,
        1.23438,
        91.5938,
        1.53125,
        91.9062,
        1.84375,
        92.2031,
        2.15625,
        92.5156,
        2.45312,
        92.8125,
        2.76562,
        93.125,
        3.07812,
        93.4375,
        3.375
    ],
    "ImageOrientationPatientDICOM": [
        0.999123,
        0.0413938,
        -0.00633415,
        -0.0418757,
        0.987627,
        -0.151128
    ],
    "ImageOrientationText": "Tra>Cor(-8.7)",
    "InPlanePhaseEncodingDirectionDICOM": "ROW",
    "ConversionSoftware": "dcm2niix",
    "ConversionSoftwareVersion": "v1.0.20230411",
    "Dcm2bidsVersion": "3.0.1"
}