{
    "Modality": "MR",
    "MagneticFieldStrength": 1.5,
    "ImagingFrequency": 63.873802,
    "Manufacturer": "Philips",
    "ManufacturersModelName": "Achieva",
    "InstitutionName": "+",
    "InstitutionalDepartmentName": "Radiologia",
    "DeviceSerialNumber": "32331",
    "StationName": "MRACHIEVA",
    "BodyPartExamined": "BRAIN",
    "PatientPosition": "HFS",
    "ProcedureStepDescription": "RM CERVELLO E TRONCO ENCEFALICO S+MDC",
    "SoftwareVersions": "3.2.3\\3.2.3.4",
    "MRAcquisitionType": "2D",
    "SeriesDescription": "T1W_SE",
    "ProtocolName": "T1W_SE CLEAR",
    "ScanningSequence": "SE",
    "SequenceVariant": "SS",
    "ScanOptions": "OTHER",
    "PulseSequenceName": "SE",
    "ImageType": [
        "ORIGINAL",
        "SECONDARY",
        "M",
        "SE",
        "M",
        "SE"
    ],
    "SeriesNumber": 301,
    "AcquisitionTime": "16:00:54.710000",
    "AcquisitionNumber": 3,
    "PhilipsRWVSlope": 1.85128,
    "PhilipsRWVIntercept": 0,
    "SliceThickness": 5,
    "SpacingBetweenSlices": 6,
    "SAR": 1.6471,
    "NumberOfAverages": 2,
    "EchoTime": 0.015,
    "RepetitionTime": 0.596554,
    "MTState": false,
    "FlipAngle": 69,
    "CoilString": "SENSE-Head-8",
    "PercentPhaseFOV": 96.1538,
    "PercentSampling": 80,
    "PartialFourierDirection": "FREQUENCY",
    "PhaseEncodingSteps": 166,
    "FrequencyEncodingSteps": 208,
    "PhaseEncodingStepsOutOfPlane": 1,
    "AcquisitionMatrixPE": 166,
    "ReconMatrixPE": 256,
    "AcquisitionDuration": 192.687,
    "PixelBandwidth": 109,
    "PhaseEncodingAxis": "i",
    "ImageOrientationPatientDICOM": [
        -0.0341993,
        0.999415,
        0.000501845,
        -0.0146726,
        1.82479e-25,
        -0.999892
    ],
    "InPlanePhaseEncodingDirectionDICOM": "ROW",
    "ConversionSoftware": "dcm2niix",
    "ConversionSoftwareVersion": "v1.0.20230411",
    "Dcm2bidsVersion": "3.0.1"
}