{
    "Modality": "MR",
    "MagneticFieldStrength": 1.5,
    "ImagingFrequency": 63.880649,
    "Manufacturer": "GE",
    "ManufacturersModelName": "Signa HDxt",
    "InstitutionName": "Hospital Joan XXIII",
    "DeviceSerialNumber": "00000000MEX70902",
    "StationName": "MR-01",
    "PatientPosition": "HFS",
    "ProcedureStepDescription": "RM cerebral multiparam\u00e8trica ( cerebral+",
    "SoftwareVersions": "24\\LX\\MR Software release:HD16.0_V03_1638.a",
    "MRAcquisitionType": "2D",
    "SeriesDescription": "AX FRFSE T2",
    "ProtocolName": "CRANI MULTIP/5",
    "ScanningSequence": "SE",
    "SequenceVariant": "SK",
    "ScanOptions": "FAST_GEMS\\FC_SLICE_AX_GEMS\\FC\\SAT_GEMS\\TRF_GEMS\\FILTERED_GEMS\\ACC_GEMS\\SP",
    "PulseSequenceName": "frfseopt",
    "ImageType": [
        "ORIGINAL",
        "PRIMARY",
        "OTHER"
    ],
    "SeriesNumber": 5,
    "AcquisitionTime": "08:32:53.000000",
    "AcquisitionNumber": 1,
    "SliceThickness": 5,
    "SpacingBetweenSlices": 6.5,
    "SAR": 0.9392,
    "NumberOfAverages": 2,
    "EchoTime": 0.105472,
    "RepetitionTime": 5.24,
    "FlipAngle": 90,
    "ShimSetting": [
        0,
        2,
        -13
    ],
    "PrescanReuseString": "TG/s1,CF/s3,AS/s3",
    "CoilString": "8NVHEAD_A",
    "NumberOfExcitations": 2,
    "PercentPhaseFOV": 85,
    "PercentSampling": 100,
    "EchoTrainLength": 17,
    "AcquisitionMatrixPE": 512,
    "ReconMatrixPE": 512,
    "ParallelReductionFactorInPlane": 2,
    "PixelBandwidth": 122.07,
    "PhaseEncodingAxis": "i",
    "ImageOrientationPatientDICOM": [
        0.997525,
        0.0569779,
        -0.0411999,
        -0.066957,
        0.948414,
        -0.309882
    ],
    "InPlanePhaseEncodingDirectionDICOM": "ROW",
    "ConversionSoftware": "dcm2niix",
    "ConversionSoftwareVersion": "v1.0.20230411",
    "Dcm2bidsVersion": "3.0.1"
}