{
    "Modality": "MR",
    "MagneticFieldStrength": 3,
    "ImagingFrequency": 123.249822,
    "Manufacturer": "Siemens",
    "ManufacturersModelName": "MAGNETOM Vida",
    "InstitutionName": "anonymized",
    "DeviceSerialNumber": "anonymized",
    "StationName": "anonymized",
    "BodyPartExamined": "HEAD",
    "PatientPosition": "HFS",
    "SoftwareVersions": "syngo MR XA20",
    "MRAcquisitionType": "2D",
    "SeriesDescription": "t2_tse_tra_4mm",
    "ProtocolName": "t2_tse_tra_4mm",
    "ScanningSequence": "SE",
    "SequenceVariant": "SP\\SK",
    "ScanOptions": "PER",
    "SequenceName": "*tse2d1_12",
    "ImageType": [
        "ORIGINAL",
        "PRIMARY",
        "M",
        "NORM",
        "DIS2D",
        "MFSPLIT"
    ],
    "ImageTypeText": [
        "ORIGINAL",
        "PRIMARY",
        "M",
        "NONE"
    ],
    "NonlinearGradientCorrection": true,
    "SeriesNumber": 8001,
    "AcquisitionTime": "18:44:40.205000",
    "AcquisitionNumber": 1,
    "SliceThickness": 4,
    "SpacingBetweenSlices": 4.4,
    "SAR": 0.704219,
    "EchoTime": 0.077,
    "RepetitionTime": 4.82,
    "FlipAngle": 160,
    "PartialFourier": 1,
    "BaseResolution": 512,
    "ShimSetting": [
        -3968,
        -5396,
        -9385,
        36,
        -217,
        -84,
        40,
        64
    ],
    "TxRefAmp": 397.213,
    "PhaseResolution": 0.7,
    "ReceiveCoilName": "HeadNeck_20_TCS",
    "ReceiveCoilActiveElements": "HE1-4;NE2",
    "CoilString": "HeadNeck_20_TCS",
    "PulseSequenceDetails": "%SiemensSeq%\\tse",
    "CoilCombinationMethod": "Adaptive Combine",
    "MatrixCoilMode": "SENSE",
    "PercentPhaseFOV": 81.25,
    "PercentSampling": 70,
    "EchoTrainLength": 12,
    "PhaseEncodingSteps": 291,
    "AcquisitionMatrixPE": 291,
    "ReconMatrixPE": 416,
    "PixelBandwidth": 250,
    "DwellTime": 3.9e-06,
    "PhaseEncodingDirection": "i",
    "SliceTiming": [
        2.41,
        0,
        2.55,
        0.14,
        2.6925,
        0.2825,
        2.835,
        0.425,
        2.975,
        0.565,
        3.1175,
        0.7075,
        3.26,
        0.85,
        3.4025,
        0.9925,
        3.5425,
        1.1325,
        3.685,
        1.275,
        3.8275,
        1.4175,
        3.9675,
        1.5575,
        4.11,
        1.7,
        4.2525,
        1.8425,
        4.3925,
        1.9825,
        4.535,
        2.125,
        4.6775,
        2.2675
    ],
    "ImageOrientationPatientDICOM": [
        0.998148,
        -0.0477901,
        -0.0376478,
        0.0407877,
        0.984818,
        -0.168732
    ],
    "InPlanePhaseEncodingDirectionDICOM": "ROW",
    "ConversionSoftware": "dcm2niix",
    "ConversionSoftwareVersion": "v1.0.20230411",
    "Dcm2bidsVersion": "3.0.1"
}