{
    "Modality": "MR",
    "MagneticFieldStrength": 3,
    "ImagingFrequency": 123.256296,
    "Manufacturer": "Siemens",
    "ManufacturersModelName": "Spectra",
    "InstitutionName": "+",
    "InstitutionalDepartmentName": "Department",
    "InstitutionAddress": "Via Montecatone 37,Imola,District,IT,40026",
    "DeviceSerialNumber": "156140",
    "StationName": "AWP156140",
    "BodyPartExamined": "BRAIN",
    "PatientPosition": "HFS",
    "ProcedureStepDescription": "RM ENCEFALO SENZA E CON MDC",
    "SoftwareVersions": "syngo MR E11",
    "MRAcquisitionType": "3D",
    "SeriesDescription": "t2_FLAIR3D_iso",
    "ProtocolName": "t2_FLAIR3D_iso",
    "ScanningSequence": "SE\\IR",
    "SequenceVariant": "SK\\SP\\MP\\OSP",
    "ScanOptions": "IR\\PFP",
    "SequenceName": "*spcir_300ns",
    "ImageType": [
        "ORIGINAL",
        "SECONDARY",
        "M",
        "ND",
        "NORM"
    ],
    "NonlinearGradientCorrection": false,
    "SeriesNumber": 13,
    "AcquisitionTime": "08:44:37.865000",
    "AcquisitionNumber": 1,
    "SliceThickness": 1,
    "SAR": 0.103403,
    "NumberOfAverages": 2,
    "EchoTime": 0.404,
    "RepetitionTime": 6,
    "SpoilingState": true,
    "InversionTime": 2.02,
    "FlipAngle": 120,
    "VariableFlipAngleFlag": true,
    "PercentPhaseFOV": 87.5,
    "PercentSampling": 90,
    "EchoTrainLength": 253,
    "PhaseEncodingSteps": 173,
    "AcquisitionMatrixPE": 202,
    "ReconMatrixPE": 224,
    "PixelBandwidth": 630,
    "PhaseEncodingAxis": "i",
    "ImageOrientationPatientDICOM": [
        -0.0594301,
        0.995502,
        0.0737891,
        0.0583407,
        0.0772572,
        -0.995303
    ],
    "InPlanePhaseEncodingDirectionDICOM": "ROW",
    "ConversionSoftware": "dcm2niix",
    "ConversionSoftwareVersion": "v1.0.20230411",
    "Dcm2bidsVersion": "3.0.1"
}