{
    "Modality": "MR",
    "MagneticFieldStrength": 1.5,
    "ImagingFrequency": 63.882095,
    "Manufacturer": "Philips",
    "ManufacturersModelName": "Achieva",
    "InstitutionName": "+",
    "InstitutionalDepartmentName": "Radiologia",
    "DeviceSerialNumber": "32746",
    "StationName": "PHILIPS-MR",
    "BodyPartExamined": "BRAIN",
    "PatientPosition": "HFS",
    "ProcedureStepDescription": "RM ENCEFALO SMDC",
    "SoftwareVersions": "3.2.3\\3.2.3.4",
    "MRAcquisitionType": "2D",
    "SeriesDescription": "T2W_TSE",
    "ProtocolName": "T2W_TSE CLEAR",
    "ScanningSequence": "SE",
    "SequenceVariant": "SK",
    "ScanOptions": "OTHER",
    "PulseSequenceName": "TSE",
    "ImageType": [
        "ORIGINAL",
        "SECONDARY",
        "M",
        "SE",
        "M",
        "SE"
    ],
    "SeriesNumber": 401,
    "AcquisitionTime": "18:30:38.760000",
    "AcquisitionNumber": 4,
    "PhilipsRWVSlope": 3.92869,
    "PhilipsRWVIntercept": 0,
    "SliceThickness": 4.5,
    "SpacingBetweenSlices": 5.5,
    "SAR": 1.41608,
    "NumberOfAverages": 3,
    "EchoTime": 0.1,
    "RepetitionTime": 5.45311,
    "MTState": false,
    "FlipAngle": 90,
    "CoilString": "SENSE-Head-8",
    "PercentPhaseFOV": 76,
    "PercentSampling": 79.9342,
    "PartialFourierDirection": "FREQUENCY",
    "PhaseEncodingSteps": 316,
    "FrequencyEncodingSteps": 400,
    "PhaseEncodingStepsOutOfPlane": 1,
    "AcquisitionMatrixPE": 316,
    "ReconMatrixPE": 560,
    "AcquisitionDuration": 267.203,
    "PixelBandwidth": 146,
    "PhaseEncodingAxis": "i",
    "ImageOrientationPatientDICOM": [
        0.97523,
        0.212481,
        -0.0614757,
        -0.216608,
        0.973688,
        -0.0707991
    ],
    "InPlanePhaseEncodingDirectionDICOM": "ROW",
    "ConversionSoftware": "dcm2niix",
    "ConversionSoftwareVersion": "v1.0.20230411",
    "Dcm2bidsVersion": "3.0.1"
}