{
    "Modality": "MR",
    "MagneticFieldStrength": 3,
    "ImagingFrequency": 123.226731,
    "Manufacturer": "Siemens",
    "ManufacturersModelName": "Skyra",
    "InstitutionName": "+",
    "InstitutionalDepartmentName": "Department",
    "InstitutionAddress": "Via Altura 3 3,Bologna,District,IT,40139",
    "DeviceSerialNumber": "145039",
    "StationName": "AWP145039",
    "BodyPartExamined": "HEAD",
    "PatientPosition": "HFS",
    "ProcedureStepDescription": "RM ENCEFALO CON MDC",
    "SoftwareVersions": "syngo MR E11",
    "MRAcquisitionType": "2D",
    "SeriesDescription": "t2_blade_dark-fluid_tra_p2",
    "ProtocolName": "t2_blade_dark-fluid_tra_p2",
    "ScanningSequence": "SE\\IR",
    "SequenceVariant": "SK\\SP\\MP\\OSP",
    "ScanOptions": "IR\\SAT1\\FS",
    "SequenceName": "*tirB2d1_28",
    "ImageType": [
        "ORIGINAL",
        "SECONDARY",
        "M",
        "ND",
        "NORM"
    ],
    "NonlinearGradientCorrection": false,
    "SeriesNumber": 19,
    "AcquisitionTime": "18:31:24.545000",
    "AcquisitionNumber": 1,
    "SliceThickness": 4,
    "SpacingBetweenSlices": 4.48,
    "SAR": 0.393836,
    "EchoTime": 0.133,
    "RepetitionTime": 9,
    "SpoilingState": true,
    "InversionTime": 2.5,
    "FlipAngle": 150,
    "PartialFourier": 0.109375,
    "PercentPhaseFOV": 100,
    "PercentSampling": 100,
    "EchoTrainLength": 28,
    "PhaseEncodingSteps": 256,
    "AcquisitionMatrixPE": 256,
    "ReconMatrixPE": 256,
    "PixelBandwidth": 360,
    "PhaseEncodingAxis": "i",
    "SliceTiming": [
        0,
        77,
        0.29688,
        77.2969,
        0.60938,
        77.6094,
        0.92188,
        77.9219,
        1.21875,
        78.2188,
        1.53125,
        78.5312,
        1.82812,
        78.8281,
        2.14062,
        79.1406,
        2.4375,
        79.4375,
        2.75,
        79.75,
        3.0625,
        80.0625,
        3.35938,
        80.3594,
        3.67188,
        80.6719,
        3.96875,
        80.9688,
        4.28125,
        81.2812,
        4.57812,
        81.5781,
        4.89062
    ],
    "ImageOrientationPatientDICOM": [
        0.993953,
        -0.109626,
        0.00633796,
        0.109733,
        0.989481,
        -0.094262
    ],
    "InPlanePhaseEncodingDirectionDICOM": "ROW",
    "ConversionSoftware": "dcm2niix",
    "ConversionSoftwareVersion": "v1.0.20230411",
    "Dcm2bidsVersion": "3.0.1"
}