{
	"Modality": "MR",
	"MagneticFieldStrength": 3,
	"ImagingFrequency": 123.248634,
	"Manufacturer": "Siemens",
	"ManufacturersModelName": "MAGNETOM Vida",
	"InstitutionName": "anonymized",
	"DeviceSerialNumber": "anonymized",
	"StationName": "anonymized",
	"PatientPosition": "HFS",
	"SoftwareVersions": "syngo MR XA60\\MAGNETOM Vida syngo MR XA60",
	"MRAcquisitionType": "3D",
	"SeriesDescription": "t1_mprage_sag_1mm_iso_MPR_MPR cor",
	"ProtocolName": "t1_mprage_sag_1mm_iso",
	"ScanningSequence": "GR",
	"SequenceVariant": "SK",
	"ScanOptions": "PER",
	"ImageType": ["DERIVED", "PRIMARY", "M", "NONE", "PARALLEL", "DIS2D", "MFSPLIT"],
	"ImageTypeText": ["DERIVED", "SECONDARY", "M", "NONE"],
	"NonlinearGradientCorrection": true,
	"RawImage": false,
	"SeriesNumber": 19001,
	"AcquisitionTime": "16:28:19.266430",
	"AcquisitionNumber": 1,
	"SliceThickness": 2,
	"SAR": 0.0825592,
	"EchoTime": 0.00221,
	"RepetitionTime": 2.3,
	"FlipAngle": 8,
	"CoilString": "HeadNeck_20_TCS",
	"ReconMatrixPE": 256,
	"PixelBandwidth": 199,
	"ImageOrientationPatientDICOM": [
		0.987188,
		-0.117461,
		0.107993,
		0.143008,
		0.351144,
		-0.925336	],
	"ConversionSoftware": "dcm2niix",
	"ConversionSoftwareVersion": "v1.0.20230411"
}
