{
    "Modality": "MR",
    "MagneticFieldStrength": 1.5,
    "ImagingFrequency": 63.688077,
    "Manufacturer": "Siemens",
    "ManufacturersModelName": "Aera",
    "InstitutionName": "Ospedale Bellaria - Neuroradiologia",
    "InstitutionalDepartmentName": "Department",
    "InstitutionAddress": "Via Altura 3,Bologna,District,IT,40139",
    "DeviceSerialNumber": "141067",
    "StationName": "NR-RM15-DICOM",
    "BodyPartExamined": "HEAD",
    "PatientPosition": "HFS",
    "ProcedureStepDescription": "RM ENCEFALO CON MDC",
    "SoftwareVersions": "syngo MR E11",
    "MRAcquisitionType": "3D",
    "SeriesDescription": "t2_space 3D_dark-fluid_sag_iso",
    "ProtocolName": "t2_space 3D_dark-fluid_sag_iso",
    "ScanningSequence": "SE\\IR",
    "SequenceVariant": "SK\\SP\\MP\\OSP",
    "ScanOptions": "IR\\PFP\\FS",
    "SequenceName": "*spcir_274ns",
    "ImageType": [
        "ORIGINAL",
        "SECONDARY",
        "M",
        "ND",
        "NORM"
    ],
    "NonlinearGradientCorrection": false,
    "SeriesNumber": 8,
    "AcquisitionTime": "18:37:29.937500",
    "AcquisitionNumber": 1,
    "SliceThickness": 1,
    "SAR": 0.0340828,
    "EchoTime": 0.335,
    "RepetitionTime": 5,
    "SpoilingState": true,
    "InversionTime": 1.8,
    "FlipAngle": 120,
    "VariableFlipAngleFlag": true,
    "PercentPhaseFOV": 100,
    "PercentSampling": 98,
    "EchoTrainLength": 230,
    "PhaseEncodingSteps": 207,
    "AcquisitionMatrixPE": 251,
    "ReconMatrixPE": 512,
    "PixelBandwidth": 590,
    "PhaseEncodingAxis": "i",
    "ImageOrientationPatientDICOM": [
        0.170972,
        0.985276,
        -4.82893e-08,
        0.0864603,
        -0.0150032,
        -0.996142
    ],
    "InPlanePhaseEncodingDirectionDICOM": "ROW",
    "ConversionSoftware": "dcm2niix",
    "ConversionSoftwareVersion": "v1.0.20230411",
    "Dcm2bidsVersion": "3.0.1"
}