{
    "Modality": "MR",
    "MagneticFieldStrength": 3,
    "ImagingFrequency": 127.777368,
    "Manufacturer": "Philips",
    "ManufacturersModelName": "Ingenia",
    "InstitutionName": "Novosib Neurosurgery Center",
    "InstitutionalDepartmentName": "MRI",
    "InstitutionAddress": "Nemirovicha-Danchenko 132",
    "DeviceSerialNumber": "85054",
    "StationName": "PHILIPS-F7TK6PR",
    "BodyPartExamined": "BRAIN",
    "PatientPosition": "HFS",
    "ProcedureStepDescription": "BRAIN+CE",
    "SoftwareVersions": "5.4.1\\5.4.1.3",
    "MRAcquisitionType": "3D",
    "SeriesDescription": "sT1W_3D",
    "ProtocolName": "sT1W_3D",
    "ScanningSequence": "GR",
    "SequenceVariant": "MP",
    "ScanOptions": "PFP",
    "PulseSequenceName": "T1TFE",
    "ImageType": [
        "ORIGINAL",
        "PRIMARY",
        "M",
        "FFE",
        "M",
        "FFE"
    ],
    "SeriesNumber": 601,
    "AcquisitionTime": "18:33:38.190000",
    "AcquisitionNumber": 6,
    "PhilipsRWVSlope": 3.58217,
    "PhilipsRWVIntercept": 0,
    "PhilipsRescaleSlope": 3.58217,
    "PhilipsRescaleIntercept": 0,
    "PhilipsScaleSlope": 0.0149144,
    "UsePhilipsFloatNotDisplayScaling": 1,
    "SliceThickness": 1,
    "SpacingBetweenSlices": 1,
    "SAR": 0.0231826,
    "EchoTime": 0.003062,
    "RepetitionTime": 0.0067865,
    "MTState": false,
    "SpoilingState": true,
    "SpoilingType": "COMBINED",
    "FlipAngle": 8,
    "CoilString": "MULTI COIL",
    "PercentPhaseFOV": 100,
    "PercentSampling": 100,
    "EchoTrainLength": 204,
    "PartialFourierDirection": "PHASE",
    "PartialFourierEnabled": "YES",
    "PhaseEncodingStepsNoPartialFourier": 240,
    "FrequencyEncodingSteps": 240,
    "PhaseEncodingStepsOutOfPlane": 192,
    "AcquisitionMatrixPE": 240,
    "ReconMatrixPE": 512,
    "ParallelAcquisitionTechnique": "SENSE",
    "ParallelReductionFactorOutOfPlane": 2.2,
    "WaterFatShift": 1.60153,
    "EstimatedEffectiveEchoSpacing": 7.1789e-06,
    "EstimatedTotalReadoutTime": 0.00366842,
    "AcquisitionDuration": 370.882,
    "PixelBandwidth": 271,
    "PhaseEncodingAxis": "j",
    "ImageOrientationPatientDICOM": [
        0.992238,
        -0.0709529,
        0.102127,
        0.0825294,
        0.990047,
        -0.113996
    ],
    "InPlanePhaseEncodingDirectionDICOM": "COL",
    "ConversionSoftware": "dcm2niix",
    "ConversionSoftwareVersion": "v1.0.20230411",
    "Dcm2bidsVersion": "3.0.1"
}