{
    "Modality": "MR",
    "MagneticFieldStrength": 1.5,
    "ImagingFrequency": 63.687717,
    "Manufacturer": "Siemens",
    "ManufacturersModelName": "Aera",
    "InstitutionName": "+",
    "InstitutionAddress": "Via Altura 3,Bologna,District,IT,40139",
    "DeviceSerialNumber": "141067",
    "StationName": "NR-RM15-DICOM",
    "BodyPartExamined": "HEAD",
    "PatientPosition": "HFS",
    "ProcedureStepDescription": "RM ENCEFALO CON MDC",
    "SoftwareVersions": "syngo MR E11",
    "MRAcquisitionType": "2D",
    "SeriesDescription": "t2_tse_tra",
    "ProtocolName": "t2_tse_tra",
    "ScanningSequence": "SE",
    "SequenceVariant": "SK\\SP\\OSP",
    "SequenceName": "*tse2d1_20",
    "ImageType": [
        "ORIGINAL",
        "SECONDARY",
        "M",
        "ND",
        "NORM"
    ],
    "NonlinearGradientCorrection": false,
    "SeriesNumber": 11,
    "AcquisitionTime": "09:57:6.195000",
    "AcquisitionNumber": 1,
    "SliceThickness": 4,
    "SpacingBetweenSlices": 4,
    "SAR": 0.374228,
    "EchoTime": 0.098,
    "RepetitionTime": 4,
    "SpoilingState": true,
    "FlipAngle": 150,
    "PartialFourier": 0.08,
    "PercentPhaseFOV": 78.125,
    "PercentSampling": 100,
    "EchoTrainLength": 20,
    "PhaseEncodingSteps": 260,
    "AcquisitionMatrixPE": 250,
    "ReconMatrixPE": 252,
    "PixelBandwidth": 190,
    "PhaseEncodingAxis": "i",
    "SliceTiming": [
        56,
        0,
        56.2188,
        0.21875,
        56.4453,
        0.44531,
        56.6641,
        0.66406,
        56.8906,
        0.89062,
        57.1094,
        1.10938,
        57.3359,
        1.33594,
        57.5547,
        1.55469,
        57.7734,
        1.77344,
        58,
        2,
        58.2188,
        2.21875,
        58.4453,
        2.44531,
        58.6641,
        2.66406,
        58.8906,
        2.89062,
        59.1094,
        3.10938,
        59.3359,
        3.33594,
        59.5547,
        3.55469,
        59.7734,
        3.77344
    ],
    "ImageOrientationPatientDICOM": [
        0.999703,
        0.0221581,
        -0.0101001,
        -0.0226864,
        0.998195,
        -0.0556019
    ],
    "InPlanePhaseEncodingDirectionDICOM": "ROW",
    "ConversionSoftware": "dcm2niix",
    "ConversionSoftwareVersion": "v1.0.20230411",
    "Dcm2bidsVersion": "3.0.1"
}