{
    "Modality": "MR",
    "MagneticFieldStrength": 1.5,
    "ImagingFrequency": 63.650066,
    "Manufacturer": "Siemens",
    "ManufacturersModelName": "Avanto",
    "InstitutionName": "anonymized",
    "DeviceSerialNumber": "anonymized",
    "StationName": "anonymized",
    "PatientPosition": "HFS",
    "SoftwareVersions": "syngo MR B19",
    "MRAcquisitionType": "2D",
    "SeriesDescription": "t2_flair_fs_tra",
    "ProtocolName": "t2_flair_fs_tra",
    "ScanningSequence": "SE\\IR",
    "SequenceVariant": "SK\\SP\\MP\\OSP",
    "ScanOptions": "IR\\SAT1\\FS",
    "SequenceName": "*tir2d1_21",
    "ImageType": [
        "ORIGINAL",
        "PRIMARY",
        "M",
        "ND"
    ],
    "NonlinearGradientCorrection": false,
    "SeriesNumber": 10,
    "AcquisitionTime": "07:58:58.245000",
    "AcquisitionNumber": 1,
    "SliceThickness": 5,
    "SpacingBetweenSlices": 6,
    "SAR": 0.175157,
    "EchoTime": 0.122,
    "RepetitionTime": 9,
    "SpoilingState": true,
    "InversionTime": 2.5,
    "FlipAngle": 150,
    "PartialFourier": 1,
    "Interpolation2D": 1,
    "BaseResolution": 256,
    "ShimSetting": [
        -96,
        -159,
        298,
        696,
        -280,
        -360,
        -342,
        -93
    ],
    "TxRefAmp": 219.033,
    "PhaseResolution": 0.9,
    "ReceiveCoilName": "HeadMatrix",
    "CoilString": "C:HE1-4",
    "PulseSequenceDetails": "%SiemensSeq%\\tse",
    "CoilCombinationMethod": "Adaptive Combine",
    "MatrixCoilMode": "SENSE",
    "PercentPhaseFOV": 87.5,
    "PercentSampling": 90,
    "EchoTrainLength": 21,
    "PhaseEncodingSteps": 210,
    "AcquisitionMatrixPE": 202,
    "ReconMatrixPE": 448,
    "PixelBandwidth": 181,
    "DwellTime": 1.08e-05,
    "PhaseEncodingDirection": "i",
    "SliceTiming": [
        0,
        99.3984,
        0.27344,
        99.6719,
        0.54688,
        99.9453,
        0.82031,
        60.2188,
        1.09375,
        60.4922,
        1.36719,
        60.7656,
        1.64062,
        61.0391,
        1.91406,
        61.3125,
        2.1875,
        61.5859,
        2.46094,
        61.8594,
        2.73438,
        62.1328,
        3.00781,
        62.4062,
        3.28125,
        62.6797
    ],
    "ImageOrientationPatientDICOM": [
        1,
        -2.02049e-10,
        3.5263e-11,
        2.05103e-10,
        0.985109,
        -0.171929
    ],
    "ImageOrientationText": "Tra>Cor(-9.9)",
    "InPlanePhaseEncodingDirectionDICOM": "ROW",
    "ConversionSoftware": "dcm2niix",
    "ConversionSoftwareVersion": "v1.0.20230411",
    "Dcm2bidsVersion": "3.0.1"
}