{
    "Modality": "MR",
    "MagneticFieldStrength": 1.5,
    "ImagingFrequency": 63.882095,
    "Manufacturer": "Philips",
    "ManufacturersModelName": "Achieva",
    "InstitutionName": "+",
    "InstitutionalDepartmentName": "Radiologia",
    "DeviceSerialNumber": "32746",
    "StationName": "PHILIPS-MR",
    "BodyPartExamined": "BRAIN",
    "PatientPosition": "HFS",
    "ProcedureStepDescription": "RM ENCEFALO SMDC",
    "SoftwareVersions": "3.2.3\\3.2.3.4",
    "MRAcquisitionType": "3D",
    "SeriesDescription": "sT1W_3D_TFE",
    "ProtocolName": "sT1W_3D_TFE SENSE",
    "ScanningSequence": "GR",
    "SequenceVariant": "MP",
    "ScanOptions": "OTHER",
    "PulseSequenceName": "T1TFE",
    "ImageType": [
        "ORIGINAL",
        "SECONDARY",
        "M",
        "FFE",
        "M",
        "FFE"
    ],
    "SeriesNumber": 1101,
    "AcquisitionTime": "19:06:28.510000",
    "AcquisitionNumber": 11,
    "PhilipsRWVSlope": 8.33065,
    "PhilipsRWVIntercept": 0,
    "SliceThickness": 1,
    "SpacingBetweenSlices": 1,
    "SAR": 0.0910899,
    "EchoTime": 0.003258,
    "RepetitionTime": 0.0072022,
    "MTState": false,
    "SpoilingState": true,
    "SpoilingType": "COMBINED",
    "FlipAngle": 8,
    "CoilString": "SENSE-Head-8",
    "PercentPhaseFOV": 98.4375,
    "PercentSampling": 100,
    "EchoTrainLength": 232,
    "PhaseEncodingSteps": 236,
    "FrequencyEncodingSteps": 256,
    "PhaseEncodingStepsOutOfPlane": 190,
    "AcquisitionMatrixPE": 236,
    "ReconMatrixPE": 256,
    "ParallelAcquisitionTechnique": "SENSE",
    "ParallelReductionFactorOutOfPlane": 2,
    "AcquisitionDuration": 397.711,
    "PixelBandwidth": 241,
    "PhaseEncodingAxis": "i",
    "ImageOrientationPatientDICOM": [
        -0.21205,
        0.977259,
        2.14365e-10,
        0.0140423,
        0.00304697,
        -0.999897
    ],
    "InPlanePhaseEncodingDirectionDICOM": "ROW",
    "ConversionSoftware": "dcm2niix",
    "ConversionSoftwareVersion": "v1.0.20230411",
    "Dcm2bidsVersion": "3.0.1"
}