{
    "Modality": "MR",
    "MagneticFieldStrength": 1.5,
    "ImagingFrequency": 63.866477,
    "Manufacturer": "Philips",
    "ManufacturersModelName": "Achieva",
    "InstitutionName": "STUDIO DOTTORI TROIA",
    "InstitutionalDepartmentName": "MR",
    "DeviceSerialNumber": "21729",
    "StationName": "PHILIPS-6B9637B",
    "BodyPartExamined": "SHOULDER",
    "PatientPosition": "HFS",
    "ProcedureStepDescription": "RMN ENCEFALO",
    "SoftwareVersions": "3.2.3\\3.2.3.4",
    "MRAcquisitionType": "2D",
    "SeriesDescription": "FLAIR_longTR",
    "ProtocolName": "FLAIR_longTR SENSE",
    "ScanningSequence": "IR",
    "SequenceVariant": "SK",
    "ScanOptions": "OTHER",
    "PulseSequenceName": "TIR",
    "ImageType": [
        "ORIGINAL",
        "PRIMARY",
        "M",
        "IR",
        "M",
        "IR"
    ],
    "SeriesNumber": 4,
    "AcquisitionTime": "07:56:58.650000",
    "AcquisitionNumber": 6,
    "PhilipsRWVSlope": 5.57778,
    "PhilipsRWVIntercept": 0,
    "PhilipsRescaleSlope": 5.57778,
    "PhilipsRescaleIntercept": 0,
    "PhilipsScaleSlope": 0.00667058,
    "UsePhilipsFloatNotDisplayScaling": 1,
    "SliceThickness": 4,
    "SpacingBetweenSlices": 4.4,
    "SAR": 0.826061,
    "NumberOfAverages": 2,
    "EchoTime": 0.13,
    "RepetitionTime": 8,
    "MTState": false,
    "InversionTime": 2.6,
    "FlipAngle": 90,
    "CoilString": "SENSE-Head-8",
    "PercentPhaseFOV": 79.6875,
    "PercentSampling": 80.3922,
    "PartialFourierDirection": "FREQUENCY",
    "PhaseEncodingSteps": 197,
    "FrequencyEncodingSteps": 256,
    "PhaseEncodingStepsOutOfPlane": 1,
    "AcquisitionMatrixPE": 197,
    "ReconMatrixPE": 288,
    "ParallelReductionFactorInPlane": 1.5,
    "ParallelAcquisitionTechnique": "SENSE",
    "WaterFatShift": 0.958917,
    "EstimatedEffectiveEchoSpacing": 7.69338e-06,
    "EstimatedTotalReadoutTime": 0.002208,
    "AcquisitionDuration": 168,
    "PixelBandwidth": 226,
    "PhaseEncodingAxis": "i",
    "ImageOrientationPatientDICOM": [
        0.998885,
        0.0471118,
        -0.00288067,
        -0.0471929,
        0.997917,
        -0.0439875
    ],
    "InPlanePhaseEncodingDirectionDICOM": "ROW",
    "ConversionSoftware": "dcm2niix",
    "ConversionSoftwareVersion": "v1.0.20230411",
    "Dcm2bidsVersion": "3.0.1"
}