{
	"Modality": "MR",
	"MagneticFieldStrength": 1.5,
	"ImagingFrequency": 63.619141,
	"Manufacturer": "Siemens",
	"ManufacturersModelName": "Espree",
	"InstitutionName": "anonymized",
	"DeviceSerialNumber": "anonymized",
	"StationName": "anonymized",
	"PatientPosition": "HFS",
	"SoftwareVersions": "syngo MR B19",
	"MRAcquisitionType": "3D",
	"SeriesDescription": "t1_space_sag_iso",
	"ProtocolName": "t1_space_sag_iso",
	"ScanningSequence": "SE",
	"SequenceVariant": "SK\\SP",
	"SequenceName": "*spcR3d1_55ns",
	"ImageType": ["ORIGINAL", "PRIMARY", "M", "NORM", "DIS2D"],
	"NonlinearGradientCorrection": true,
	"SeriesNumber": 21,
	"AcquisitionTime": "17:23:12.790000",
	"AcquisitionNumber": 1,
	"SliceThickness": 1,
	"SAR": 0.167519,
	"EchoTime": 0.012,
	"RepetitionTime": 0.65,
	"SpoilingState": true,
	"FlipAngle": 120,
	"VariableFlipAngleFlag": true,
	"PartialFourier": 1,
	"BaseResolution": 256,
	"ShimSetting": [
		-3432,
		-7292,
		3470,
		-53,
		-86,
		172,
		687,
		186	],
	"TxRefAmp": 334.484,
	"PhaseResolution": 0.916667,
	"ReceiveCoilName": "HeadMatrix",
	"CoilString": "C:HE1-4",
	"PulseSequenceDetails": "%SiemensSeq%\\tse_vfl",
	"CoilCombinationMethod": "Adaptive Combine",
	"MatrixCoilMode": "SENSE",
	"PercentPhaseFOV": 93.75,
	"PercentSampling": 91.6667,
	"EchoTrainLength": 55,
	"PhaseEncodingSteps": 220,
	"AcquisitionMatrixPE": 220,
	"ReconMatrixPE": 240,
	"PixelBandwidth": 751,
	"DwellTime": 2.6e-06,
	"PhaseEncodingDirection": "i",
	"ImageOrientationPatientDICOM": [
		0,
		1,
		0,
		0.0540789,
		0,
		-0.998537	],
	"ImageOrientationText": "Sag>Tra(-3.1)",
	"InPlanePhaseEncodingDirectionDICOM": "ROW",
	"ConversionSoftware": "dcm2niix",
	"ConversionSoftwareVersion": "v1.0.20230411"
}
