{
    "Modality": "MR",
    "MagneticFieldStrength": 3,
    "ImagingFrequency": 127.777128,
    "Manufacturer": "Philips",
    "ManufacturersModelName": "Ingenia",
    "InstitutionName": "Novosib Neurosurgery Center",
    "InstitutionalDepartmentName": "MRI",
    "InstitutionAddress": "Nemirovicha-Danchenko 132",
    "DeviceSerialNumber": "85054",
    "StationName": "PHILIPS-F7TK6PR",
    "BodyPartExamined": "BRAIN",
    "PatientPosition": "HFS",
    "ProcedureStepDescription": "HEAD+CE",
    "SoftwareVersions": "5.4.1\\5.4.1.3",
    "MRAcquisitionType": "3D",
    "SeriesDescription": "3D_FLAIR Sag",
    "ProtocolName": "3D_FLAIR Sag",
    "ScanningSequence": "IR",
    "SequenceVariant": "SK",
    "ScanOptions": "FS",
    "PulseSequenceName": "TIR",
    "ImageType": [
        "ORIGINAL",
        "PRIMARY",
        "M",
        "IR",
        "M",
        "IR"
    ],
    "SeriesNumber": 501,
    "AcquisitionTime": "16:15:22.600000",
    "AcquisitionNumber": 5,
    "PhilipsRWVSlope": 4.69377,
    "PhilipsRWVIntercept": 0,
    "PhilipsRescaleSlope": 4.69377,
    "PhilipsRescaleIntercept": 0,
    "PhilipsScaleSlope": 0.00139968,
    "UsePhilipsFloatNotDisplayScaling": 1,
    "SliceThickness": 1.2,
    "SpacingBetweenSlices": 1.2,
    "SAR": 0.0560294,
    "NumberOfAverages": 2,
    "EchoTime": 0.34,
    "RepetitionTime": 4.8,
    "MTState": false,
    "InversionTime": 1.65,
    "FlipAngle": 90,
    "CoilString": "MULTI COIL",
    "PercentPhaseFOV": 100,
    "PercentSampling": 78.5398,
    "PhaseEncodingSteps": 228,
    "FrequencyEncodingSteps": 228,
    "PhaseEncodingStepsOutOfPlane": 140,
    "AcquisitionMatrixPE": 228,
    "ReconMatrixPE": 240,
    "ParallelReductionFactorInPlane": 3,
    "ParallelAcquisitionTechnique": "SENSE",
    "ParallelReductionFactorOutOfPlane": 1.7,
    "WaterFatShift": 0.594317,
    "EstimatedEffectiveEchoSpacing": 2.86192e-06,
    "EstimatedTotalReadoutTime": 0.000684,
    "AcquisitionDuration": 264,
    "PixelBandwidth": 731,
    "ImageOrientationPatientDICOM": [
        -0.0808056,
        0.996621,
        -0.014764,
        0.0728995,
        -0.00886341,
        -0.9973
    ],
    "InPlanePhaseEncodingDirectionDICOM": "ROW",
    "ConversionSoftware": "dcm2niix",
    "ConversionSoftwareVersion": "v1.0.20230411",
    "Dcm2bidsVersion": "3.0.1"
}