{
    "Modality": "MR",
    "MagneticFieldStrength": 1.5,
    "ImagingFrequency": 63.851855,
    "Manufacturer": "Philips",
    "ManufacturersModelName": "Achieva",
    "InstitutionName": "Ospedale Koelliker",
    "InstitutionalDepartmentName": "Risonanza Magnetica",
    "DeviceSerialNumber": "32990",
    "StationName": "PHILIPS-9828951",
    "BodyPartExamined": "HEAD",
    "PatientPosition": "HFS",
    "ProcedureStepDescription": "RM ENCEFALO E TRONCO ENC. CON MDC + PRESENZA ANESTESISTA",
    "SoftwareVersions": "3.2.3\\3.2.3.2",
    "MRAcquisitionType": "3D",
    "SeriesDescription": "3D_Brain_View_FLAIR_SHC",
    "ProtocolName": "3D_Brain_View_FLAIR_SHC SENSE",
    "ScanningSequence": "IR",
    "SequenceVariant": "OSP",
    "ScanOptions": "FS",
    "PulseSequenceName": "TIR",
    "ImageType": [
        "ORIGINAL",
        "PRIMARY",
        "M",
        "IR",
        "M",
        "IR"
    ],
    "SeriesNumber": 401,
    "AcquisitionTime": "09:02:48.010000",
    "AcquisitionNumber": 4,
    "PhilipsRWVSlope": 15.7331,
    "PhilipsRWVIntercept": 0,
    "PhilipsRescaleSlope": 15.7331,
    "PhilipsRescaleIntercept": 0,
    "PhilipsScaleSlope": 0.000146717,
    "UsePhilipsFloatNotDisplayScaling": 1,
    "SliceThickness": 1.2,
    "SpacingBetweenSlices": 0.6,
    "SAR": 0.237849,
    "NumberOfAverages": 2,
    "EchoTime": 0.301631,
    "RepetitionTime": 4.8,
    "MTState": false,
    "InversionTime": 1.66,
    "FlipAngle": 90,
    "CoilString": "SENSE-NV-16",
    "PercentPhaseFOV": 100,
    "PercentSampling": 78.7286,
    "PartialFourierDirection": "FREQUENCY",
    "PhaseEncodingSteps": 208,
    "FrequencyEncodingSteps": 208,
    "PhaseEncodingStepsOutOfPlane": 146,
    "AcquisitionMatrixPE": 208,
    "ReconMatrixPE": 224,
    "ParallelReductionFactorInPlane": 2.6,
    "ParallelAcquisitionTechnique": "SENSE",
    "ParallelReductionFactorOutOfPlane": 2,
    "WaterFatShift": 0.22578,
    "EstimatedEffectiveEchoSpacing": 2.33184e-06,
    "EstimatedTotalReadoutTime": 0.00052,
    "AcquisitionDuration": 244.8,
    "PixelBandwidth": 962,
    "ImageOrientationPatientDICOM": [
        0.0240466,
        0.990311,
        -0.136772,
        -0.071764,
        -0.134749,
        -0.988278
    ],
    "InPlanePhaseEncodingDirectionDICOM": "ROW",
    "ConversionSoftware": "dcm2niix",
    "ConversionSoftwareVersion": "v1.0.20230411",
    "Dcm2bidsVersion": "3.0.1"
}