{
    "Modality": "MR",
    "MagneticFieldStrength": 1.5,
    "ImagingFrequency": 63.687593,
    "Manufacturer": "Siemens",
    "ManufacturersModelName": "Aera",
    "InstitutionName": "P.O. Bellaria-Bologna",
    "InstitutionalDepartmentName": "Department",
    "InstitutionAddress": "Via Altura 3,Bologna,District,IT,40139",
    "DeviceSerialNumber": "141067",
    "StationName": "NR-RM15-DICOM",
    "BodyPartExamined": "HEAD",
    "PatientPosition": "HFS",
    "ProcedureStepDescription": "RM ENCEFALO CON MDC",
    "SoftwareVersions": "syngo MR E11",
    "MRAcquisitionType": "3D",
    "SeriesDescription": "t1_space_sag_p2_iso+C",
    "ProtocolName": "t1_space_sag_p2_iso+C",
    "ScanningSequence": "SE",
    "SequenceVariant": "SK\\SP",
    "SequenceName": "*spcR_42ns",
    "ImageType": [
        "ORIGINAL",
        "SECONDARY",
        "M",
        "ND",
        "NORM"
    ],
    "NonlinearGradientCorrection": false,
    "SeriesNumber": 21,
    "AcquisitionTime": "14:08:0.052500",
    "AcquisitionNumber": 1,
    "SliceThickness": 0.9,
    "SAR": 0.225865,
    "NumberOfAverages": 2,
    "EchoTime": 0.02,
    "RepetitionTime": 0.6,
    "SpoilingState": true,
    "FlipAngle": 120,
    "VariableFlipAngleFlag": true,
    "PercentPhaseFOV": 100,
    "PercentSampling": 100,
    "EchoTrainLength": 42,
    "PhaseEncodingSteps": 256,
    "AcquisitionMatrixPE": 256,
    "ReconMatrixPE": 256,
    "PixelBandwidth": 630,
    "PhaseEncodingAxis": "i",
    "ImageOrientationPatientDICOM": [
        0.170818,
        0.876984,
        -0.449132,
        0.0111234,
        -0.457519,
        -0.88913
    ],
    "InPlanePhaseEncodingDirectionDICOM": "ROW",
    "ConversionSoftware": "dcm2niix",
    "ConversionSoftwareVersion": "v1.0.20230411",
    "Dcm2bidsVersion": "3.0.1"
}