{
    "Modality": "MR",
    "MagneticFieldStrength": 1.5,
    "ImagingFrequency": 63.898382,
    "Manufacturer": "GE",
    "ManufacturersModelName": "SIGNA Voyager",
    "InstitutionName": "+",
    "DeviceSerialNumber": "00000000B5123311",
    "StationName": "GEHCVGOC",
    "BodyPartExamined": "BRAIN",
    "PatientPosition": "HFS",
    "ProcedureStepDescription": "RM ENCEFALO SENZA E CON MDC",
    "SoftwareVersions": "28\\LX\\MR Software release:VX28.0_R03_2037.c",
    "MRAcquisitionType": "3D",
    "SeriesDescription": "3D Sag T2 Cube FLAIR FS*",
    "ProtocolName": "ENCEFALO STANDARD 2021",
    "ScanningSequence": "SE\\IR",
    "SequenceVariant": "SK",
    "ScanOptions": "SAT_GEMS\\FILTERED_GEMS\\ACC_GEMS\\FS\\FSS_GEMS\\IR_GEMS",
    "ImageType": [
        "ORIGINAL",
        "SECONDARY",
        "OTHER"
    ],
    "SeriesNumber": 3,
    "AcquisitionTime": "10:34:5.000000",
    "AcquisitionNumber": 1,
    "SliceThickness": 1,
    "SpacingBetweenSlices": 1,
    "SAR": 0.0998,
    "EchoTime": 0.129966,
    "RepetitionTime": 5.202,
    "InversionTime": 1.43,
    "FlipAngle": 90,
    "CoilString": "21HN",
    "PercentPhaseFOV": 85,
    "PercentSampling": 100,
    "EchoTrainLength": 220,
    "AcquisitionMatrixPE": 252,
    "ReconMatrixPE": 512,
    "PixelBandwidth": 162.773,
    "PhaseEncodingAxis": "i",
    "ImageOrientationPatientDICOM": [
        -0.00909189,
        0.999959,
        0,
        0,
        0,
        -1
    ],
    "InPlanePhaseEncodingDirectionDICOM": "ROW",
    "ConversionSoftware": "dcm2niix",
    "ConversionSoftwareVersion": "v1.0.20230411",
    "Dcm2bidsVersion": "3.0.1"
}