{
    "Modality": "MR",
    "MagneticFieldStrength": 3,
    "ImagingFrequency": 127.77033,
    "Manufacturer": "Philips",
    "ManufacturersModelName": "Ingenia",
    "InstitutionName": "CENTRO BRAIN IMAGING",
    "InstitutionalDepartmentName": "OSP S.G.BATTISTA MOLINETTE",
    "DeviceSerialNumber": "42287",
    "StationName": "HOST-2BABEH6BP7",
    "BodyPartExamined": "HEAD",
    "PatientPosition": "HFS",
    "ProcedureStepDescription": "RM ENCEFALO MDC+SPETTRO+DTI",
    "SoftwareVersions": "5.3.1\\5.3.1.1",
    "MRAcquisitionType": "3D",
    "SeriesDescription": "3D_Brain_FLAIR SENSE",
    "ProtocolName": "3D_Brain_FLAIR SENSE",
    "ScanningSequence": "IR",
    "SequenceVariant": "SK",
    "ScanOptions": "FS",
    "PulseSequenceName": "TIR",
    "ImageType": [
        "ORIGINAL",
        "PRIMARY",
        "M",
        "IR",
        "M",
        "IR"
    ],
    "SeriesNumber": 301,
    "AcquisitionTime": "09:10:28.200000",
    "AcquisitionNumber": 3,
    "PhilipsRescaleSlope": 1,
    "PhilipsRescaleIntercept": 0,
    "PhilipsScaleSlope": 0.0161491,
    "UsePhilipsFloatNotDisplayScaling": 1,
    "SliceThickness": 1.2,
    "SpacingBetweenSlices": 0.6,
    "SAR": 0.0562241,
    "NumberOfAverages": 2,
    "EchoTime": 0.30124,
    "RepetitionTime": 4.8,
    "MTState": false,
    "InversionTime": 1.65,
    "FlipAngle": 90,
    "CoilString": "MULTI COIL",
    "PercentPhaseFOV": 100,
    "PercentSampling": 78.1308,
    "PhaseEncodingSteps": 192,
    "FrequencyEncodingSteps": 192,
    "PhaseEncodingStepsOutOfPlane": 121,
    "AcquisitionMatrixPE": 192,
    "ReconMatrixPE": 384,
    "ParallelReductionFactorInPlane": 3,
    "ParallelAcquisitionTechnique": "SENSE",
    "ParallelReductionFactorOutOfPlane": 1.5,
    "WaterFatShift": 0.387024,
    "EstimatedEffectiveEchoSpacing": 1.16305e-06,
    "EstimatedTotalReadoutTime": 0.00044545,
    "AcquisitionDuration": 340.8,
    "PixelBandwidth": 1122,
    "ImageOrientationPatientDICOM": [
        0.995483,
        0.0922086,
        -0.0226259,
        -0.0937997,
        0.992037,
        -0.0840458
    ],
    "InPlanePhaseEncodingDirectionDICOM": "ROW",
    "ConversionSoftware": "dcm2niix",
    "ConversionSoftwareVersion": "v1.0.20230411",
    "Dcm2bidsVersion": "3.0.1"
}