{
    "Modality": "MR",
    "MagneticFieldStrength": 1.5,
    "ImagingFrequency": 63.878528,
    "Manufacturer": "Philips",
    "ManufacturersModelName": "Achieva",
    "InstitutionName": "+",
    "InstitutionalDepartmentName": "Radiologia",
    "DeviceSerialNumber": "32746",
    "StationName": "PHILIPS-MR",
    "BodyPartExamined": "BRAIN",
    "PatientPosition": "HFS",
    "ProcedureStepDescription": "RM ENCEFALO CON MDC",
    "SoftwareVersions": "3.2.3\\3.2.3.4",
    "MRAcquisitionType": "2D",
    "SeriesDescription": "T1w ax SE",
    "ProtocolName": "T1w ax SE CLEAR",
    "ScanningSequence": "SE",
    "SequenceVariant": "SS",
    "ScanOptions": "OTHER",
    "PulseSequenceName": "SE",
    "ImageType": [
        "ORIGINAL",
        "SECONDARY",
        "M",
        "SE",
        "M",
        "SE"
    ],
    "SeriesNumber": 801,
    "AcquisitionTime": "16:09:32.810000",
    "AcquisitionNumber": 8,
    "PhilipsRWVSlope": 3.05641,
    "PhilipsRWVIntercept": 0,
    "SliceThickness": 4.5,
    "SpacingBetweenSlices": 5.5,
    "SAR": 1.48674,
    "NumberOfAverages": 2,
    "EchoTime": 0.015,
    "RepetitionTime": 0.4,
    "MTState": false,
    "FlipAngle": 82,
    "CoilString": "SENSE-Head-8",
    "PercentPhaseFOV": 80.3279,
    "PercentSampling": 80.102,
    "PartialFourierDirection": "FREQUENCY",
    "PhaseEncodingSteps": 195,
    "FrequencyEncodingSteps": 244,
    "PhaseEncodingStepsOutOfPlane": 1,
    "AcquisitionMatrixPE": 195,
    "ReconMatrixPE": 256,
    "AcquisitionDuration": 254.4,
    "PixelBandwidth": 109,
    "PhaseEncodingAxis": "i",
    "ImageOrientationPatientDICOM": [
        0.995597,
        -0.0393928,
        0.0850613,
        0.0502591,
        0.990286,
        -0.129643
    ],
    "InPlanePhaseEncodingDirectionDICOM": "ROW",
    "ConversionSoftware": "dcm2niix",
    "ConversionSoftwareVersion": "v1.0.20230411",
    "Dcm2bidsVersion": "3.0.1"
}