{
    "Modality": "MR",
    "MagneticFieldStrength": 1.5,
    "ImagingFrequency": 63.880647,
    "Manufacturer": "GE",
    "ManufacturersModelName": "Signa HDxt",
    "InstitutionName": "Hospital Joan XXIII",
    "DeviceSerialNumber": "00000000MEX70902",
    "StationName": "MR-01",
    "PatientPosition": "HFS",
    "ProcedureStepDescription": "RM cerebral multiparam\u00e8trica ( cerebral+",
    "SoftwareVersions": "24\\LX\\MR Software release:HD16.0_V03_1638.a",
    "MRAcquisitionType": "3D",
    "SeriesDescription": "3D SPGR POST GD",
    "ProtocolName": "CR+ANGIO NV 2018/12",
    "ScanningSequence": "GR",
    "SequenceVariant": "SS\\SP\\SK",
    "ScanOptions": "FAST_GEMS\\FILTERED_GEMS\\ACC_GEMS",
    "PulseSequenceName": "efgre3d",
    "ImageType": [
        "ORIGINAL",
        "PRIMARY",
        "OTHER"
    ],
    "SeriesNumber": 12,
    "AcquisitionTime": "13:25:57.000000",
    "AcquisitionNumber": 1,
    "SliceThickness": 1,
    "SpacingBetweenSlices": 1,
    "SAR": 0.201892,
    "EchoTime": 0.005124,
    "RepetitionTime": 0.012504,
    "SpoilingState": true,
    "InversionTime": 0.3,
    "FlipAngle": 20,
    "ShimSetting": [
        -1,
        4,
        -15
    ],
    "PrescanReuseString": "TG/s1,CF/s11,AS/s11",
    "CoilString": "8NVHEAD_A",
    "PercentPhaseFOV": 100,
    "PercentSampling": 100,
    "AcquisitionMatrixPE": 256,
    "ReconMatrixPE": 512,
    "ParallelReductionFactorInPlane": 2,
    "PixelBandwidth": 61.0547,
    "ImageOrientationPatientDICOM": [
        0.999864,
        -0.0158389,
        -0.00460827,
        0.0134282,
        0.94379,
        -0.330273
    ],
    "InPlanePhaseEncodingDirectionDICOM": "ROW",
    "ConversionSoftware": "dcm2niix",
    "ConversionSoftwareVersion": "v1.0.20230411",
    "Dcm2bidsVersion": "3.0.1"
}