{
    "Modality": "MR",
    "MagneticFieldStrength": 3,
    "ImagingFrequency": 127.771346,
    "Manufacturer": "Philips",
    "ManufacturersModelName": "Ingenia",
    "InstitutionName": "CENTRO BRAIN IMAGING",
    "InstitutionalDepartmentName": "OSP S.G.BATTISTA MOLINETTE",
    "DeviceSerialNumber": "42287",
    "StationName": "HOST-R1POAC2P1H",
    "BodyPartExamined": "HEAD",
    "PatientPosition": "HFS",
    "ProcedureStepDescription": "RM ENC.MDC+SPETTRO",
    "SoftwareVersions": "5.3.1\\5.3.1.2",
    "MRAcquisitionType": "2D",
    "SeriesDescription": "T1W_IR_TSE",
    "ProtocolName": "T1W_IR_TSE",
    "ScanningSequence": "IR",
    "SequenceVariant": "SK",
    "ScanOptions": "SP",
    "PulseSequenceName": "TIR",
    "ImageType": [
        "ORIGINAL",
        "PRIMARY",
        "M",
        "IR",
        "M",
        "IR"
    ],
    "SeriesNumber": 401,
    "AcquisitionTime": "10:08:0.070000",
    "AcquisitionNumber": 4,
    "PhilipsRescaleSlope": 1.65861,
    "PhilipsRescaleIntercept": 0,
    "PhilipsScaleSlope": 0.507146,
    "UsePhilipsFloatNotDisplayScaling": 1,
    "SliceThickness": 4,
    "SpacingBetweenSlices": 5,
    "SAR": 0.182807,
    "EchoTime": 0.02,
    "RepetitionTime": 2,
    "MTState": false,
    "InversionTime": 0.8,
    "FlipAngle": 90,
    "CoilString": "MULTI COIL",
    "PercentPhaseFOV": 80.625,
    "PercentSampling": 100,
    "PhaseEncodingSteps": 278,
    "FrequencyEncodingSteps": 308,
    "PhaseEncodingStepsOutOfPlane": 1,
    "AcquisitionMatrixPE": 278,
    "ReconMatrixPE": 640,
    "ParallelReductionFactorInPlane": 2,
    "ParallelAcquisitionTechnique": "SENSE",
    "WaterFatShift": 2.45127,
    "EstimatedEffectiveEchoSpacing": 4.41518e-06,
    "EstimatedTotalReadoutTime": 0.0028213,
    "AcquisitionDuration": 170,
    "PixelBandwidth": 177,
    "PhaseEncodingAxis": "i",
    "ImageOrientationPatientDICOM": [
        0.999721,
        -0.0218439,
        -0.00901597,
        0.0227857,
        0.992183,
        0.122692
    ],
    "InPlanePhaseEncodingDirectionDICOM": "ROW",
    "ConversionSoftware": "dcm2niix",
    "ConversionSoftwareVersion": "v1.0.20230411",
    "Dcm2bidsVersion": "3.0.1"
}