{
    "Modality": "MR",
    "MagneticFieldStrength": 3,
    "ImagingFrequency": 123.226923,
    "Manufacturer": "Siemens",
    "ManufacturersModelName": "Skyra",
    "InstitutionName": "+",
    "InstitutionalDepartmentName": "Department",
    "InstitutionAddress": "Via Altura 3 3,Bologna,District,IT,40139",
    "DeviceSerialNumber": "145039",
    "StationName": "AWP145039",
    "BodyPartExamined": "HEAD",
    "PatientPosition": "HFS",
    "ProcedureStepDescription": "RM ENCEFALO CON MDC",
    "SoftwareVersions": "syngo MR E11",
    "MRAcquisitionType": "2D",
    "SeriesDescription": "t2_tse_dark-fluid_fs_tra_4mm",
    "ProtocolName": "t2_tse_dark-fluid_fs_tra_4mm",
    "ScanningSequence": "SE\\IR",
    "SequenceVariant": "SK\\SP\\MP\\OSP",
    "ScanOptions": "IR\\SAT1\\FS",
    "SequenceName": "*tir2d1rs16",
    "ImageType": [
        "ORIGINAL",
        "SECONDARY",
        "M",
        "ND",
        "NORM"
    ],
    "NonlinearGradientCorrection": false,
    "SeriesNumber": 8,
    "AcquisitionTime": "18:15:5.855000",
    "AcquisitionNumber": 1,
    "SliceThickness": 4,
    "SpacingBetweenSlices": 4,
    "SAR": 0.288637,
    "EchoTime": 0.083,
    "RepetitionTime": 9,
    "SpoilingState": true,
    "InversionTime": 2.5,
    "FlipAngle": 150,
    "PartialFourier": 0.0737327,
    "PercentPhaseFOV": 96.875,
    "PercentSampling": 70,
    "EchoTrainLength": 16,
    "PhaseEncodingSteps": 326,
    "AcquisitionMatrixPE": 217,
    "ReconMatrixPE": 312,
    "PixelBandwidth": 290,
    "PhaseEncodingAxis": "i",
    "SliceTiming": [
        0,
        68,
        0.23438,
        68.2344,
        0.48438,
        68.4844,
        0.73438,
        68.7344,
        0.98438,
        68.9844,
        1.21875,
        69.2188,
        1.46875,
        69.4688,
        1.71875,
        69.7188,
        1.95312,
        69.9531,
        2.20312,
        70.2031,
        2.45312,
        70.4531,
        2.6875,
        70.6875,
        2.9375,
        70.9375,
        3.1875,
        71.1875,
        3.42188,
        71.4219,
        3.67188,
        71.6719,
        3.92188,
        71.9219,
        4.17188,
        72.1719
    ],
    "ImageOrientationPatientDICOM": [
        0.999505,
        -0.0164912,
        0.0267922,
        0.0228565,
        0.965823,
        -0.258192
    ],
    "InPlanePhaseEncodingDirectionDICOM": "ROW",
    "ConversionSoftware": "dcm2niix",
    "ConversionSoftwareVersion": "v1.0.20230411",
    "Dcm2bidsVersion": "3.0.1"
}