{
    "Modality": "MR",
    "MagneticFieldStrength": 3,
    "ImagingFrequency": 123.226868,
    "Manufacturer": "Siemens",
    "ManufacturersModelName": "Skyra",
    "InstitutionName": "+",
    "InstitutionalDepartmentName": "Department",
    "InstitutionAddress": "Via Altura 3 3,Bologna,District,IT,40139",
    "DeviceSerialNumber": "145039",
    "StationName": "AWP145039",
    "BodyPartExamined": "HEAD",
    "PatientPosition": "HFS",
    "ProcedureStepDescription": "RM ENCEFALO CON MDC",
    "SoftwareVersions": "syngo MR E11",
    "MRAcquisitionType": "2D",
    "SeriesDescription": "t2_tse_dark-fluid_fs_tra_4mm",
    "ProtocolName": "t2_tse_dark-fluid_fs_tra_4mm",
    "ScanningSequence": "SE\\IR",
    "SequenceVariant": "SK\\SP\\MP\\OSP",
    "ScanOptions": "IR\\SAT1\\FS",
    "SequenceName": "*tir2d1rs16",
    "ImageType": [
        "ORIGINAL",
        "SECONDARY",
        "M",
        "ND",
        "NORM"
    ],
    "NonlinearGradientCorrection": false,
    "SeriesNumber": 8,
    "AcquisitionTime": "08:45:19.210000",
    "AcquisitionNumber": 1,
    "SliceThickness": 4,
    "SpacingBetweenSlices": 4,
    "SAR": 0.225037,
    "EchoTime": 0.083,
    "RepetitionTime": 9,
    "SpoilingState": true,
    "InversionTime": 2.5,
    "FlipAngle": 150,
    "PartialFourier": 0.0737327,
    "PercentPhaseFOV": 96.875,
    "PercentSampling": 70,
    "EchoTrainLength": 16,
    "PhaseEncodingSteps": 326,
    "AcquisitionMatrixPE": 217,
    "ReconMatrixPE": 312,
    "PixelBandwidth": 290,
    "PhaseEncodingAxis": "i",
    "SliceTiming": [
        0,
        68,
        0.24219,
        68.2422,
        0.49219,
        68.4922,
        0.73438,
        68.7344,
        0.97656,
        68.9766,
        1.22656,
        69.2266,
        1.46875,
        69.4688,
        1.71875,
        69.7188,
        1.96094,
        69.9609,
        2.20312,
        70.2031,
        2.45312,
        70.4531,
        2.69531,
        70.6953,
        2.94531,
        70.9453,
        3.1875,
        71.1875,
        3.42969,
        71.4297,
        3.67969,
        71.6797,
        3.92188,
        71.9219,
        4.16406,
        72.1641
    ],
    "ImageOrientationPatientDICOM": [
        0.998715,
        0.0298939,
        -0.0409255,
        -0.0418586,
        0.941804,
        -0.333547
    ],
    "InPlanePhaseEncodingDirectionDICOM": "ROW",
    "ConversionSoftware": "dcm2niix",
    "ConversionSoftwareVersion": "v1.0.20230411",
    "Dcm2bidsVersion": "3.0.1"
}