{
    "Modality": "MR",
    "MagneticFieldStrength": 1.5,
    "ImagingFrequency": 63.687707,
    "Manufacturer": "Siemens",
    "ManufacturersModelName": "Aera",
    "InstitutionName": "+",
    "InstitutionalDepartmentName": "Department",
    "InstitutionAddress": "Via Altura 3,Bologna,District,IT,40139",
    "DeviceSerialNumber": "141067",
    "StationName": "NR-RM15-DICOM",
    "BodyPartExamined": "HEAD",
    "PatientPosition": "HFS",
    "ProcedureStepDescription": "RM ENCEFALO CON MDC",
    "SoftwareVersions": "syngo MR E11",
    "MRAcquisitionType": "2D",
    "SeriesDescription": "t2_tse_tra",
    "ProtocolName": "t2_tse_tra",
    "ScanningSequence": "SE",
    "SequenceVariant": "SK\\SP\\OSP",
    "SequenceName": "*tse2d1_20",
    "ImageType": [
        "ORIGINAL",
        "SECONDARY",
        "M",
        "ND",
        "NORM"
    ],
    "NonlinearGradientCorrection": false,
    "SeriesNumber": 11,
    "AcquisitionTime": "19:33:11.925000",
    "AcquisitionNumber": 1,
    "SliceThickness": 4,
    "SpacingBetweenSlices": 4,
    "SAR": 0.42834,
    "EchoTime": 0.098,
    "RepetitionTime": 4,
    "SpoilingState": true,
    "FlipAngle": 150,
    "PartialFourier": 0.08,
    "PercentPhaseFOV": 78.125,
    "PercentSampling": 100,
    "EchoTrainLength": 20,
    "PhaseEncodingSteps": 260,
    "AcquisitionMatrixPE": 250,
    "ReconMatrixPE": 252,
    "PixelBandwidth": 190,
    "PhaseEncodingAxis": "i",
    "SliceTiming": [
        56,
        0,
        56.2188,
        0.21875,
        56.4531,
        0.45312,
        56.6719,
        0.67188,
        56.8906,
        0.89062,
        57.1094,
        1.10938,
        57.3281,
        1.32812,
        57.5625,
        1.5625,
        57.7812,
        1.78125,
        58,
        2,
        58.2188,
        2.21875,
        58.4531,
        2.45312,
        58.6719,
        2.67188,
        58.8906,
        2.89062,
        59.1094,
        3.10938,
        59.3281,
        3.32812,
        59.5625,
        3.5625,
        59.7812,
        3.78125
    ],
    "ImageOrientationPatientDICOM": [
        0.999184,
        -0.0399139,
        -0.00609816,
        0.0401314,
        0.998348,
        0.0411203
    ],
    "InPlanePhaseEncodingDirectionDICOM": "ROW",
    "ConversionSoftware": "dcm2niix",
    "ConversionSoftwareVersion": "v1.0.20230411",
    "Dcm2bidsVersion": "3.0.1"
}