{
    "Modality": "MR",
    "MagneticFieldStrength": 1.5,
    "ImagingFrequency": 63.880714,
    "Manufacturer": "GE",
    "ManufacturersModelName": "Signa HDxt",
    "InstitutionName": "Hospital Joan XXIII",
    "DeviceSerialNumber": "00000000MEX70902",
    "StationName": "MR-01",
    "PatientPosition": "HFS",
    "ProcedureStepDescription": "RM cerebral",
    "SoftwareVersions": "24\\LX\\MR Software release:HD16.0_V03_1638.a",
    "MRAcquisitionType": "2D",
    "SeriesDescription": "AX T1 memp",
    "ProtocolName": "CRANI TUMOR 2018/8",
    "ScanningSequence": "RM",
    "SequenceVariant": "NONE",
    "ScanOptions": "SAT_GEMS\\FILTERED_GEMS\\SP",
    "PulseSequenceName": "t1memp",
    "ImageType": [
        "ORIGINAL",
        "PRIMARY",
        "OTHER"
    ],
    "SeriesNumber": 9,
    "AcquisitionTime": "10:02:59.000000",
    "AcquisitionNumber": 1,
    "SliceThickness": 5,
    "SpacingBetweenSlices": 6.5,
    "SAR": 1.08692,
    "NumberOfAverages": 2,
    "EchoTime": 0.013,
    "RepetitionTime": 0.56,
    "FlipAngle": 73,
    "ShimSetting": [
        1,
        -4,
        -19
    ],
    "PrescanReuseString": "TG/s1,CF/s8,AS/s8",
    "CoilString": "8NVHEAD_A",
    "NumberOfExcitations": 2,
    "PercentPhaseFOV": 75,
    "PercentSampling": 100,
    "AcquisitionMatrixPE": 224,
    "ReconMatrixPE": 512,
    "PixelBandwidth": 88.7891,
    "PhaseEncodingAxis": "i",
    "ImageOrientationPatientDICOM": [
        0.997361,
        -0.061616,
        0.0383917,
        0.0609151,
        0.997958,
        0.0192267
    ],
    "InPlanePhaseEncodingDirectionDICOM": "ROW",
    "ConversionSoftware": "dcm2niix",
    "ConversionSoftwareVersion": "v1.0.20230411",
    "Dcm2bidsVersion": "3.0.1"
}