{
    "Modality": "MR",
    "MagneticFieldStrength": 1.5,
    "ImagingFrequency": 63.878356,
    "Manufacturer": "Philips",
    "ManufacturersModelName": "Achieva",
    "InstitutionName": "+",
    "InstitutionalDepartmentName": "Radiologia",
    "DeviceSerialNumber": "32746",
    "StationName": "PHILIPS-MR",
    "BodyPartExamined": "BRAIN",
    "PatientPosition": "HFS",
    "ProcedureStepDescription": "RM ENCEFALO CON MDC",
    "SoftwareVersions": "3.2.3\\3.2.3.5",
    "MRAcquisitionType": "3D",
    "SeriesDescription": "3D_FLAIR_BRAIN_SHC",
    "ProtocolName": "3D_FLAIR_BRAIN_SHC SENSE",
    "ScanningSequence": "IR",
    "SequenceVariant": "SK",
    "ScanOptions": "FS",
    "PulseSequenceName": "TIR",
    "ImageType": [
        "ORIGINAL",
        "SECONDARY",
        "M",
        "IR",
        "M",
        "IR"
    ],
    "SeriesNumber": 301,
    "AcquisitionTime": "19:42:20.030000",
    "AcquisitionNumber": 3,
    "PhilipsRWVSlope": 22.6098,
    "PhilipsRWVIntercept": 0,
    "SliceThickness": 1.12,
    "SpacingBetweenSlices": 0.56,
    "SAR": 0.23785,
    "NumberOfAverages": 2,
    "EchoTime": 0.302802,
    "RepetitionTime": 4.8,
    "MTState": false,
    "InversionTime": 1.66,
    "FlipAngle": 90,
    "CoilString": "SENSE-Head-8",
    "PercentPhaseFOV": 106.667,
    "PercentSampling": 79.3579,
    "PartialFourierDirection": "FREQUENCY",
    "PhaseEncodingSteps": 194,
    "FrequencyEncodingSteps": 192,
    "PhaseEncodingStepsOutOfPlane": 160,
    "AcquisitionMatrixPE": 194,
    "ReconMatrixPE": 224,
    "ParallelReductionFactorInPlane": 2.59,
    "ParallelAcquisitionTechnique": "SENSE",
    "ParallelReductionFactorOutOfPlane": 2,
    "AcquisitionDuration": 264,
    "PixelBandwidth": 975,
    "ImageOrientationPatientDICOM": [
        0.0256719,
        0.99967,
        0.000573856,
        0.0463111,
        -0.000615857,
        -0.998927
    ],
    "InPlanePhaseEncodingDirectionDICOM": "ROW",
    "ConversionSoftware": "dcm2niix",
    "ConversionSoftwareVersion": "v1.0.20230411",
    "Dcm2bidsVersion": "3.0.1"
}