{
    "Modality": "MR",
    "MagneticFieldStrength": 3,
    "ImagingFrequency": 123.214353,
    "Manufacturer": "Siemens",
    "ManufacturersModelName": "Skyra",
    "InstitutionName": "Ospedale Bellaria-Neuroradiologia",
    "InstitutionalDepartmentName": "Department",
    "InstitutionAddress": "Via Altura 3 3,Bologna,District,IT,40139",
    "DeviceSerialNumber": "145039",
    "StationName": "AWP145039",
    "BodyPartExamined": "HEAD",
    "PatientPosition": "HFS",
    "ProcedureStepDescription": "RM ENCEFALO SMDC",
    "SoftwareVersions": "syngo MR E11",
    "MRAcquisitionType": "2D",
    "SeriesDescription": "t2_tse_tra_3mm",
    "ProtocolName": "t2_tse_tra_3mm",
    "ScanningSequence": "SE",
    "SequenceVariant": "SK\\SP\\OSP",
    "SequenceName": "*tse2d1_17",
    "ImageType": [
        "ORIGINAL",
        "SECONDARY",
        "M",
        "ND",
        "NORM"
    ],
    "NonlinearGradientCorrection": false,
    "SeriesNumber": 40,
    "AcquisitionTime": "10:41:39.712500",
    "AcquisitionNumber": 1,
    "SliceThickness": 3,
    "SpacingBetweenSlices": 3,
    "SAR": 0.550565,
    "EchoTime": 0.106,
    "RepetitionTime": 4.72,
    "SpoilingState": true,
    "FlipAngle": 150,
    "PartialFourier": 0.0433673,
    "PercentPhaseFOV": 87.5,
    "PercentSampling": 100,
    "EchoTrainLength": 17,
    "PhaseEncodingSteps": 408,
    "AcquisitionMatrixPE": 392,
    "ReconMatrixPE": 392,
    "PixelBandwidth": 225,
    "PhaseEncodingAxis": "j",
    "SliceTiming": [
        78,
        0,
        78.1875,
        0.1875,
        78.3828,
        0.38281,
        78.5703,
        0.57031,
        78.7578,
        0.75781,
        78.9453,
        0.94531,
        79.1328,
        1.13281,
        79.3203,
        1.32031,
        79.5078,
        1.50781,
        79.6953,
        1.69531,
        79.8906,
        1.89062,
        80.0781,
        2.07812,
        80.2656,
        2.26562,
        80.4531,
        2.45312,
        80.6406,
        2.64062,
        80.8281,
        2.82812,
        81.0234,
        3.02344,
        81.2109,
        3.21094,
        81.3984,
        3.39844,
        81.5859,
        3.58594,
        81.7734,
        3.77344,
        81.9688,
        3.96875,
        82.1562,
        4.15625,
        82.3438,
        4.34375,
        82.5312,
        4.53125
    ],
    "ImageOrientationPatientDICOM": [
        0.986592,
        0.0178093,
        -0.162232,
        -0.0620711,
        0.960276,
        -0.272062
    ],
    "InPlanePhaseEncodingDirectionDICOM": "COL",
    "ConversionSoftware": "dcm2niix",
    "ConversionSoftwareVersion": "v1.0.20230411",
    "Dcm2bidsVersion": "3.0.1"
}