{
    "Modality": "MR",
    "MagneticFieldStrength": 3,
    "ImagingFrequency": 123.249876,
    "Manufacturer": "Siemens",
    "ManufacturersModelName": "MAGNETOM Vida",
    "InstitutionName": "anonymized",
    "DeviceSerialNumber": "anonymized",
    "StationName": "anonymized",
    "BodyPartExamined": "HEAD",
    "PatientPosition": "HFS",
    "SoftwareVersions": "syngo MR XA20",
    "MRAcquisitionType": "3D",
    "SeriesDescription": "t2_space_flair_fs",
    "ProtocolName": "t2_space_flair_fs",
    "ScanningSequence": "SE",
    "SequenceVariant": "SP\\SK",
    "ScanOptions": "PFP\\PFF\\CG\\RG\\FS\\PER",
    "SequenceName": "*spcir_220ns",
    "ImageType": [
        "ORIGINAL",
        "PRIMARY",
        "M",
        "NORM",
        "DIS2D",
        "MFSPLIT"
    ],
    "ImageTypeText": [
        "ORIGINAL",
        "PRIMARY",
        "M",
        "NONE"
    ],
    "NonlinearGradientCorrection": true,
    "SeriesNumber": 29001,
    "AcquisitionTime": "10:13:38.170000",
    "AcquisitionNumber": 1,
    "SliceThickness": 1,
    "SAR": 0.166479,
    "EchoTime": 0.384,
    "RepetitionTime": 7,
    "InversionTime": 2.05,
    "FlipAngle": 120,
    "PartialFourier": 1,
    "Interpolation2D": 1,
    "BaseResolution": 256,
    "ShimSetting": [
        -3954,
        -5499,
        -9097,
        97,
        -14,
        -768,
        304,
        107
    ],
    "TxRefAmp": 402.12,
    "PhaseResolution": 1,
    "ReceiveCoilName": "HeadNeck_20_TCS",
    "ReceiveCoilActiveElements": "HE1-4;NE2",
    "CoilString": "HeadNeck_20_TCS",
    "PulseSequenceDetails": "%SiemensSeq%\\space",
    "RefLinesPE": 16,
    "CoilCombinationMethod": "Adaptive Combine",
    "MatrixCoilMode": "GRAPPA",
    "PercentPhaseFOV": 100,
    "PercentSampling": 100,
    "EchoTrainLength": 220,
    "PhaseEncodingSteps": 256,
    "AcquisitionMatrixPE": 256,
    "ReconMatrixPE": 512,
    "ParallelReductionFactorInPlane": 2,
    "PixelBandwidth": 751,
    "DwellTime": 2.6e-06,
    "PhaseEncodingDirection": "i",
    "ImageOrientationPatientDICOM": [
        -0.0352847,
        0.999377,
        -3.72127e-08,
        -0.0245319,
        -0.000866176,
        -0.999699
    ],
    "InPlanePhaseEncodingDirectionDICOM": "ROW",
    "ConversionSoftware": "dcm2niix",
    "ConversionSoftwareVersion": "v1.0.20230411",
    "Dcm2bidsVersion": "3.0.1"
}