{
	"Modality": "MR",
	"MagneticFieldStrength": 1.5,
	"ImagingFrequency": 63.678767,
	"Manufacturer": "Siemens",
	"ManufacturersModelName": "MAGNETOM Aera",
	"InstitutionName": "anonymized",
	"DeviceSerialNumber": "anonymized",
	"StationName": "anonymized",
	"BodyPartExamined": "HEAD",
	"PatientPosition": "HFS",
	"SoftwareVersions": "syngo MR XA60",
	"MRAcquisitionType": "2D",
	"SeriesDescription": "pd+t2_tse_tra_p2_5mm",
	"ProtocolName": "pd+t2_tse_tra_p2_5mm",
	"ScanningSequence": "SE",
	"SequenceVariant": "SP\\SK",
	"ScanOptions": "PER",
	"SequenceName": "*tse2d2_5",
	"ImageType": ["DERIVED", "PRIMARY", "M", "NORM", "DIS2D", "MFSPLIT"],
	"ImageTypeText": ["ORIGINAL", "PRIMARY", "M", "NONE"],
	"NonlinearGradientCorrection": true,
	"RawImage": false,
	"SeriesNumber": 7,
	"AcquisitionTime": "09:26:51.615000",
	"AcquisitionNumber": 1,
	"SliceThickness": 5,
	"SpacingBetweenSlices": 5.5,
	"SAR": 0.294568,
	"NumberOfAverages": 2,
	"EchoNumber": 2,
	"EchoTime": 0.111,
	"RepetitionTime": 3.7,
	"FlipAngle": 150,
	"PartialFourier": 1,
	"BaseResolution": 320,
	"ShimSetting": [
		7721,
		4428,
		-1570,
		0,
		0,
		0,
		0,
		0	],
	"TxRefAmp": 299.054,
	"PhaseResolution": 0.8,
	"ReceiveCoilName": "HeadNeck_16",
	"ReceiveCoilActiveElements": "H1U;H2L;N1U;N2L",
	"CoilString": "HeadNeck_16",
	"PulseSequenceDetails": "%SiemensSeq%\\tse",
	"RefLinesPE": 32,
	"CoilCombinationMethod": "Adaptive Combine",
	"MatrixCoilMode": "GRAPPA",
	"PercentPhaseFOV": 100,
	"PercentSampling": 80,
	"EchoTrainLength": 10,
	"PhaseEncodingSteps": 256,
	"AcquisitionMatrixPE": 256,
	"ReconMatrixPE": 320,
	"ParallelReductionFactorInPlane": 2,
	"PixelBandwidth": 163,
	"DwellTime": 9.6e-06,
	"PhaseEncodingDirection": "i",
	"SliceTiming": [
		1.85156,
		0,
		1.96875,
		0.125,
		2.09375,
		0.24219,
		2.21875,
		0.36719,
		2.34375,
		0.49219,
		2.46094,
		0.61719,
		2.58594,
		0.74219,
		2.71094,
		0.85938,
		2.83594,
		0.98438,
		2.96094,
		1.10938,
		3.07812,
		1.23438,
		3.20312,
		1.35156,
		3.32812,
		1.47656,
		3.45312,
		1.60156,
		3.57812,
		1.72656	],
	"ImageOrientationPatientDICOM": [
		0.997861,
		0.0605407,
		-0.0246432,
		-0.0650535,
		0.956543,
		-0.284243	],
	"InPlanePhaseEncodingDirectionDICOM": "ROW",
	"ConversionSoftware": "dcm2niix",
	"ConversionSoftwareVersion": "v1.0.20230411"
}
