{
    "Modality": "MR",
    "MagneticFieldStrength": 3,
    "ImagingFrequency": 127.771059,
    "Manufacturer": "Philips",
    "ManufacturersModelName": "Ingenia",
    "InstitutionName": "CENTRO BRAIN IMAGING",
    "InstitutionalDepartmentName": "OSP S.G.BATTISTA MOLINETTE",
    "DeviceSerialNumber": "42287",
    "StationName": "PHILIPS-7A7784D",
    "BodyPartExamined": "HEAD",
    "PatientPosition": "HFS",
    "ProcedureStepDescription": "RM ENC.MDC(PRE.INT-NCH)",
    "SoftwareVersions": "4.1.3\\4.1.3.2",
    "MRAcquisitionType": "3D",
    "SeriesDescription": "XL T1 3D tra",
    "ProtocolName": "XL T1 3D tra SENSE",
    "ScanningSequence": "GR",
    "SequenceVariant": "MP",
    "ScanOptions": "SP",
    "PulseSequenceName": "T1TFE",
    "ImageType": [
        "ORIGINAL",
        "PRIMARY",
        "M",
        "FFE",
        "M",
        "FFE"
    ],
    "SeriesNumber": 601,
    "AcquisitionTime": "10:38:10.070000",
    "AcquisitionNumber": 6,
    "PhilipsRescaleSlope": 1.88474,
    "PhilipsRescaleIntercept": 0,
    "PhilipsScaleSlope": 0.0296161,
    "UsePhilipsFloatNotDisplayScaling": 1,
    "SliceThickness": 1,
    "SpacingBetweenSlices": 1,
    "SAR": 0.0407613,
    "EchoTime": 0.002855,
    "RepetitionTime": 0.006209,
    "MTState": false,
    "SpoilingState": true,
    "SpoilingType": "COMBINED",
    "FlipAngle": 8,
    "CoilString": "MULTI COIL",
    "PercentPhaseFOV": 100,
    "PercentSampling": 100,
    "EchoTrainLength": 238,
    "PhaseEncodingSteps": 240,
    "FrequencyEncodingSteps": 240,
    "PhaseEncodingStepsOutOfPlane": 190,
    "AcquisitionMatrixPE": 240,
    "ReconMatrixPE": 240,
    "ParallelReductionFactorInPlane": 1.5,
    "ParallelAcquisitionTechnique": "SENSE",
    "ParallelReductionFactorOutOfPlane": 1.2,
    "WaterFatShift": 1.30118,
    "EstimatedEffectiveEchoSpacing": 1.24798e-05,
    "EstimatedTotalReadoutTime": 0.00298267,
    "AcquisitionDuration": 346.097,
    "PixelBandwidth": 334,
    "PhaseEncodingAxis": "i",
    "ImageOrientationPatientDICOM": [
        0.999239,
        -0.0091795,
        -0.0379177,
        0.00123864,
        0.978899,
        -0.20434
    ],
    "InPlanePhaseEncodingDirectionDICOM": "ROW",
    "ConversionSoftware": "dcm2niix",
    "ConversionSoftwareVersion": "v1.0.20230411",
    "Dcm2bidsVersion": "3.0.1"
}