{
    "Modality": "MR",
    "MagneticFieldStrength": 3,
    "ImagingFrequency": 127.771052,
    "Manufacturer": "Philips",
    "ManufacturersModelName": "Ingenia",
    "InstitutionName": "CENTRO BRAIN IMAGING",
    "InstitutionalDepartmentName": "OSP S.G.BATTISTA MOLINETTE",
    "DeviceSerialNumber": "42287",
    "StationName": "PHILIPS-7A7784D",
    "BodyPartExamined": "HEAD",
    "PatientPosition": "HFS",
    "ProcedureStepDescription": "RM ENC.MDC(PRE.INT-NCH)",
    "SoftwareVersions": "4.1.3\\4.1.3.2",
    "MRAcquisitionType": "3D",
    "SeriesDescription": "3D_Brain_FLAIR",
    "ProtocolName": "3D_Brain_FLAIR SENSE",
    "ScanningSequence": "IR",
    "SequenceVariant": "SK",
    "ScanOptions": "FS",
    "PulseSequenceName": "TIR",
    "ImageType": [
        "ORIGINAL",
        "PRIMARY",
        "M",
        "IR",
        "M",
        "IR"
    ],
    "SeriesNumber": 501,
    "AcquisitionTime": "10:32:23.460000",
    "AcquisitionNumber": 5,
    "PhilipsRescaleSlope": 3.54774,
    "PhilipsRescaleIntercept": 0,
    "PhilipsScaleSlope": 0.0228638,
    "UsePhilipsFloatNotDisplayScaling": 1,
    "SliceThickness": 1.12,
    "SpacingBetweenSlices": 0.56,
    "SAR": 0.0562259,
    "NumberOfAverages": 2,
    "EchoTime": 0.339112,
    "RepetitionTime": 4.8,
    "MTState": false,
    "InversionTime": 1.65,
    "FlipAngle": 90,
    "CoilString": "MULTI COIL",
    "PercentPhaseFOV": 100,
    "PercentSampling": 78.8904,
    "PartialFourierDirection": "FREQUENCY",
    "PhaseEncodingSteps": 224,
    "FrequencyEncodingSteps": 224,
    "PhaseEncodingStepsOutOfPlane": 129,
    "AcquisitionMatrixPE": 224,
    "ReconMatrixPE": 240,
    "ParallelReductionFactorInPlane": 2.8,
    "ParallelAcquisitionTechnique": "SENSE",
    "ParallelReductionFactorOutOfPlane": 2,
    "WaterFatShift": 0.506014,
    "EstimatedEffectiveEchoSpacing": 2.43682e-06,
    "EstimatedTotalReadoutTime": 0.0005824,
    "AcquisitionDuration": 302.4,
    "PixelBandwidth": 859,
    "ImageOrientationPatientDICOM": [
        0.999239,
        -0.0091795,
        -0.0379177,
        0.00123864,
        0.978899,
        -0.20434
    ],
    "InPlanePhaseEncodingDirectionDICOM": "ROW",
    "ConversionSoftware": "dcm2niix",
    "ConversionSoftwareVersion": "v1.0.20230411",
    "Dcm2bidsVersion": "3.0.1"
}