{
    "Modality": "MR",
    "MagneticFieldStrength": 3,
    "ImagingFrequency": 127.771231,
    "Manufacturer": "Philips",
    "ManufacturersModelName": "Ingenia",
    "InstitutionName": "CENTRO BRAIN IMAGING",
    "InstitutionalDepartmentName": "OSP S.G.BATTISTA MOLINETTE",
    "DeviceSerialNumber": "42287",
    "StationName": "HOST-2BABEH6BP7",
    "BodyPartExamined": "HEAD",
    "PatientPosition": "HFS",
    "ProcedureStepDescription": "RM ENC.MDC+SPETTRO+DTI",
    "SoftwareVersions": "5.3.1\\5.3.1.0",
    "MRAcquisitionType": "3D",
    "SeriesDescription": "T1 vol DTI",
    "ProtocolName": "T1 vol DTI",
    "ScanningSequence": "GR",
    "SequenceVariant": "MP",
    "ScanOptions": "OTHER",
    "PulseSequenceName": "TFE",
    "ImageType": [
        "ORIGINAL",
        "PRIMARY",
        "M",
        "FFE",
        "M",
        "FFE"
    ],
    "SeriesNumber": 201,
    "AcquisitionTime": "12:33:23.420000",
    "AcquisitionNumber": 2,
    "PhilipsRescaleSlope": 1,
    "PhilipsRescaleIntercept": 0,
    "PhilipsScaleSlope": 0.00511985,
    "UsePhilipsFloatNotDisplayScaling": 1,
    "SliceThickness": 1,
    "SpacingBetweenSlices": 1,
    "SAR": 0.0243612,
    "EchoTime": 0.003698,
    "RepetitionTime": 0.008082,
    "MTState": false,
    "FlipAngle": 8,
    "CoilString": "MULTI COIL",
    "PercentPhaseFOV": 100,
    "PercentSampling": 100,
    "EchoTrainLength": 128,
    "PhaseEncodingSteps": 256,
    "FrequencyEncodingSteps": 256,
    "PhaseEncodingStepsOutOfPlane": 180,
    "AcquisitionMatrixPE": 256,
    "ReconMatrixPE": 256,
    "ParallelReductionFactorInPlane": 2,
    "ParallelAcquisitionTechnique": "SENSE",
    "ParallelReductionFactorOutOfPlane": 2.6,
    "WaterFatShift": 2.26873,
    "EstimatedEffectiveEchoSpacing": 2.03212e-05,
    "EstimatedTotalReadoutTime": 0.00518192,
    "AcquisitionDuration": 234.276,
    "PixelBandwidth": 191,
    "PhaseEncodingAxis": "i",
    "ImageOrientationPatientDICOM": [
        -0.0233475,
        0.999726,
        -0.00138456,
        -0.0131236,
        -0.0016913,
        -0.999912
    ],
    "InPlanePhaseEncodingDirectionDICOM": "ROW",
    "ConversionSoftware": "dcm2niix",
    "ConversionSoftwareVersion": "v1.0.20230411",
    "Dcm2bidsVersion": "3.0.1"
}