{
    "Modality": "MR",
    "MagneticFieldStrength": 3,
    "ImagingFrequency": 127.771237,
    "Manufacturer": "Philips",
    "ManufacturersModelName": "Ingenia",
    "InstitutionName": "CENTRO BRAIN IMAGING",
    "InstitutionalDepartmentName": "OSP S.G.BATTISTA MOLINETTE",
    "DeviceSerialNumber": "42287",
    "StationName": "HOST-2BABEH6BP7",
    "BodyPartExamined": "HEAD",
    "PatientPosition": "HFS",
    "ProcedureStepDescription": "RM ENC.MDC+SPETTRO+DTI",
    "SoftwareVersions": "5.3.1\\5.3.1.0",
    "MRAcquisitionType": "3D",
    "SeriesDescription": "3D_Brain_FLAIR SENSE",
    "ProtocolName": "3D_Brain_FLAIR SENSE",
    "ScanningSequence": "IR",
    "SequenceVariant": "SK",
    "ScanOptions": "FS",
    "PulseSequenceName": "TIR",
    "ImageType": [
        "ORIGINAL",
        "PRIMARY",
        "M",
        "IR",
        "M",
        "IR"
    ],
    "SeriesNumber": 401,
    "AcquisitionTime": "12:44:28.910000",
    "AcquisitionNumber": 4,
    "PhilipsRescaleSlope": 1,
    "PhilipsRescaleIntercept": 0,
    "PhilipsScaleSlope": 0.0157882,
    "UsePhilipsFloatNotDisplayScaling": 1,
    "SliceThickness": 1.12,
    "SpacingBetweenSlices": 0.56,
    "SAR": 0.0562248,
    "NumberOfAverages": 2,
    "EchoTime": 0.308414,
    "RepetitionTime": 4.8,
    "MTState": false,
    "InversionTime": 1.65,
    "FlipAngle": 90,
    "CoilString": "MULTI COIL",
    "PercentPhaseFOV": 100,
    "PercentSampling": 78.8904,
    "PhaseEncodingSteps": 224,
    "FrequencyEncodingSteps": 224,
    "PhaseEncodingStepsOutOfPlane": 119,
    "AcquisitionMatrixPE": 224,
    "ReconMatrixPE": 448,
    "ParallelReductionFactorInPlane": 2.8,
    "ParallelAcquisitionTechnique": "SENSE",
    "ParallelReductionFactorOutOfPlane": 2,
    "WaterFatShift": 0.412614,
    "EstimatedEffectiveEchoSpacing": 1.06242e-06,
    "EstimatedTotalReadoutTime": 0.0004749,
    "AcquisitionDuration": 273.6,
    "PixelBandwidth": 1053,
    "ImageOrientationPatientDICOM": [
        0.999641,
        0.0240347,
        -0.011818,
        -0.0233475,
        0.998202,
        0.0552055
    ],
    "InPlanePhaseEncodingDirectionDICOM": "ROW",
    "ConversionSoftware": "dcm2niix",
    "ConversionSoftwareVersion": "v1.0.20230411",
    "Dcm2bidsVersion": "3.0.1"
}