{
    "Modality": "MR",
    "MagneticFieldStrength": 3,
    "ImagingFrequency": 123.249917,
    "Manufacturer": "Siemens",
    "ManufacturersModelName": "MAGNETOM Vida",
    "InstitutionName": "anonymized",
    "DeviceSerialNumber": "anonymized",
    "StationName": "anonymized",
    "BodyPartExamined": "HEAD",
    "PatientPosition": "HFS",
    "SoftwareVersions": "syngo MR XA20",
    "MRAcquisitionType": "3D",
    "SeriesDescription": "t1_mp2rage_sag_iso_INV2",
    "ProtocolName": "t1_mp2rage_sag_iso",
    "ScanningSequence": "GR",
    "SequenceVariant": "SK",
    "ScanOptions": "CG\\RG\\PER",
    "SequenceName": "*tfl3d1_16ns",
    "ImageType": [
        "ORIGINAL",
        "PRIMARY",
        "M",
        "NORM",
        "DIS2D",
        "MFSPLIT"
    ],
    "ImageTypeText": [
        "ORIGINAL",
        "PRIMARY"
    ],
    "NonlinearGradientCorrection": true,
    "SeriesNumber": 12001,
    "AcquisitionTime": "07:45:56.242500",
    "AcquisitionNumber": 1,
    "SliceThickness": 1,
    "SAR": 0.0261999,
    "EchoTime": 0.00298,
    "RepetitionTime": 5,
    "InversionTime": 2.5,
    "FlipAngle": 5,
    "PartialFourier": 1,
    "BaseResolution": 256,
    "ShimSetting": [
        -4008,
        -5648,
        -9128,
        -280,
        -112,
        -146,
        -59,
        57
    ],
    "TxRefAmp": 390.704,
    "PhaseResolution": 0.9,
    "ReceiveCoilName": "HeadNeck_20_TCS",
    "ReceiveCoilActiveElements": "HE1-4",
    "CoilString": "HeadNeck_20_TCS",
    "PulseSequenceDetails": "%SiemensSeq%\\tfl",
    "RefLinesPE": 32,
    "CoilCombinationMethod": "Adaptive Combine",
    "MatrixCoilMode": "GRAPPA",
    "PercentPhaseFOV": 93.75,
    "PercentSampling": 90,
    "PhaseEncodingSteps": 216,
    "AcquisitionMatrixPE": 216,
    "ReconMatrixPE": 240,
    "ParallelReductionFactorInPlane": 3,
    "PixelBandwidth": 238,
    "DwellTime": 8.2e-06,
    "ImageOrientationPatientDICOM": [
        2.40496e-06,
        0.980202,
        0.198,
        -1.58654e-06,
        0.198,
        -0.980202
    ],
    "InPlanePhaseEncodingDirectionDICOM": "ROW",
    "ConversionSoftware": "dcm2niix",
    "ConversionSoftwareVersion": "v1.0.20230411",
    "Dcm2bidsVersion": "3.0.1"
}