{
	"Modality": "MR",
	"MagneticFieldStrength": 3,
	"ImagingFrequency": 123.248574,
	"Manufacturer": "Siemens",
	"ManufacturersModelName": "MAGNETOM Vida",
	"InstitutionName": "anonymized",
	"DeviceSerialNumber": "anonymized",
	"StationName": "anonymized",
	"BodyPartExamined": "HEAD",
	"PatientPosition": "HFS",
	"SoftwareVersions": "syngo MR XA60",
	"MRAcquisitionType": "3D",
	"SeriesDescription": "t1_mprage_sag_1mm_iso",
	"ProtocolName": "t1_mprage_sag_1mm_iso",
	"ScanningSequence": "GR",
	"SequenceVariant": "SK",
	"ScanOptions": "PER",
	"SequenceName": "*tfl3d1_208ns",
	"ImageType": ["ORIGINAL", "PRIMARY", "M", "NORM", "DIS2D", "MFSPLIT"],
	"ImageTypeText": ["ORIGINAL", "PRIMARY", "M", "NONE"],
	"NonlinearGradientCorrection": true,
	"SeriesNumber": 38001,
	"AcquisitionTime": "08:32:50.555000",
	"AcquisitionNumber": 1,
	"SliceThickness": 1,
	"SAR": 0.0826723,
	"EchoTime": 0.00226,
	"RepetitionTime": 2.3,
	"InversionTime": 0.9,
	"FlipAngle": 8,
	"PartialFourier": 1,
	"BaseResolution": 256,
	"ShimSetting": [
		-3957,
		-5363,
		-9393,
		11,
		-317,
		-153,
		-45,
		47	],
	"TxRefAmp": 385.784,
	"PhaseResolution": 1,
	"ReceiveCoilName": "HeadNeck_20_TCS",
	"ReceiveCoilActiveElements": "HE1-4;NE1,2",
	"CoilString": "HeadNeck_20_TCS",
	"PulseSequenceDetails": "%SiemensSeq%\\tfl",
	"RefLinesPE": 24,
	"CoilCombinationMethod": "Adaptive Combine",
	"MatrixCoilMode": "GRAPPA",
	"PercentPhaseFOV": 100,
	"PercentSampling": 100,
	"PhaseEncodingSteps": 256,
	"AcquisitionMatrixPE": 256,
	"ReconMatrixPE": 256,
	"ParallelReductionFactorInPlane": 2,
	"PixelBandwidth": 199,
	"DwellTime": 9.8e-06,
	"ImageOrientationPatientDICOM": [
		-0.0305096,
		0.998417,
		0.0472493,
		-0.0379218,
		0.0460811,
		-0.998218	],
	"InPlanePhaseEncodingDirectionDICOM": "ROW",
	"ConversionSoftware": "dcm2niix",
	"ConversionSoftwareVersion": "v1.0.20230411"
}
