{
    "Modality": "MR",
    "MagneticFieldStrength": 3,
    "ImagingFrequency": 123.214356,
    "Manufacturer": "Siemens",
    "ManufacturersModelName": "Skyra",
    "InstitutionName": "Ospedale Bellaria-Neuroradiologia",
    "InstitutionalDepartmentName": "Department",
    "InstitutionAddress": "Via Altura 3 3,Bologna,District,IT,40139",
    "DeviceSerialNumber": "145039",
    "StationName": "AWP145039",
    "BodyPartExamined": "HEAD",
    "PatientPosition": "HFS",
    "ProcedureStepDescription": "RM ENCEFALO CON MDC",
    "SoftwareVersions": "syngo MR E11",
    "MRAcquisitionType": "3D",
    "SeriesDescription": "t2_space_dark-fluid_sag_fs_iso",
    "ProtocolName": "t2_space_dark-fluid_sag_fs_iso",
    "ScanningSequence": "SE\\IR",
    "SequenceVariant": "SK\\SP\\MP",
    "ScanOptions": "IR\\PFP\\FS",
    "SequenceName": "*spcir_284ns",
    "ImageType": [
        "ORIGINAL",
        "SECONDARY",
        "M",
        "ND",
        "NORM"
    ],
    "NonlinearGradientCorrection": false,
    "SeriesNumber": 56,
    "AcquisitionTime": "17:05:43.460000",
    "AcquisitionNumber": 1,
    "SliceThickness": 1,
    "SAR": 0.141795,
    "EchoTime": 0.428,
    "RepetitionTime": 5,
    "SpoilingState": true,
    "InversionTime": 1.8,
    "FlipAngle": 120,
    "VariableFlipAngleFlag": true,
    "PercentPhaseFOV": 100,
    "PercentSampling": 100,
    "EchoTrainLength": 267,
    "PhaseEncodingSteps": 225,
    "AcquisitionMatrixPE": 256,
    "ReconMatrixPE": 256,
    "PixelBandwidth": 780,
    "PhaseEncodingAxis": "i",
    "ImageOrientationPatientDICOM": [
        -0.0347395,
        0.99574,
        0.0854057,
        0.0132638,
        0.0859092,
        -0.996215
    ],
    "InPlanePhaseEncodingDirectionDICOM": "ROW",
    "ConversionSoftware": "dcm2niix",
    "ConversionSoftwareVersion": "v1.0.20230411",
    "Dcm2bidsVersion": "3.0.1"
}