{
    "Modality": "MR",
    "MagneticFieldStrength": 3,
    "ImagingFrequency": 123.249783,
    "Manufacturer": "Siemens",
    "ManufacturersModelName": "MAGNETOM Vida",
    "InstitutionName": "anonymized",
    "DeviceSerialNumber": "anonymized",
    "StationName": "anonymized",
    "BodyPartExamined": "HEAD",
    "PatientPosition": "HFS",
    "SoftwareVersions": "syngo MR XA50",
    "MRAcquisitionType": "3D",
    "SeriesDescription": "t1_space_sag",
    "ProtocolName": "t1_space_sag",
    "ScanningSequence": "SE",
    "SequenceVariant": "SP\\SK",
    "ScanOptions": "PER",
    "SequenceName": "*spcR_42ns",
    "ImageType": [
        "ORIGINAL",
        "PRIMARY",
        "M",
        "NORM",
        "DIS2D",
        "MFSPLIT"
    ],
    "ImageTypeText": [
        "ORIGINAL",
        "PRIMARY",
        "M",
        "NONE"
    ],
    "NonlinearGradientCorrection": true,
    "SeriesNumber": 9001,
    "AcquisitionTime": "16:45:16.765000",
    "AcquisitionNumber": 1,
    "SliceThickness": 1,
    "SAR": 0.521203,
    "EchoTime": 0.011,
    "RepetitionTime": 0.7,
    "FlipAngle": 120,
    "PartialFourier": 1,
    "BaseResolution": 256,
    "ShimSetting": [
        -3964,
        -5535,
        -9135,
        -51,
        -202,
        -591,
        123,
        2
    ],
    "TxRefAmp": 413.03,
    "PhaseResolution": 0.9,
    "ReceiveCoilName": "HeadNeck_20_TCS",
    "ReceiveCoilActiveElements": "HE1-4;NE1,2",
    "CoilString": "1",
    "PulseSequenceDetails": "%SiemensSeq%\\space",
    "RefLinesPE": 24,
    "CoilCombinationMethod": "Adaptive Combine",
    "PercentPhaseFOV": 100,
    "PercentSampling": 90,
    "EchoTrainLength": 42,
    "PhaseEncodingSteps": 230,
    "AcquisitionMatrixPE": 230,
    "ReconMatrixPE": 256,
    "CompressedSensingFactor": 4,
    "PixelBandwidth": 630,
    "DwellTime": 3.1e-06,
    "PhaseEncodingDirection": "i",
    "ImageOrientationPatientDICOM": [
        0.00648646,
        0.999147,
        0.0407811,
        0.0489109,
        0.0404161,
        -0.997985
    ],
    "InPlanePhaseEncodingDirectionDICOM": "ROW",
    "ConversionSoftware": "dcm2niix",
    "ConversionSoftwareVersion": "v1.0.20230411",
    "Dcm2bidsVersion": "3.0.1"
}