{
    "Modality": "MR",
    "MagneticFieldStrength": 3,
    "ImagingFrequency": 123.227159,
    "Manufacturer": "Siemens",
    "ManufacturersModelName": "Skyra",
    "InstitutionName": "+",
    "InstitutionalDepartmentName": "Department",
    "InstitutionAddress": "Via Altura 3 3,Bologna,District,IT,40139",
    "DeviceSerialNumber": "145039",
    "StationName": "AWP145039",
    "BodyPartExamined": "HEAD",
    "PatientPosition": "HFS",
    "ProcedureStepDescription": "RM ENCEFALO CON MDC",
    "SoftwareVersions": "syngo MR E11",
    "MRAcquisitionType": "2D",
    "SeriesDescription": "t2_tse_dark-fluid_fs_tra_4mm",
    "ProtocolName": "t2_tse_dark-fluid_fs_tra_4mm",
    "ScanningSequence": "SE\\IR",
    "SequenceVariant": "SK\\SP\\MP\\OSP",
    "ScanOptions": "IR\\SAT1\\FS",
    "SequenceName": "*tir2d1rs16",
    "ImageType": [
        "ORIGINAL",
        "SECONDARY",
        "M",
        "ND",
        "NORM"
    ],
    "NonlinearGradientCorrection": false,
    "SeriesNumber": 8,
    "AcquisitionTime": "17:02:45.597500",
    "AcquisitionNumber": 1,
    "SliceThickness": 4,
    "SpacingBetweenSlices": 4,
    "SAR": 0.294424,
    "EchoTime": 0.083,
    "RepetitionTime": 9,
    "SpoilingState": true,
    "InversionTime": 2.5,
    "FlipAngle": 150,
    "PartialFourier": 0.0737327,
    "PercentPhaseFOV": 96.875,
    "PercentSampling": 70,
    "EchoTrainLength": 16,
    "PhaseEncodingSteps": 326,
    "AcquisitionMatrixPE": 217,
    "ReconMatrixPE": 312,
    "PixelBandwidth": 290,
    "PhaseEncodingAxis": "i",
    "SliceTiming": [
        0,
        68,
        0.25,
        68.25,
        0.5,
        68.5,
        0.73438,
        68.7344,
        0.98438,
        68.9844,
        1.23438,
        69.2344,
        1.46875,
        69.4688,
        1.71875,
        69.7188,
        1.96875,
        69.9688,
        2.21875,
        70.2188,
        2.45312,
        70.4531,
        2.70312,
        70.7031,
        2.95312,
        70.9531,
        3.1875,
        71.1875,
        3.4375,
        71.4375,
        3.6875,
        71.6875,
        3.92188,
        71.9219,
        4.17188,
        72.1719
    ],
    "ImageOrientationPatientDICOM": [
        0.999578,
        -0.014037,
        0.0254121,
        0.0242546,
        0.884824,
        -0.465294
    ],
    "InPlanePhaseEncodingDirectionDICOM": "ROW",
    "ConversionSoftware": "dcm2niix",
    "ConversionSoftwareVersion": "v1.0.20230411",
    "Dcm2bidsVersion": "3.0.1"
}