{
    "Modality": "MR",
    "MagneticFieldStrength": 1.5,
    "ImagingFrequency": 63.653184,
    "Manufacturer": "Siemens",
    "ManufacturersModelName": "Avanto",
    "InstitutionName": "anonymized",
    "DeviceSerialNumber": "anonymized",
    "StationName": "anonymized",
    "BodyPartExamined": "HEAD",
    "PatientPosition": "HFS",
    "SoftwareVersions": "syngo MR B19",
    "MRAcquisitionType": "2D",
    "SeriesDescription": "t2_tirm_tra_dark-fluid FS",
    "ProtocolName": "t2_tirm_tra_dark-fluid FS",
    "ScanningSequence": "SE\\IR",
    "SequenceVariant": "SK\\SP\\MP\\OSP",
    "ScanOptions": "IR\\FS",
    "SequenceName": "*tir2d1_16",
    "ImageType": [
        "ORIGINAL",
        "PRIMARY",
        "M",
        "ND",
        "NORM",
        "FM",
        "FIL"
    ],
    "NonlinearGradientCorrection": false,
    "SeriesNumber": 4,
    "AcquisitionTime": "08:12:44.497500",
    "AcquisitionNumber": 1,
    "SliceThickness": 5,
    "SpacingBetweenSlices": 6.5,
    "SAR": 0.152679,
    "EchoTime": 0.089,
    "RepetitionTime": 8,
    "SpoilingState": true,
    "InversionTime": 2.37,
    "FlipAngle": 150,
    "PartialFourier": 1,
    "Interpolation2D": 1,
    "BaseResolution": 256,
    "ShimSetting": [
        -47,
        182,
        195,
        0,
        -2147480000.0,
        0,
        0,
        0
    ],
    "TxRefAmp": 217.085,
    "PhaseResolution": 0.9,
    "ReceiveCoilName": "HeadMatrix",
    "CoilString": "C:HE1-4",
    "PulseSequenceDetails": "%SiemensSeq%\\tse",
    "CoilCombinationMethod": "Adaptive Combine",
    "MatrixCoilMode": "SENSE",
    "PercentPhaseFOV": 84.375,
    "PercentSampling": 90,
    "EchoTrainLength": 16,
    "PhaseEncodingSteps": 208,
    "AcquisitionMatrixPE": 194,
    "ReconMatrixPE": 432,
    "PixelBandwidth": 190,
    "DwellTime": 1.03e-05,
    "PhaseEncodingDirection": "i",
    "SliceTiming": [
        0,
        72.4453,
        0.1875,
        72.6406,
        0.375,
        72.8281,
        0.57031,
        73.0156,
        0.75781,
        73.2031,
        0.94531,
        73.3984,
        1.13281,
        73.5859,
        1.32812,
        73.7734,
        1.51562,
        73.9609,
        1.70312,
        74.1562,
        1.89062
    ],
    "ImageOrientationPatientDICOM": [
        0.998983,
        0.0284546,
        -0.0349774,
        -0.0331397,
        0.989364,
        -0.141634
    ],
    "ImageOrientationText": "Tra>Cor(-8.2)>Sag(-1.8)",
    "InPlanePhaseEncodingDirectionDICOM": "ROW",
    "ConversionSoftware": "dcm2niix",
    "ConversionSoftwareVersion": "v1.0.20230411",
    "Dcm2bidsVersion": "3.0.1"
}