{
    "Modality": "MR",
    "MagneticFieldStrength": 1.5,
    "ImagingFrequency": 63.880656,
    "Manufacturer": "GE",
    "ManufacturersModelName": "Signa HDxt",
    "InstitutionName": "Hospital Joan XXIII",
    "DeviceSerialNumber": "00000000MEX70902",
    "StationName": "MR-01",
    "PatientPosition": "HFS",
    "ProcedureStepDescription": "RM cerebral",
    "SoftwareVersions": "24\\LX\\MR Software release:HD16.0_V03_1638.a",
    "MRAcquisitionType": "3D",
    "SeriesDescription": "3D SPGR POST GD",
    "ProtocolName": "CRANI TUMOR 2018/14",
    "ScanningSequence": "GR",
    "SequenceVariant": "SS\\SP\\SK",
    "ScanOptions": "FAST_GEMS\\ACC_GEMS",
    "PulseSequenceName": "efgre3d",
    "ImageType": [
        "ORIGINAL",
        "PRIMARY",
        "OTHER"
    ],
    "SeriesNumber": 12,
    "AcquisitionTime": "11:12:37.000000",
    "AcquisitionNumber": 1,
    "SliceThickness": 1,
    "SpacingBetweenSlices": 1,
    "SAR": 0.16094,
    "EchoTime": 0.005132,
    "RepetitionTime": 0.01254,
    "SpoilingState": true,
    "InversionTime": 0.3,
    "FlipAngle": 20,
    "ShimSetting": [
        0,
        6,
        -14
    ],
    "PrescanReuseString": "TG/s1,CF/s11,AS/s11",
    "CoilString": "8NVHEAD_A",
    "PercentPhaseFOV": 100,
    "PercentSampling": 100,
    "AcquisitionMatrixPE": 256,
    "ReconMatrixPE": 512,
    "ParallelReductionFactorInPlane": 2,
    "PixelBandwidth": 61.0547,
    "ImageOrientationPatientDICOM": [
        0.999445,
        0.0321968,
        -0.0085146,
        -0.0331737,
        0.938112,
        -0.344739
    ],
    "InPlanePhaseEncodingDirectionDICOM": "ROW",
    "ConversionSoftware": "dcm2niix",
    "ConversionSoftwareVersion": "v1.0.20230411",
    "Dcm2bidsVersion": "3.0.1"
}