{
    "Modality": "MR",
    "MagneticFieldStrength": 3,
    "ImagingFrequency": 123.2268,
    "Manufacturer": "Siemens",
    "ManufacturersModelName": "Skyra",
    "InstitutionName": "+",
    "InstitutionalDepartmentName": "Department",
    "InstitutionAddress": "Via Altura 3 3,Bologna,District,IT,40139",
    "DeviceSerialNumber": "145039",
    "StationName": "AWP145039",
    "BodyPartExamined": "HEAD",
    "PatientPosition": "HFS",
    "ProcedureStepDescription": "RM ENCEFALO CON MDC",
    "SoftwareVersions": "syngo MR E11",
    "MRAcquisitionType": "2D",
    "SeriesDescription": "t2_tse_tra_4mm",
    "ProtocolName": "t2_tse_tra_4mm",
    "ScanningSequence": "SE",
    "SequenceVariant": "SK\\SP\\OSP",
    "SequenceName": "*tse2d1_17",
    "ImageType": [
        "ORIGINAL",
        "SECONDARY",
        "M",
        "ND",
        "NORM"
    ],
    "NonlinearGradientCorrection": false,
    "SeriesNumber": 11,
    "AcquisitionTime": "16:18:38.767500",
    "AcquisitionNumber": 1,
    "SliceThickness": 4,
    "SpacingBetweenSlices": 4,
    "SAR": 0.427029,
    "EchoTime": 0.111,
    "RepetitionTime": 3.75,
    "SpoilingState": true,
    "FlipAngle": 150,
    "PartialFourier": 0.0379464,
    "PercentPhaseFOV": 87.5,
    "PercentSampling": 100,
    "EchoTrainLength": 17,
    "PhaseEncodingSteps": 459,
    "AcquisitionMatrixPE": 448,
    "ReconMatrixPE": 448,
    "PixelBandwidth": 220,
    "PhaseEncodingAxis": "i",
    "SliceTiming": [
        65,
        0,
        65.2031,
        0.20312,
        65.3906,
        0.39062,
        65.5938,
        0.59375,
        65.7969,
        0.79688,
        65.9844,
        0.98438,
        66.1875,
        1.1875,
        66.3906,
        1.39062,
        66.5781,
        1.57812,
        66.7812,
        1.78125,
        66.9688,
        1.96875,
        67.1719,
        2.17188,
        67.375,
        2.375,
        67.5625,
        2.5625,
        67.7656,
        2.76562,
        67.9688,
        2.96875,
        68.1562,
        3.15625,
        68.3594,
        3.35938,
        68.5469,
        3.54688
    ],
    "ImageOrientationPatientDICOM": [
        0.993535,
        -0.0319716,
        0.108934,
        0.0799379,
        0.878352,
        -0.471284
    ],
    "InPlanePhaseEncodingDirectionDICOM": "ROW",
    "ConversionSoftware": "dcm2niix",
    "ConversionSoftwareVersion": "v1.0.20230411",
    "Dcm2bidsVersion": "3.0.1"
}