{
    "Modality": "MR",
    "MagneticFieldStrength": 3,
    "ImagingFrequency": 123.226869,
    "Manufacturer": "Siemens",
    "ManufacturersModelName": "Skyra",
    "InstitutionName": "+",
    "InstitutionalDepartmentName": "Department",
    "InstitutionAddress": "Via Altura 3 3,Bologna,District,IT,40139",
    "DeviceSerialNumber": "145039",
    "StationName": "AWP145039",
    "BodyPartExamined": "HEAD",
    "PatientPosition": "HFS",
    "ProcedureStepDescription": "RM ENCEFALO CON MDC",
    "SoftwareVersions": "syngo MR E11",
    "MRAcquisitionType": "2D",
    "SeriesDescription": "t2_tse_tra_4mm",
    "ProtocolName": "t2_tse_tra_4mm",
    "ScanningSequence": "SE",
    "SequenceVariant": "SK\\SP\\OSP",
    "SequenceName": "*tse2d1_17",
    "ImageType": [
        "ORIGINAL",
        "SECONDARY",
        "M",
        "ND",
        "NORM"
    ],
    "NonlinearGradientCorrection": false,
    "SeriesNumber": 11,
    "AcquisitionTime": "09:41:22.075000",
    "AcquisitionNumber": 1,
    "SliceThickness": 4,
    "SpacingBetweenSlices": 4,
    "SAR": 0.44217,
    "EchoTime": 0.111,
    "RepetitionTime": 4.14,
    "SpoilingState": true,
    "FlipAngle": 150,
    "PartialFourier": 0.0379464,
    "PercentPhaseFOV": 87.5,
    "PercentSampling": 100,
    "EchoTrainLength": 17,
    "PhaseEncodingSteps": 459,
    "AcquisitionMatrixPE": 448,
    "ReconMatrixPE": 448,
    "PixelBandwidth": 220,
    "PhaseEncodingAxis": "i",
    "SliceTiming": [
        75.9219,
        0,
        76.1172,
        0.19531,
        76.3125,
        0.39062,
        76.5078,
        0.59375,
        76.7109,
        0.78906,
        76.9062,
        0.98438,
        77.1016,
        1.17969,
        77.2969,
        1.375,
        77.5,
        1.57812,
        77.6953,
        1.77344,
        77.8906,
        1.96875,
        78.0859,
        2.17188,
        78.2812,
        2.36719,
        78.4844,
        2.5625,
        78.6797,
        2.75781,
        78.875,
        2.95312,
        79.0703,
        3.15625,
        79.2734,
        3.35156,
        79.4688,
        3.54688,
        79.6641,
        3.74219,
        79.8594,
        3.9375
    ],
    "ImageOrientationPatientDICOM": [
        0.998657,
        0.00863112,
        -0.0510816,
        -0.0174316,
        0.984513,
        -0.174442
    ],
    "InPlanePhaseEncodingDirectionDICOM": "ROW",
    "ConversionSoftware": "dcm2niix",
    "ConversionSoftwareVersion": "v1.0.20230411",
    "Dcm2bidsVersion": "3.0.1"
}