{
    "Modality": "MR",
    "MagneticFieldStrength": 1.5,
    "ImagingFrequency": 63.624236,
    "Manufacturer": "Siemens",
    "ManufacturersModelName": "Espree",
    "InstitutionName": "anonymized",
    "DeviceSerialNumber": "anonymized",
    "StationName": "anonymized",
    "PatientPosition": "HFS",
    "SoftwareVersions": "syngo MR B19",
    "MRAcquisitionType": "3D",
    "SeriesDescription": "t1_mpr_sag_KM",
    "ProtocolName": "t1_mpr_sag_KM",
    "ScanningSequence": "GR\\IR",
    "SequenceVariant": "SP\\MP\\OSP",
    "ScanOptions": "IR",
    "SequenceName": "*tfl3d1_ns",
    "ImageType": [
        "ORIGINAL",
        "PRIMARY",
        "M",
        "NORM",
        "DIS2D",
        "FM",
        "FIL"
    ],
    "NonlinearGradientCorrection": true,
    "SeriesNumber": 8,
    "AcquisitionTime": "11:28:53.875000",
    "AcquisitionNumber": 1,
    "SliceThickness": 1,
    "SAR": 0.04614,
    "EchoTime": 0.00313,
    "RepetitionTime": 1.69,
    "InversionTime": 0.9,
    "FlipAngle": 15,
    "PartialFourier": 1,
    "BaseResolution": 256,
    "ShimSetting": [
        -3656,
        -7250,
        4271,
        -214,
        402,
        118,
        336,
        55
    ],
    "TxRefAmp": 354.209,
    "PhaseResolution": 0.96,
    "PhaseOversampling": 0.1,
    "ReceiveCoilName": "HeadMatrix",
    "CoilString": "d:HE1-4",
    "PulseSequenceDetails": "%SiemensSeq%\\tfl",
    "RefLinesPE": 50,
    "CoilCombinationMethod": "Adaptive Combine",
    "MatrixCoilMode": "GRAPPA",
    "PercentPhaseFOV": 100,
    "PercentSampling": 96,
    "PhaseEncodingSteps": 270,
    "AcquisitionMatrixPE": 246,
    "ReconMatrixPE": 256,
    "ParallelReductionFactorInPlane": 2,
    "PixelBandwidth": 130,
    "DwellTime": 1.5e-05,
    "ImageOrientationPatientDICOM": [
        0,
        1,
        0,
        0,
        0,
        -1
    ],
    "ImageOrientationText": "Sag",
    "InPlanePhaseEncodingDirectionDICOM": "ROW",
    "ConversionSoftware": "dcm2niix",
    "ConversionSoftwareVersion": "v1.0.20230411",
    "Dcm2bidsVersion": "3.0.1"
}