{
    "Modality": "MR",
    "MagneticFieldStrength": 1.5,
    "ImagingFrequency": 63.886805,
    "Manufacturer": "Philips",
    "ManufacturersModelName": "Achieva dStream",
    "InstitutionName": "AZ.OSP. POLICLINICO",
    "InstitutionalDepartmentName": "NEURORADIOLOGIA",
    "InstitutionAddress": "P.zza G. Cesare BARI",
    "DeviceSerialNumber": "72243",
    "StationName": "HOST-DEB13VRBD8",
    "BodyPartExamined": "BRAIN",
    "PatientPosition": "HFS",
    "SoftwareVersions": "5.3.1\\5.3.1.4",
    "MRAcquisitionType": "3D",
    "SeriesDescription": "3D_FLAIR",
    "ProtocolName": "3D_FLAIR",
    "ScanningSequence": "IR",
    "SequenceVariant": "SK",
    "ScanOptions": "FS",
    "PulseSequenceName": "TIR",
    "ImageType": [
        "ORIGINAL",
        "PRIMARY",
        "M",
        "IR",
        "M",
        "IR"
    ],
    "SeriesNumber": 301,
    "AcquisitionTime": "11:48:21.150000",
    "AcquisitionNumber": 3,
    "PhilipsRescaleSlope": 8.55409,
    "PhilipsRescaleIntercept": 0,
    "PhilipsScaleSlope": 0.0040188,
    "UsePhilipsFloatNotDisplayScaling": 1,
    "SliceThickness": 1,
    "SpacingBetweenSlices": 1,
    "SAR": 0.0355611,
    "NumberOfAverages": 2,
    "EchoTime": 0.286795,
    "RepetitionTime": 4.8,
    "MTState": false,
    "InversionTime": 1.66,
    "FlipAngle": 90,
    "CoilString": "MULTI COIL",
    "PercentPhaseFOV": 100,
    "PercentSampling": 78.5398,
    "PhaseEncodingSteps": 256,
    "FrequencyEncodingSteps": 256,
    "PhaseEncodingStepsOutOfPlane": 210,
    "AcquisitionMatrixPE": 256,
    "ReconMatrixPE": 256,
    "ParallelReductionFactorInPlane": 2,
    "ParallelAcquisitionTechnique": "SENSE",
    "ParallelReductionFactorOutOfPlane": 2,
    "WaterFatShift": 0.246908,
    "EstimatedEffectiveEchoSpacing": 2.22882e-06,
    "EstimatedTotalReadoutTime": 0.00056835,
    "AcquisitionDuration": 590.4,
    "PixelBandwidth": 880,
    "ImageOrientationPatientDICOM": [
        0.999976,
        -0.00611214,
        0.003391,
        0.00597934,
        0.999264,
        0.037878
    ],
    "InPlanePhaseEncodingDirectionDICOM": "COL",
    "ConversionSoftware": "dcm2niix",
    "ConversionSoftwareVersion": "v1.0.20230411",
    "Dcm2bidsVersion": "3.0.1"
}