{
    "Modality": "MR",
    "MagneticFieldStrength": 1.5,
    "ImagingFrequency": 63.886813,
    "Manufacturer": "Philips",
    "ManufacturersModelName": "Achieva dStream",
    "InstitutionName": "AZ.OSP. POLICLINICO",
    "InstitutionalDepartmentName": "NEURORADIOLOGIA",
    "InstitutionAddress": "P.zza G. Cesare BARI",
    "DeviceSerialNumber": "72243",
    "StationName": "HOST-DEB13VRBD8",
    "BodyPartExamined": "BRAIN",
    "PatientPosition": "HFS",
    "SoftwareVersions": "5.3.1\\5.3.1.4",
    "MRAcquisitionType": "3D",
    "SeriesDescription": "3D_T2_Sag",
    "ProtocolName": "3D_T2_Sag",
    "ScanningSequence": "SE",
    "SequenceVariant": "SK",
    "ScanOptions": "FS",
    "PulseSequenceName": "TSE",
    "ImageType": [
        "ORIGINAL",
        "PRIMARY",
        "M",
        "SE",
        "M",
        "SE"
    ],
    "SeriesNumber": 401,
    "AcquisitionTime": "11:58:24.810000",
    "AcquisitionNumber": 4,
    "PhilipsRescaleSlope": 4.08278,
    "PhilipsRescaleIntercept": 0,
    "PhilipsScaleSlope": 0.00397571,
    "UsePhilipsFloatNotDisplayScaling": 1,
    "SliceThickness": 1,
    "SpacingBetweenSlices": 1,
    "SAR": 0.0255962,
    "NumberOfAverages": 2,
    "EchoTime": 0.268054,
    "RepetitionTime": 2.8,
    "MTState": false,
    "FlipAngle": 90,
    "CoilString": "MULTI COIL",
    "PercentPhaseFOV": 100,
    "PercentSampling": 78.5398,
    "PhaseEncodingSteps": 256,
    "FrequencyEncodingSteps": 256,
    "PhaseEncodingStepsOutOfPlane": 230,
    "AcquisitionMatrixPE": 256,
    "ReconMatrixPE": 256,
    "ParallelReductionFactorInPlane": 2,
    "ParallelAcquisitionTechnique": "SENSE",
    "ParallelReductionFactorOutOfPlane": 2,
    "WaterFatShift": 0.280273,
    "EstimatedEffectiveEchoSpacing": 2.53e-06,
    "EstimatedTotalReadoutTime": 0.00064515,
    "AcquisitionDuration": 366.8,
    "PixelBandwidth": 775,
    "ImageOrientationPatientDICOM": [
        0.999976,
        -0.00602144,
        0.00354955,
        0.00597934,
        0.999913,
        0.0117537
    ],
    "InPlanePhaseEncodingDirectionDICOM": "COL",
    "ConversionSoftware": "dcm2niix",
    "ConversionSoftwareVersion": "v1.0.20230411",
    "Dcm2bidsVersion": "3.0.1"
}