{
    "Modality": "MR",
    "MagneticFieldStrength": 1.5,
    "ImagingFrequency": 63.860642,
    "Manufacturer": "Philips",
    "ManufacturersModelName": "Achieva",
    "InstitutionName": "+",
    "InstitutionalDepartmentName": "Radiologia",
    "DeviceSerialNumber": "22251",
    "StationName": "PHILIPS-15F72AA",
    "BodyPartExamined": "BRAIN",
    "PatientPosition": "HFS",
    "ProcedureStepDescription": "RM ENCEFALO SENZA E CON MDC",
    "SoftwareVersions": "3.2.3\\3.2.3.5",
    "MRAcquisitionType": "2D",
    "SeriesDescription": "FLAIR spir 4mm",
    "ProtocolName": "FLAIR spir 4mm CLEAR",
    "ScanningSequence": "IR",
    "SequenceVariant": "SK",
    "ScanOptions": "FS",
    "PulseSequenceName": "TIR",
    "ImageType": [
        "ORIGINAL",
        "SECONDARY",
        "M",
        "IR",
        "M",
        "IR"
    ],
    "SeriesNumber": 2820932113,
    "AcquisitionTime": "12:04:22.580000",
    "AcquisitionNumber": 4,
    "PhilipsRWVSlope": 10.3626,
    "PhilipsRWVIntercept": 0,
    "SliceThickness": 4,
    "SpacingBetweenSlices": 5,
    "SAR": 0.625138,
    "NumberOfAverages": 2,
    "EchoTime": 0.14,
    "RepetitionTime": 11,
    "MTState": false,
    "InversionTime": 2.8,
    "FlipAngle": 90,
    "CoilString": "SENSE-NV-16",
    "PercentPhaseFOV": 87.5,
    "PercentSampling": 79.9107,
    "PartialFourierDirection": "FREQUENCY",
    "PhaseEncodingSteps": 165,
    "FrequencyEncodingSteps": 256,
    "PhaseEncodingStepsOutOfPlane": 1,
    "AcquisitionMatrixPE": 165,
    "ReconMatrixPE": 288,
    "AcquisitionDuration": 231,
    "PixelBandwidth": 298,
    "PhaseEncodingAxis": "i",
    "ImageOrientationPatientDICOM": [
        0.998819,
        -0.0485963,
        -2.48482e-06,
        0.048179,
        0.990249,
        -0.130716
    ],
    "InPlanePhaseEncodingDirectionDICOM": "ROW",
    "ConversionSoftware": "dcm2niix",
    "ConversionSoftwareVersion": "v1.0.20230411",
    "Dcm2bidsVersion": "3.0.1"
}