{
    "Modality": "MR",
    "MagneticFieldStrength": 1.5,
    "ImagingFrequency": 63.860649,
    "Manufacturer": "Philips",
    "ManufacturersModelName": "Achieva",
    "InstitutionName": "+",
    "InstitutionalDepartmentName": "Radiologia",
    "DeviceSerialNumber": "22251",
    "StationName": "PHILIPS-15F72AA",
    "BodyPartExamined": "BRAIN",
    "PatientPosition": "HFS",
    "ProcedureStepDescription": "RM ENCEFALO SENZA E CON MDC",
    "SoftwareVersions": "3.2.3\\3.2.3.5",
    "MRAcquisitionType": "2D",
    "SeriesDescription": "T1w SE",
    "ProtocolName": "T1w SE CLEAR",
    "ScanningSequence": "SE",
    "SequenceVariant": "OSP",
    "ScanOptions": "OTHER",
    "PulseSequenceName": "SE",
    "ImageType": [
        "ORIGINAL",
        "SECONDARY",
        "M",
        "SE",
        "M",
        "SE"
    ],
    "SeriesNumber": 1104814857,
    "AcquisitionTime": "12:09:3.080000",
    "AcquisitionNumber": 5,
    "PhilipsRWVSlope": 3.00195,
    "PhilipsRWVIntercept": 0,
    "SliceThickness": 5,
    "SpacingBetweenSlices": 6,
    "SAR": 1.19101,
    "NumberOfAverages": 2,
    "EchoTime": 0.015,
    "RepetitionTime": 0.45,
    "MTState": false,
    "FlipAngle": 69,
    "CoilString": "SENSE-NV-16",
    "PercentPhaseFOV": 82.8125,
    "PercentSampling": 80.1887,
    "PartialFourierDirection": "FREQUENCY",
    "PhaseEncodingSteps": 205,
    "FrequencyEncodingSteps": 256,
    "PhaseEncodingStepsOutOfPlane": 1,
    "AcquisitionMatrixPE": 205,
    "ReconMatrixPE": 256,
    "AcquisitionDuration": 309.6,
    "PixelBandwidth": 109,
    "PhaseEncodingAxis": "i",
    "ImageOrientationPatientDICOM": [
        0.998819,
        -0.0485963,
        -2.48482e-06,
        0.048179,
        0.990249,
        -0.130716
    ],
    "InPlanePhaseEncodingDirectionDICOM": "ROW",
    "ConversionSoftware": "dcm2niix",
    "ConversionSoftwareVersion": "v1.0.20230411",
    "Dcm2bidsVersion": "3.0.1"
}