{
    "Modality": "MR",
    "MagneticFieldStrength": 3,
    "ImagingFrequency": 123.226861,
    "Manufacturer": "Siemens",
    "ManufacturersModelName": "Skyra",
    "InstitutionName": "+",
    "InstitutionalDepartmentName": "Department",
    "InstitutionAddress": "Via Altura 3 3,Bologna,District,IT,40139",
    "DeviceSerialNumber": "145039",
    "StationName": "AWP145039",
    "BodyPartExamined": "HEAD",
    "PatientPosition": "HFS",
    "ProcedureStepDescription": "RM CEREBRALE NEURONAVIGATORE CON MDC",
    "SoftwareVersions": "syngo MR E11",
    "MRAcquisitionType": "2D",
    "SeriesDescription": "t2_tse_tra_4mm",
    "ProtocolName": "t2_tse_tra_4mm",
    "ScanningSequence": "SE",
    "SequenceVariant": "SK\\SP\\OSP",
    "SequenceName": "*tse2d1_17",
    "ImageType": [
        "ORIGINAL",
        "SECONDARY",
        "M",
        "ND",
        "NORM"
    ],
    "NonlinearGradientCorrection": false,
    "SeriesNumber": 11,
    "AcquisitionTime": "08:53:32.775000",
    "AcquisitionNumber": 1,
    "SliceThickness": 4,
    "SpacingBetweenSlices": 4,
    "SAR": 0.510198,
    "EchoTime": 0.111,
    "RepetitionTime": 4,
    "SpoilingState": true,
    "FlipAngle": 150,
    "PartialFourier": 0.0379464,
    "PercentPhaseFOV": 87.5,
    "PercentSampling": 100,
    "EchoTrainLength": 17,
    "PhaseEncodingSteps": 459,
    "AcquisitionMatrixPE": 448,
    "ReconMatrixPE": 448,
    "PixelBandwidth": 220,
    "PhaseEncodingAxis": "i",
    "SliceTiming": [
        72,
        0,
        72.2031,
        0.20312,
        72.3984,
        0.39844,
        72.6016,
        0.60156,
        72.8047,
        0.80469,
        73,
        1,
        73.2031,
        1.20312,
        73.3984,
        1.39844,
        73.6016,
        1.60156,
        73.8047,
        1.80469,
        74,
        2,
        74.2031,
        2.20312,
        74.3984,
        2.39844,
        74.6016,
        2.60156,
        74.8047,
        2.80469,
        75,
        3,
        75.2031,
        3.20312,
        75.3984,
        3.39844,
        75.6016,
        3.60156,
        75.8047,
        3.80469
    ],
    "ImageOrientationPatientDICOM": [
        0.993608,
        0.0048609,
        0.11278,
        0.0143946,
        0.985461,
        -0.169293
    ],
    "InPlanePhaseEncodingDirectionDICOM": "ROW",
    "ConversionSoftware": "dcm2niix",
    "ConversionSoftwareVersion": "v1.0.20230411",
    "Dcm2bidsVersion": "3.0.1"
}