{
    "Modality": "MR",
    "MagneticFieldStrength": 1.5,
    "ImagingFrequency": 63.882187,
    "Manufacturer": "Philips",
    "ManufacturersModelName": "Ingenia",
    "InstitutionName": "AZ. OSP. UNIV. POL. G. MARTINO",
    "InstitutionalDepartmentName": "Risonanza",
    "InstitutionAddress": "Via Consolare Valeria 1 98125 Messina",
    "DeviceSerialNumber": "70300",
    "StationName": "PHILIPS-MFLUCNI",
    "BodyPartExamined": "BRAIN",
    "PatientPosition": "HFS",
    "ProcedureStepDescription": "Cervello, tronco encefalico RMN, senza e con contrasto",
    "SoftwareVersions": "5.3.1\\5.3.1.1",
    "MRAcquisitionType": "3D",
    "SeriesDescription": "3D_FLAIR SENSE",
    "ProtocolName": "3D_FLAIR SENSE",
    "ScanningSequence": "IR",
    "SequenceVariant": "SK",
    "ScanOptions": "FS",
    "PulseSequenceName": "TIR",
    "ImageType": [
        "ORIGINAL",
        "PRIMARY",
        "M",
        "IR",
        "M",
        "IR"
    ],
    "SeriesNumber": 401,
    "AcquisitionTime": "13:41:4.550000",
    "AcquisitionNumber": 4,
    "PhilipsRescaleSlope": 6.76239,
    "PhilipsRescaleIntercept": 0,
    "PhilipsScaleSlope": 0.0111667,
    "UsePhilipsFloatNotDisplayScaling": 1,
    "SliceThickness": 1.6,
    "SpacingBetweenSlices": 0.8,
    "SAR": 0.0209779,
    "NumberOfAverages": 2,
    "EchoTime": 0.296946,
    "RepetitionTime": 5.2,
    "MTState": false,
    "InversionTime": 1.66,
    "FlipAngle": 90,
    "CoilString": "MULTI COIL",
    "PercentPhaseFOV": 100,
    "PercentSampling": 78.113,
    "PhaseEncodingSteps": 184,
    "FrequencyEncodingSteps": 184,
    "PhaseEncodingStepsOutOfPlane": 110,
    "AcquisitionMatrixPE": 184,
    "ReconMatrixPE": 320,
    "ParallelReductionFactorInPlane": 2.59,
    "ParallelAcquisitionTechnique": "SENSE",
    "ParallelReductionFactorOutOfPlane": 2,
    "WaterFatShift": 0.207817,
    "EstimatedEffectiveEchoSpacing": 1.49969e-06,
    "EstimatedTotalReadoutTime": 0.0004784,
    "AcquisitionDuration": 192.4,
    "PixelBandwidth": 1045,
    "ImageOrientationPatientDICOM": [
        0.127926,
        0.988706,
        0.078073,
        -0.00843651,
        0.0798017,
        -0.996775
    ],
    "InPlanePhaseEncodingDirectionDICOM": "ROW",
    "ConversionSoftware": "dcm2niix",
    "ConversionSoftwareVersion": "v1.0.20230411",
    "Dcm2bidsVersion": "3.0.1"
}