{
    "Modality": "MR",
    "MagneticFieldStrength": 1,
    "ImagingFrequency": 42.580672,
    "Manufacturer": "Philips",
    "ManufacturersModelName": "Panorama HFO",
    "InstitutionName": "Ospedale Koelliker",
    "InstitutionalDepartmentName": "Risonanza magnetica",
    "DeviceSerialNumber": "19232",
    "StationName": "PHILIPS-19C2124",
    "BodyPartExamined": "HEAD",
    "PatientPosition": "HFS",
    "ProcedureStepDescription": "RM ENCEFALO E TRONCO ENC. CON MDC + PRESENZA ANESTESISTA",
    "SoftwareVersions": "3.2.3\\3.2.3.5",
    "MRAcquisitionType": "2D",
    "SeriesDescription": "FLAIR_longTR",
    "ProtocolName": "FLAIR_longTR SENSE",
    "ScanningSequence": "IR",
    "SequenceVariant": "SK",
    "ScanOptions": "OTHER",
    "PulseSequenceName": "TIR",
    "ImageType": [
        "ORIGINAL",
        "PRIMARY",
        "M",
        "IR",
        "M",
        "IR"
    ],
    "SeriesNumber": 501,
    "AcquisitionTime": "08:27:4.000000",
    "AcquisitionNumber": 5,
    "PhilipsRescaleSlope": 4.88254,
    "PhilipsRescaleIntercept": 0,
    "PhilipsScaleSlope": 0.0173825,
    "UsePhilipsFloatNotDisplayScaling": 1,
    "SliceThickness": 5,
    "SpacingBetweenSlices": 6,
    "SAR": 0.135595,
    "NumberOfAverages": 2,
    "EchoTime": 0.14,
    "RepetitionTime": 10,
    "MTState": false,
    "InversionTime": 2.8,
    "FlipAngle": 90,
    "CoilString": "SENSE-Head",
    "PercentPhaseFOV": 75.4098,
    "PercentSampling": 82.6087,
    "PartialFourierDirection": "FREQUENCY",
    "PhaseEncodingSteps": 141,
    "FrequencyEncodingSteps": 244,
    "PhaseEncodingStepsOutOfPlane": 1,
    "AcquisitionMatrixPE": 141,
    "ReconMatrixPE": 512,
    "ParallelReductionFactorInPlane": 1.2,
    "ParallelAcquisitionTechnique": "SENSE",
    "WaterFatShift": 0.460237,
    "EstimatedEffectiveEchoSpacing": 3.11057e-06,
    "EstimatedTotalReadoutTime": 0.0015895,
    "AcquisitionDuration": 150,
    "PixelBandwidth": 315,
    "PhaseEncodingAxis": "i",
    "ImageOrientationPatientDICOM": [
        0.997252,
        -0.0650335,
        0.0354903,
        0.0408555,
        0.0831184,
        -0.995702
    ],
    "InPlanePhaseEncodingDirectionDICOM": "ROW",
    "ConversionSoftware": "dcm2niix",
    "ConversionSoftwareVersion": "v1.0.20230411",
    "Dcm2bidsVersion": "3.0.1"
}