{
    "Modality": "MR",
    "MagneticFieldStrength": 3,
    "ImagingFrequency": 123.226861,
    "Manufacturer": "Siemens",
    "ManufacturersModelName": "Skyra",
    "InstitutionName": "+",
    "InstitutionalDepartmentName": "Department",
    "InstitutionAddress": "Via Altura 3 3,Bologna,District,IT,40139",
    "DeviceSerialNumber": "145039",
    "StationName": "AWP145039",
    "BodyPartExamined": "HEAD",
    "PatientPosition": "HFS",
    "ProcedureStepDescription": "RM ENCEFALO CON MDC",
    "SoftwareVersions": "syngo MR E11",
    "MRAcquisitionType": "2D",
    "SeriesDescription": "t2_tse_dark-fluid_cor_FS_3mm",
    "ProtocolName": "t2_tse_dark-fluid_cor_FS_3mm",
    "ScanningSequence": "SE\\IR",
    "SequenceVariant": "SK\\SP\\MP",
    "ScanOptions": "IR\\FS",
    "SequenceName": "*tir2d1_16",
    "ImageType": [
        "ORIGINAL",
        "SECONDARY",
        "M",
        "ND",
        "NORM"
    ],
    "NonlinearGradientCorrection": false,
    "SeriesNumber": 13,
    "AcquisitionTime": "19:04:11.622500",
    "AcquisitionNumber": 1,
    "SliceThickness": 3,
    "SpacingBetweenSlices": 3,
    "SAR": 0.429726,
    "EchoTime": 0.091,
    "RepetitionTime": 9,
    "SpoilingState": true,
    "InversionTime": 2.5,
    "FlipAngle": 150,
    "PartialFourier": 0.0714286,
    "PercentPhaseFOV": 87.5,
    "PercentSampling": 100,
    "EchoTrainLength": 16,
    "PhaseEncodingSteps": 224,
    "AcquisitionMatrixPE": 224,
    "ReconMatrixPE": 224,
    "PixelBandwidth": 285,
    "PhaseEncodingAxis": "i",
    "SliceTiming": [
        4.17188,
        98.9844,
        3.98438,
        98.7969,
        3.79688,
        98.5938,
        3.59375,
        98.4062,
        3.40625,
        98.2188,
        3.21875,
        98.0312,
        3.03125,
        97.8438,
        2.84375,
        97.6562,
        2.65625,
        97.4688,
        2.46875,
        97.2812,
        2.28125,
        97.0938,
        2.09375,
        96.8906,
        1.89062,
        96.7031,
        1.70312,
        96.5156,
        1.51562,
        96.3281,
        1.32812,
        96.1406,
        1.14062,
        95.9531,
        0.95312,
        95.7656,
        0.76562,
        95.5781,
        0.57812,
        95.375,
        0.375,
        95.1875,
        0.1875,
        95,
        0
    ],
    "ImageOrientationPatientDICOM": [
        0.987543,
        -0.147663,
        -0.054347,
        -0.0185111,
        0.233969,
        -0.972068
    ],
    "InPlanePhaseEncodingDirectionDICOM": "ROW",
    "ConversionSoftware": "dcm2niix",
    "ConversionSoftwareVersion": "v1.0.20230411",
    "Dcm2bidsVersion": "3.0.1"
}