{
    "Modality": "MR",
    "MagneticFieldStrength": 3,
    "ImagingFrequency": 123.250023,
    "Manufacturer": "Siemens",
    "ManufacturersModelName": "MAGNETOM Vida",
    "InstitutionName": "anonymized",
    "DeviceSerialNumber": "anonymized",
    "StationName": "anonymized",
    "BodyPartExamined": "HEAD",
    "PatientPosition": "HFS",
    "SoftwareVersions": "syngo MR XA20",
    "MRAcquisitionType": "2D",
    "SeriesDescription": "t1_fl2d_sag_4mm",
    "ProtocolName": "t1_fl2d_sag_4mm",
    "ScanningSequence": "GR",
    "SequenceVariant": "SK",
    "ScanOptions": "CG\\RG\\PER",
    "SequenceName": "*fl2d1",
    "ImageType": [
        "ORIGINAL",
        "PRIMARY",
        "M",
        "NORM",
        "DIS2D",
        "MFSPLIT"
    ],
    "ImageTypeText": [
        "ORIGINAL",
        "PRIMARY",
        "M",
        "NONE"
    ],
    "NonlinearGradientCorrection": true,
    "SeriesNumber": 8001,
    "AcquisitionTime": "16:21:0.932500",
    "AcquisitionNumber": 1,
    "SliceThickness": 4,
    "SpacingBetweenSlices": 4.4,
    "SAR": 1.00764,
    "EchoTime": 0.00261,
    "RepetitionTime": 0.254,
    "FlipAngle": 70,
    "PartialFourier": 1,
    "BaseResolution": 448,
    "ShimSetting": [
        -3969,
        -5398,
        -9354,
        42,
        -207,
        -93,
        34,
        68
    ],
    "TxRefAmp": 395.426,
    "PhaseResolution": 0.8,
    "PhaseOversampling": 0.4,
    "ReceiveCoilName": "HeadNeck_20_TCS",
    "ReceiveCoilActiveElements": "HE1-4",
    "CoilString": "HeadNeck_20_TCS",
    "PulseSequenceDetails": "%SiemensSeq%\\gre",
    "CoilCombinationMethod": "Adaptive Combine",
    "MatrixCoilMode": "SENSE",
    "PercentPhaseFOV": 100,
    "PercentSampling": 80,
    "PhaseEncodingSteps": 358,
    "AcquisitionMatrixPE": 358,
    "ReconMatrixPE": 448,
    "PixelBandwidth": 372,
    "DwellTime": 3e-06,
    "PhaseEncodingDirection": "i",
    "SliceTiming": [
        0,
        0.13,
        0.0075,
        0.1375,
        0.015,
        0.145,
        0.0225,
        0.1525,
        0.03,
        0.16,
        0.0375,
        0.1675,
        0.045,
        0.175,
        0.05,
        0.1825,
        0.0575,
        0.19,
        0.065,
        0.195,
        0.0725,
        0.2025,
        0.08,
        0.21,
        0.0875,
        0.2175,
        0.095,
        0.225,
        0.1025,
        0.2325,
        0.11,
        0.24,
        0.1175,
        0.2475,
        0.1225
    ],
    "ImageOrientationPatientDICOM": [
        -0.0360729,
        0.906272,
        0.421154,
        0.0562133,
        0.422601,
        -0.904571
    ],
    "InPlanePhaseEncodingDirectionDICOM": "ROW",
    "ConversionSoftware": "dcm2niix",
    "ConversionSoftwareVersion": "v1.0.20230411",
    "Dcm2bidsVersion": "3.0.1"
}