{
    "Modality": "MR",
    "MagneticFieldStrength": 1.5,
    "ImagingFrequency": 63.687673,
    "Manufacturer": "Siemens",
    "ManufacturersModelName": "Aera",
    "InstitutionName": "+",
    "InstitutionalDepartmentName": "Department",
    "InstitutionAddress": "Via Altura 3,Bologna,District,IT,40139",
    "DeviceSerialNumber": "141067",
    "StationName": "NR-RM15-DICOM",
    "BodyPartExamined": "HEAD",
    "PatientPosition": "HFS",
    "ProcedureStepDescription": "RM ENCEFALO CON MDC",
    "SoftwareVersions": "syngo MR E11",
    "MRAcquisitionType": "2D",
    "SeriesDescription": "t2_tse_tra",
    "ProtocolName": "t2_tse_tra",
    "ScanningSequence": "SE",
    "SequenceVariant": "SK\\SP\\OSP",
    "SequenceName": "*tse2d1_20",
    "ImageType": [
        "ORIGINAL",
        "SECONDARY",
        "M",
        "ND",
        "NORM"
    ],
    "NonlinearGradientCorrection": false,
    "SeriesNumber": 8,
    "AcquisitionTime": "12:50:49.377500",
    "AcquisitionNumber": 1,
    "SliceThickness": 4,
    "SpacingBetweenSlices": 4,
    "SAR": 0.368791,
    "EchoTime": 0.098,
    "RepetitionTime": 4,
    "SpoilingState": true,
    "FlipAngle": 150,
    "PartialFourier": 0.08,
    "PercentPhaseFOV": 78.125,
    "PercentSampling": 100,
    "EchoTrainLength": 20,
    "PhaseEncodingSteps": 260,
    "AcquisitionMatrixPE": 250,
    "ReconMatrixPE": 252,
    "PixelBandwidth": 190,
    "PhaseEncodingAxis": "i",
    "SliceTiming": [
        56,
        0,
        56.2031,
        0.20312,
        56.4062,
        0.40625,
        56.6016,
        0.60156,
        56.8047,
        0.80469,
        57,
        1,
        57.2031,
        1.20312,
        57.4062,
        1.40625,
        57.6016,
        1.60156,
        57.8047,
        1.80469,
        58,
        2,
        58.2031,
        2.20312,
        58.4062,
        2.40625,
        58.6016,
        2.60156,
        58.8047,
        2.80469,
        59,
        3,
        59.2031,
        3.20312,
        59.4062,
        3.40625,
        59.6016,
        3.60156,
        59.8047,
        3.80469
    ],
    "ImageOrientationPatientDICOM": [
        0.99912,
        0.0268834,
        0.0321838,
        -0.0261629,
        0.999402,
        -0.0226046
    ],
    "InPlanePhaseEncodingDirectionDICOM": "ROW",
    "ConversionSoftware": "dcm2niix",
    "ConversionSoftwareVersion": "v1.0.20230411",
    "Dcm2bidsVersion": "3.0.1"
}