{
    "Modality": "MR",
    "MagneticFieldStrength": 1.5,
    "ImagingFrequency": 63.882226,
    "Manufacturer": "Philips",
    "ManufacturersModelName": "Ingenia",
    "InstitutionName": "AZ. OSP. UNIV. POL. G. MARTINO",
    "InstitutionalDepartmentName": "Risonanza",
    "InstitutionAddress": "Via Consolare Valeria 1 98125 Messina",
    "DeviceSerialNumber": "70300",
    "StationName": "PHILIPS-MFLUCNI",
    "BodyPartExamined": "BRAIN",
    "PatientPosition": "HFS",
    "ProcedureStepDescription": "Cervello, tronco encefalico RMN, senza e con contrasto",
    "SoftwareVersions": "5.3.1\\5.3.1.1",
    "MRAcquisitionType": "3D",
    "SeriesDescription": "sT1W_3D_ISO",
    "ProtocolName": "sT1W_3D_ISO",
    "ScanningSequence": "GR",
    "SequenceVariant": "SP",
    "ScanOptions": "OTHER",
    "PulseSequenceName": "T1FFE",
    "ImageType": [
        "ORIGINAL",
        "PRIMARY",
        "M",
        "FFE",
        "M",
        "FFE"
    ],
    "SeriesNumber": 1301,
    "AcquisitionTime": "08:57:48.540000",
    "AcquisitionNumber": 13,
    "PhilipsRescaleSlope": 2.06667,
    "PhilipsRescaleIntercept": 0,
    "PhilipsScaleSlope": 0.0138737,
    "UsePhilipsFloatNotDisplayScaling": 1,
    "SliceThickness": 1.1,
    "SpacingBetweenSlices": 1.1,
    "SAR": 0.0309854,
    "EchoTime": 0.004604,
    "RepetitionTime": 0.025,
    "MTState": false,
    "SpoilingState": true,
    "SpoilingType": "COMBINED",
    "FlipAngle": 30,
    "CoilString": "MULTI COIL",
    "PercentPhaseFOV": 103.896,
    "PercentSampling": 78.9345,
    "PhaseEncodingSteps": 201,
    "FrequencyEncodingSteps": 199,
    "PhaseEncodingStepsOutOfPlane": 161,
    "AcquisitionMatrixPE": 201,
    "ReconMatrixPE": 320,
    "ParallelReductionFactorInPlane": 2,
    "ParallelAcquisitionTechnique": "SENSE",
    "ParallelReductionFactorOutOfPlane": 2,
    "WaterFatShift": 1.19104,
    "EstimatedEffectiveEchoSpacing": 8.59498e-06,
    "EstimatedTotalReadoutTime": 0.0027418,
    "AcquisitionDuration": 219.825,
    "PixelBandwidth": 182,
    "ImageOrientationPatientDICOM": [
        0,
        1,
        0,
        0,
        0,
        -1
    ],
    "InPlanePhaseEncodingDirectionDICOM": "ROW",
    "ConversionSoftware": "dcm2niix",
    "ConversionSoftwareVersion": "v1.0.20230411",
    "Dcm2bidsVersion": "3.0.1"
}