{
    "Modality": "MR",
    "MagneticFieldStrength": 1.5,
    "ImagingFrequency": 63.687823,
    "Manufacturer": "Siemens",
    "ManufacturersModelName": "Aera",
    "InstitutionName": "+",
    "InstitutionalDepartmentName": "Department",
    "InstitutionAddress": "Via Altura 3,Bologna,District,IT,40139",
    "DeviceSerialNumber": "141067",
    "StationName": "NR-RM15-DICOM",
    "BodyPartExamined": "HEAD",
    "PatientPosition": "HFS",
    "ProcedureStepDescription": "RM CEREBRALE NEURONAVIGATORE CON MDC",
    "SoftwareVersions": "syngo MR E11",
    "MRAcquisitionType": "3D",
    "SeriesDescription": "t2_space_dark-fluid_sag_p2_iso",
    "ProtocolName": "t2_space_dark-fluid_sag_p2_iso",
    "ScanningSequence": "SE\\IR",
    "SequenceVariant": "SK\\SP\\MP\\OSP",
    "ScanOptions": "IR\\PFP\\FS",
    "SequenceName": "*spcir_242ns",
    "ImageType": [
        "ORIGINAL",
        "SECONDARY",
        "M",
        "ND",
        "NORM"
    ],
    "NonlinearGradientCorrection": false,
    "SeriesNumber": 5,
    "AcquisitionTime": "11:15:8.845000",
    "AcquisitionNumber": 1,
    "SliceThickness": 1,
    "SAR": 0.0346308,
    "EchoTime": 0.335,
    "RepetitionTime": 5,
    "SpoilingState": true,
    "InversionTime": 1.8,
    "FlipAngle": 120,
    "VariableFlipAngleFlag": true,
    "PercentPhaseFOV": 87.5,
    "PercentSampling": 98,
    "EchoTrainLength": 214,
    "PhaseEncodingSteps": 191,
    "AcquisitionMatrixPE": 220,
    "ReconMatrixPE": 224,
    "PixelBandwidth": 590,
    "PhaseEncodingAxis": "i",
    "ImageOrientationPatientDICOM": [
        -0.0274247,
        0.999624,
        8.99964e-09,
        -0.0123025,
        -0.000337512,
        -0.999924
    ],
    "InPlanePhaseEncodingDirectionDICOM": "ROW",
    "ConversionSoftware": "dcm2niix",
    "ConversionSoftwareVersion": "v1.0.20230411",
    "Dcm2bidsVersion": "3.0.1"
}