{
    "Modality": "MR",
    "MagneticFieldStrength": 1.5,
    "ImagingFrequency": 63.653291,
    "Manufacturer": "Siemens",
    "ManufacturersModelName": "Avanto",
    "InstitutionName": "anonymized",
    "DeviceSerialNumber": "anonymized",
    "StationName": "anonymized",
    "BodyPartExamined": "HEAD",
    "PatientPosition": "HFS",
    "SoftwareVersions": "syngo MR B19",
    "MRAcquisitionType": "2D",
    "SeriesDescription": "t1_fl2d_tra",
    "ProtocolName": "t1_fl2d_tra",
    "ScanningSequence": "GR",
    "SequenceVariant": "SP\\OSP",
    "SequenceName": "*fl2d1",
    "ImageType": [
        "ORIGINAL",
        "PRIMARY",
        "M",
        "ND",
        "NORM"
    ],
    "NonlinearGradientCorrection": false,
    "SeriesNumber": 11,
    "AcquisitionTime": "15:17:32.860000",
    "AcquisitionNumber": 1,
    "SliceThickness": 5,
    "SpacingBetweenSlices": 6.5,
    "SAR": 0.131021,
    "NumberOfAverages": 2,
    "EchoTime": 0.00476,
    "RepetitionTime": 0.212,
    "FlipAngle": 70,
    "PartialFourier": 1,
    "BaseResolution": 384,
    "ShimSetting": [
        -33,
        209,
        160,
        0,
        -2147480000.0,
        0,
        0,
        0
    ],
    "TxRefAmp": 206.701,
    "PhaseResolution": 0.75,
    "PhaseOversampling": 0.15,
    "ReceiveCoilName": "HeadMatrix",
    "CoilString": "C:HE1-4",
    "PulseSequenceDetails": "%SiemensSeq%\\gre",
    "CoilCombinationMethod": "Adaptive Combine",
    "MatrixCoilMode": "SENSE",
    "PercentPhaseFOV": 81.25,
    "PercentSampling": 75,
    "PhaseEncodingSteps": 270,
    "AcquisitionMatrixPE": 234,
    "ReconMatrixPE": 312,
    "PixelBandwidth": 148,
    "DwellTime": 8.8e-06,
    "PhaseEncodingDirection": "i",
    "SliceTiming": [
        0,
        0.10938,
        0.01562,
        0.125,
        0.01562,
        0.14062,
        0.03125,
        0.14062,
        0.04688,
        0.15625,
        0.04688,
        0.15625,
        0.0625,
        0.17188,
        0.07812,
        0.1875,
        0.07812,
        0.1875,
        0.09375,
        0.20312,
        0.10938
    ],
    "ImageOrientationPatientDICOM": [
        0.999994,
        0.000748351,
        0.00326745,
        1.83883e-10,
        0.974761,
        -0.223252
    ],
    "ImageOrientationText": "Tra>Cor(-12.9)>Sag(0.2)",
    "InPlanePhaseEncodingDirectionDICOM": "ROW",
    "ConversionSoftware": "dcm2niix",
    "ConversionSoftwareVersion": "v1.0.20230411",
    "Dcm2bidsVersion": "3.0.1"
}