{
    "Modality": "MR",
    "MagneticFieldStrength": 1.5,
    "ImagingFrequency": 63.890796,
    "Manufacturer": "Philips",
    "ManufacturersModelName": "Ingenia",
    "InstitutionName": "OO. RR. FOGGIA",
    "InstitutionalDepartmentName": "Radiologia",
    "DeviceSerialNumber": "70946",
    "StationName": "HOST-FCNEH0GHIB",
    "BodyPartExamined": "BRAIN",
    "PatientPosition": "HFS",
    "ProcedureStepDescription": "RM CERVELLO E TRONCO ENCEFALICO(SENZA/CON CONTR)",
    "SoftwareVersions": "5.3.1\\5.3.1.1",
    "MRAcquisitionType": "3D",
    "SeriesDescription": "sT1W_3D_TFE",
    "ProtocolName": "sT1W_3D_TFE",
    "ScanningSequence": "GR",
    "SequenceVariant": "MP",
    "ScanOptions": "OTHER",
    "ImageType": [
        "ORIGINAL",
        "PRIMARY",
        "M",
        "FFE",
        "M",
        "FFE"
    ],
    "SeriesNumber": 901,
    "AcquisitionTime": "09:48:10.110000",
    "AcquisitionNumber": 9,
    "SliceThickness": 1,
    "SpacingBetweenSlices": 1,
    "SAR": 0.00980968,
    "EchoTime": 0.003482,
    "RepetitionTime": 0.0075811,
    "FlipAngle": 8,
    "CoilString": "MULTI COIL",
    "PercentPhaseFOV": 94.4444,
    "PercentSampling": 100.413,
    "EchoTrainLength": 239,
    "PhaseEncodingSteps": 253,
    "AcquisitionMatrixPE": 253,
    "ReconMatrixPE": 288,
    "AcquisitionDuration": 265.854,
    "PixelBandwidth": 217,
    "PhaseEncodingAxis": "i",
    "ImageOrientationPatientDICOM": [
        -0.0173441,
        0.990482,
        0.136545,
        0.0108649,
        0.136744,
        -0.990547
    ],
    "InPlanePhaseEncodingDirectionDICOM": "ROW",
    "ConversionSoftware": "dcm2niix",
    "ConversionSoftwareVersion": "v1.0.20230411",
    "Dcm2bidsVersion": "3.0.1"
}