{
    "Modality": "MR",
    "MagneticFieldStrength": 1.5,
    "ImagingFrequency": 63.889212,
    "Manufacturer": "Philips",
    "ManufacturersModelName": "Achieva dStream",
    "InstitutionName": "AZ. OSP. UNI OO RR Foggia",
    "InstitutionalDepartmentName": "Risonanza Magnetica",
    "DeviceSerialNumber": "11017",
    "StationName": "PHILIPS-HUGMJ41",
    "BodyPartExamined": "HEAD",
    "PatientPosition": "HFS",
    "ProcedureStepDescription": "RM CERVELLO E TRONCO ENCEFALICO(SENZA/CON CONTR)",
    "SoftwareVersions": "5.7.1\\5.7.1.2",
    "MRAcquisitionType": "2D",
    "SeriesDescription": "DUAL_TSE",
    "ProtocolName": "DUAL_TSE",
    "ScanningSequence": "SE",
    "SequenceVariant": "SK",
    "ScanOptions": "OTHER",
    "ImageType": [
        "ORIGINAL",
        "PRIMARY",
        "M",
        "SE",
        "M",
        "SE"
    ],
    "SeriesNumber": 301,
    "AcquisitionTime": "16:17:24.160000",
    "AcquisitionNumber": 3,
    "PhilipsRWVSlope": 1.59902,
    "PhilipsRWVIntercept": 0,
    "SliceThickness": 5,
    "SpacingBetweenSlices": 6,
    "SAR": 0.381475,
    "NumberOfAverages": 2,
    "EchoNumber": 2,
    "EchoTime": 0.12,
    "RepetitionTime": 2.2,
    "FlipAngle": 90,
    "CoilString": "MULTI COIL",
    "PercentPhaseFOV": 80.4688,
    "PercentSampling": 79.9353,
    "EchoTrainLength": 20,
    "PhaseEncodingSteps": 298,
    "AcquisitionMatrixPE": 298,
    "ReconMatrixPE": 512,
    "AcquisitionDuration": 215.6,
    "PixelBandwidth": 216,
    "PhaseEncodingAxis": "i",
    "ImageOrientationPatientDICOM": [
        0.998357,
        -0.0226629,
        0.0526305,
        0.0322638,
        0.981362,
        -0.189438
    ],
    "InPlanePhaseEncodingDirectionDICOM": "ROW",
    "ConversionSoftware": "dcm2niix",
    "ConversionSoftwareVersion": "v1.0.20230411",
    "Dcm2bidsVersion": "3.0.1"
}