{
    "Modality": "MR",
    "MagneticFieldStrength": 1.5,
    "ImagingFrequency": 63.640769,
    "Manufacturer": "Siemens",
    "ManufacturersModelName": "Avanto",
    "InstitutionName": "anonymized",
    "DeviceSerialNumber": "anonymized",
    "StationName": "anonymized",
    "PatientPosition": "HFS",
    "SoftwareVersions": "syngo MR B19",
    "MRAcquisitionType": "2D",
    "SeriesDescription": "t1_se_tra_reph_5mm_KM",
    "ProtocolName": "t1_se_tra_reph_5mm_KM",
    "ScanningSequence": "SE",
    "SequenceVariant": "SP\\OSP",
    "ScanOptions": "SAT1",
    "SequenceName": "*se2d1r",
    "ImageType": [
        "ORIGINAL",
        "PRIMARY",
        "M",
        "NORM",
        "DIS2D",
        "FM",
        "FIL"
    ],
    "NonlinearGradientCorrection": true,
    "SeriesNumber": 9,
    "AcquisitionTime": "13:50:34.742500",
    "AcquisitionNumber": 1,
    "SliceThickness": 5,
    "SpacingBetweenSlices": 6.5,
    "SAR": 0.434598,
    "EchoTime": 0.017,
    "RepetitionTime": 0.75,
    "FlipAngle": 70,
    "PartialFourier": 1,
    "BaseResolution": 256,
    "ShimSetting": [
        103,
        -51,
        89,
        0,
        -2147480000.0,
        0,
        0,
        0
    ],
    "TxRefAmp": 215.89,
    "PhaseResolution": 0.8,
    "ReceiveCoilName": "NeckMatrix",
    "CoilString": "C:HE1-4;NE2",
    "PulseSequenceDetails": "%SiemensSeq%\\se_17rb130",
    "CoilCombinationMethod": "Adaptive Combine",
    "MatrixCoilMode": "SENSE",
    "PercentPhaseFOV": 75,
    "PercentSampling": 80,
    "PhaseEncodingSteps": 154,
    "AcquisitionMatrixPE": 154,
    "ReconMatrixPE": 192,
    "PixelBandwidth": 130,
    "DwellTime": 1.5e-05,
    "PhaseEncodingDirection": "i",
    "SliceTiming": [
        0,
        0.39062,
        0.03125,
        0.42188,
        0.0625,
        0.45312,
        0.09375,
        0.48438,
        0.125,
        0.51562,
        0.15625,
        0.54688,
        0.1875,
        0.57812,
        0.21875,
        0.60938,
        0.25,
        0.64062,
        0.28125,
        0.6875,
        0.3125,
        0.71875,
        0.35938
    ],
    "ImageOrientationPatientDICOM": [
        0.997916,
        0.0615116,
        -0.0195126,
        -0.0645323,
        0.951204,
        -0.30174
    ],
    "ImageOrientationText": "Tra>Cor(-17.6)",
    "InPlanePhaseEncodingDirectionDICOM": "ROW",
    "ConversionSoftware": "dcm2niix",
    "ConversionSoftwareVersion": "v1.0.20230411",
    "Dcm2bidsVersion": "3.0.1"
}