{
    "Modality": "MR",
    "MagneticFieldStrength": 3,
    "ImagingFrequency": 123.226857,
    "Manufacturer": "Siemens",
    "ManufacturersModelName": "Skyra",
    "InstitutionName": "+",
    "InstitutionalDepartmentName": "Department",
    "InstitutionAddress": "Via Altura 3 3,Bologna,District,IT,40139",
    "DeviceSerialNumber": "145039",
    "StationName": "AWP145039",
    "BodyPartExamined": "HEAD",
    "PatientPosition": "HFS",
    "ProcedureStepDescription": "RM ENCEFALO CON MDC",
    "SoftwareVersions": "syngo MR E11",
    "MRAcquisitionType": "2D",
    "SeriesDescription": "t2_tse_tra_4mm",
    "ProtocolName": "t2_tse_tra_4mm",
    "ScanningSequence": "SE",
    "SequenceVariant": "SK\\SP\\OSP",
    "SequenceName": "*tse2d1_17",
    "ImageType": [
        "ORIGINAL",
        "SECONDARY",
        "M",
        "ND",
        "NORM"
    ],
    "NonlinearGradientCorrection": false,
    "SeriesNumber": 11,
    "AcquisitionTime": "13:04:25.385000",
    "AcquisitionNumber": 1,
    "SliceThickness": 4,
    "SpacingBetweenSlices": 4,
    "SAR": 0.481969,
    "EchoTime": 0.111,
    "RepetitionTime": 4,
    "SpoilingState": true,
    "FlipAngle": 150,
    "PartialFourier": 0.0379464,
    "PercentPhaseFOV": 87.5,
    "PercentSampling": 100,
    "EchoTrainLength": 17,
    "PhaseEncodingSteps": 459,
    "AcquisitionMatrixPE": 448,
    "ReconMatrixPE": 448,
    "PixelBandwidth": 220,
    "PhaseEncodingAxis": "i",
    "SliceTiming": [
        72,
        0,
        72.2266,
        0.22656,
        72.4453,
        0.44531,
        72.6719,
        0.67188,
        72.8906,
        0.89062,
        73.1094,
        1.10938,
        73.3359,
        1.33594,
        73.5547,
        1.55469,
        73.7812,
        1.78125,
        74,
        2,
        74.2266,
        2.22656,
        74.4453,
        2.44531,
        74.6719,
        2.67188,
        74.8906,
        2.89062,
        75.1094,
        3.10938,
        75.3359,
        3.33594,
        75.5547,
        3.55469,
        75.7812,
        3.78125
    ],
    "ImageOrientationPatientDICOM": [
        0.987504,
        -0.12455,
        0.0965536,
        0.144061,
        0.961824,
        -0.232683
    ],
    "InPlanePhaseEncodingDirectionDICOM": "ROW",
    "ConversionSoftware": "dcm2niix",
    "ConversionSoftwareVersion": "v1.0.20230411",
    "Dcm2bidsVersion": "3.0.1"
}