{
    "Modality": "MR",
    "MagneticFieldStrength": 1.5,
    "ImagingFrequency": 63.875558,
    "Manufacturer": "Philips",
    "ManufacturersModelName": "Achieva",
    "InstitutionName": "+",
    "InstitutionalDepartmentName": "Radiologia",
    "DeviceSerialNumber": "32746",
    "StationName": "PHILIPS-MR",
    "BodyPartExamined": "BRAIN",
    "PatientPosition": "HFS",
    "ProcedureStepDescription": "RM ENCEFALO CON MDC",
    "SoftwareVersions": "3.2.3\\3.2.3.4",
    "MRAcquisitionType": "2D",
    "SeriesDescription": "FLAIR ax",
    "ProtocolName": "FLAIR ax CLEAR",
    "ScanningSequence": "IR",
    "SequenceVariant": "SK",
    "ScanOptions": "OTHER",
    "PulseSequenceName": "TIR",
    "ImageType": [
        "ORIGINAL",
        "SECONDARY",
        "M",
        "IR",
        "M",
        "IR"
    ],
    "SeriesNumber": 501,
    "AcquisitionTime": "16:57:14.480000",
    "AcquisitionNumber": 5,
    "PhilipsRWVSlope": 7.50378,
    "PhilipsRWVIntercept": 0,
    "SliceThickness": 4,
    "SpacingBetweenSlices": 5,
    "SAR": 0.630963,
    "NumberOfAverages": 2,
    "EchoTime": 0.14,
    "RepetitionTime": 11,
    "MTState": false,
    "InversionTime": 2.8,
    "FlipAngle": 90,
    "CoilString": "SENSE-Head-8",
    "PercentPhaseFOV": 79.6875,
    "PercentSampling": 79.902,
    "PartialFourierDirection": "FREQUENCY",
    "PhaseEncodingSteps": 200,
    "FrequencyEncodingSteps": 256,
    "PhaseEncodingStepsOutOfPlane": 1,
    "AcquisitionMatrixPE": 200,
    "ReconMatrixPE": 256,
    "AcquisitionDuration": 231,
    "PixelBandwidth": 367,
    "PhaseEncodingAxis": "i",
    "ImageOrientationPatientDICOM": [
        0.994892,
        -0.0918947,
        0.0417783,
        0.0906392,
        0.995401,
        0.0310179
    ],
    "InPlanePhaseEncodingDirectionDICOM": "ROW",
    "ConversionSoftware": "dcm2niix",
    "ConversionSoftwareVersion": "v1.0.20230411",
    "Dcm2bidsVersion": "3.0.1"
}