{
    "Modality": "MR",
    "MagneticFieldStrength": 1.5,
    "ImagingFrequency": 63.687903,
    "Manufacturer": "Siemens",
    "ManufacturersModelName": "Aera",
    "InstitutionName": "+",
    "InstitutionalDepartmentName": "Department",
    "InstitutionAddress": "Via Altura 3,Bologna,District,IT,40139",
    "DeviceSerialNumber": "141067",
    "StationName": "AWP141067",
    "BodyPartExamined": "HEAD",
    "PatientPosition": "HFS",
    "ProcedureStepDescription": "RM ENCEFALO SMDC",
    "SoftwareVersions": "syngo MR E11",
    "MRAcquisitionType": "2D",
    "SeriesDescription": "t2_tse_dark-fluid_tra",
    "ProtocolName": "t2_tse_dark-fluid_tra",
    "ScanningSequence": "SE\\IR",
    "SequenceVariant": "SK\\SP\\MP\\OSP",
    "ScanOptions": "IR\\FS",
    "SequenceName": "*tir2d1_16",
    "ImageType": [
        "ORIGINAL",
        "SECONDARY",
        "M",
        "ND",
        "NORM"
    ],
    "NonlinearGradientCorrection": false,
    "SeriesNumber": 9,
    "AcquisitionTime": "09:45:12.457500",
    "AcquisitionNumber": 1,
    "SliceThickness": 4,
    "SpacingBetweenSlices": 4,
    "SAR": 0.158218,
    "EchoTime": 0.086,
    "RepetitionTime": 9,
    "SpoilingState": true,
    "InversionTime": 2.5,
    "FlipAngle": 150,
    "PartialFourier": 0.0761905,
    "PercentPhaseFOV": 87.5,
    "PercentSampling": 75,
    "EchoTrainLength": 16,
    "PhaseEncodingSteps": 224,
    "AcquisitionMatrixPE": 210,
    "ReconMatrixPE": 280,
    "PixelBandwidth": 190,
    "PhaseEncodingAxis": "i",
    "SliceTiming": [
        0,
        95,
        0.20312,
        95.2031,
        0.40625,
        95.4062,
        0.60938,
        95.6094,
        0.8125,
        95.8125,
        1.01562,
        96.0156,
        1.22656,
        96.2266,
        1.42969,
        96.4297,
        1.63281,
        96.6328,
        1.83594,
        96.8359,
        2.03906,
        97.0391,
        2.25,
        97.25,
        2.45312,
        97.4531,
        2.65625,
        97.6562,
        2.85938,
        97.8594,
        3.0625,
        98.0625,
        3.26562,
        98.2656,
        3.47656,
        98.4766
    ],
    "ImageOrientationPatientDICOM": [
        0.993854,
        0.0287362,
        0.1069,
        -0.0156127,
        0.992452,
        -0.121632
    ],
    "InPlanePhaseEncodingDirectionDICOM": "ROW",
    "ConversionSoftware": "dcm2niix",
    "ConversionSoftwareVersion": "v1.0.20230411",
    "Dcm2bidsVersion": "3.0.1"
}