{
    "Modality": "MR",
    "MagneticFieldStrength": 3,
    "ImagingFrequency": 123.21941,
    "Manufacturer": "Siemens",
    "ManufacturersModelName": "Skyra",
    "InstitutionName": "Rad UNI",
    "InstitutionalDepartmentName": "Department",
    "InstitutionAddress": "VIALE LUIGI PINTO  1,FOGGIA,District,IT,71122",
    "DeviceSerialNumber": "146011",
    "StationName": "AWP146011",
    "BodyPartExamined": "BRAIN",
    "PatientPosition": "HFS",
    "ProcedureStepDescription": "RM CERVELLO E TRONCO ENCEFALICO (SENZA E CON CONTRASTO)",
    "SoftwareVersions": "syngo MR E11",
    "MRAcquisitionType": "3D",
    "SeriesDescription": "t2_FLAIR 3D_sag_c4_iso_2av",
    "ProtocolName": "t2_FLAIR 3D_sag_c4_iso_2av",
    "ScanningSequence": "SE\\IR",
    "SequenceVariant": "SK\\SP\\MP\\OSP",
    "ScanOptions": "IR\\PFP\\FS",
    "SequenceName": "*spcir_192ns",
    "ImageType": [
        "ORIGINAL",
        "PRIMARY",
        "M",
        "ND",
        "NORM"
    ],
    "NonlinearGradientCorrection": false,
    "SeriesNumber": 8,
    "AcquisitionTime": "10:43:20.262500",
    "AcquisitionNumber": 1,
    "SliceThickness": 1,
    "SAR": 0.24468,
    "NumberOfAverages": 2,
    "EchoTime": 0.394,
    "RepetitionTime": 5,
    "SpoilingState": true,
    "InversionTime": 1.6,
    "FlipAngle": 120,
    "VariableFlipAngleFlag": true,
    "AveragesDouble": 1.4,
    "PartialFourier": 1,
    "Interpolation2D": 1,
    "BaseResolution": 256,
    "ShimSetting": [
        8771,
        -3642,
        11872,
        -1,
        -1442,
        -1425,
        1437,
        -290
    ],
    "TxRefAmp": 377.84,
    "PhaseResolution": 0.8,
    "PhaseOversampling": 0.1,
    "ReceiveCoilName": "HeadNeck_20",
    "ReceiveCoilActiveElements": "HE1-4;NE1,2",
    "PulseSequenceDetails": "%SiemensSeq%\\tse_vfl",
    "RefLinesPE": 36,
    "CoilCombinationMethod": "Adaptive Combine",
    "ConsistencyInfo": "N4_VE11E_LATEST_20181129",
    "PercentPhaseFOV": 93.75,
    "PercentSampling": 80,
    "EchoTrainLength": 192,
    "PhaseEncodingSteps": 181,
    "AcquisitionMatrixPE": 192,
    "ReconMatrixPE": 480,
    "ParallelReductionFactorInPlane": 2,
    "ParallelReductionFactorOutOfPlane": 2,
    "PixelBandwidth": 780,
    "DwellTime": 2.5e-06,
    "PhaseEncodingDirection": "i",
    "ImageOrientationPatientDICOM": [
        0.0400706,
        0.995832,
        0.0819359,
        -0.00464853,
        0.0821867,
        -0.996606
    ],
    "ImageOrientationText": "Sag>Cor(2.3)>Tra(0.5)",
    "InPlanePhaseEncodingDirectionDICOM": "ROW",
    "ConversionSoftware": "dcm2niix",
    "ConversionSoftwareVersion": "v1.0.20230411",
    "Dcm2bidsVersion": "3.0.1"
}