{
    "Modality": "MR",
    "MagneticFieldStrength": 3,
    "ImagingFrequency": 123.21943,
    "Manufacturer": "Siemens",
    "ManufacturersModelName": "Skyra",
    "InstitutionName": "Rad UNI",
    "InstitutionalDepartmentName": "Department",
    "InstitutionAddress": "VIALE LUIGI PINTO  1,FOGGIA,District,IT,71122",
    "DeviceSerialNumber": "146011",
    "StationName": "AWP146011",
    "BodyPartExamined": "BRAIN",
    "PatientPosition": "HFS",
    "ProcedureStepDescription": "RM CERVELLO E TRONCO ENCEFALICO (SENZA E CON CONTRASTO)",
    "SoftwareVersions": "syngo MR E11",
    "MRAcquisitionType": "3D",
    "SeriesDescription": "t2_space_sag_p2_iso",
    "ProtocolName": "t2_space_sag_p2_iso",
    "ScanningSequence": "SE",
    "SequenceVariant": "SK\\SP",
    "ScanOptions": "PFP",
    "SequenceName": "*spcR_282ns",
    "ImageType": [
        "ORIGINAL",
        "PRIMARY",
        "M",
        "ND",
        "NORM"
    ],
    "NonlinearGradientCorrection": false,
    "SeriesNumber": 22,
    "AcquisitionTime": "11:01:1.087500",
    "AcquisitionNumber": 1,
    "SliceThickness": 0.9,
    "SAR": 0.222196,
    "NumberOfAverages": 2,
    "EchoTime": 0.407,
    "RepetitionTime": 3.2,
    "SpoilingState": true,
    "FlipAngle": 120,
    "VariableFlipAngleFlag": true,
    "AveragesDouble": 1.4,
    "PartialFourier": 1,
    "BaseResolution": 256,
    "ShimSetting": [
        8749,
        -3506,
        11589,
        13,
        -1538,
        -868,
        1171,
        -279
    ],
    "TxRefAmp": 377.84,
    "PhaseResolution": 1,
    "ReceiveCoilName": "HeadNeck_20",
    "ReceiveCoilActiveElements": "HE1-4;NE1,2",
    "PulseSequenceDetails": "%SiemensSeq%\\tse_vfl",
    "RefLinesPE": 24,
    "CoilCombinationMethod": "Adaptive Combine",
    "ConsistencyInfo": "N4_VE11E_LATEST_20181129",
    "PercentPhaseFOV": 100,
    "PercentSampling": 100,
    "EchoTrainLength": 251,
    "PhaseEncodingSteps": 227,
    "AcquisitionMatrixPE": 256,
    "ReconMatrixPE": 256,
    "ParallelReductionFactorInPlane": 2,
    "ParallelReductionFactorOutOfPlane": 2,
    "PixelBandwidth": 725,
    "DwellTime": 2.7e-06,
    "PhaseEncodingDirection": "i",
    "ImageOrientationPatientDICOM": [
        0.0400706,
        0.995832,
        0.0819359,
        -0.00464853,
        0.0821867,
        -0.996606
    ],
    "ImageOrientationText": "Sag>Cor(2.3)>Tra(0.5)",
    "InPlanePhaseEncodingDirectionDICOM": "ROW",
    "ConversionSoftware": "dcm2niix",
    "ConversionSoftwareVersion": "v1.0.20230411",
    "Dcm2bidsVersion": "3.0.1"
}