{
	"Modality": "MR",
	"MagneticFieldStrength": 3,
	"ImagingFrequency": 123.248876,
	"Manufacturer": "Siemens",
	"ManufacturersModelName": "MAGNETOM Vida",
	"InstitutionName": "anonymized",
	"DeviceSerialNumber": "anonymized",
	"StationName": "anonymized",
	"BodyPartExamined": "HEAD",
	"PatientPosition": "HFS",
	"SoftwareVersions": "syngo MR XA50",
	"MRAcquisitionType": "2D",
	"SeriesDescription": "t2_tse_tra_4mm",
	"ProtocolName": "t2_tse_tra_4mm",
	"ScanningSequence": "SE",
	"SequenceVariant": "SP\\SK",
	"ScanOptions": "PER",
	"SequenceName": "*tse2d1_12",
	"ImageType": ["ORIGINAL", "PRIMARY", "M", "NORM", "DIS2D", "MFSPLIT"],
	"ImageTypeText": ["ORIGINAL", "PRIMARY", "M", "NONE"],
	"NonlinearGradientCorrection": true,
	"SeriesNumber": 12001,
	"AcquisitionTime": "13:46:37.632500",
	"AcquisitionNumber": 1,
	"SliceThickness": 4,
	"SpacingBetweenSlices": 4.4,
	"SAR": 0.70794,
	"EchoTime": 0.077,
	"RepetitionTime": 4.54,
	"FlipAngle": 160,
	"PartialFourier": 1,
	"BaseResolution": 512,
	"ShimSetting": [
		-3968,
		-5396,
		-9385,
		36,
		-217,
		-84,
		40,
		64	],
	"TxRefAmp": 423.028,
	"PhaseResolution": 0.7,
	"ReceiveCoilName": "HeadNeck_20_TCS",
	"ReceiveCoilActiveElements": "HE1-4;NE1,2",
	"CoilString": "HeadNeck_20_TCS",
	"PulseSequenceDetails": "%SiemensSeq%\\tse",
	"CoilCombinationMethod": "Adaptive Combine",
	"MatrixCoilMode": "SENSE",
	"PercentPhaseFOV": 81.25,
	"PercentSampling": 70,
	"EchoTrainLength": 12,
	"PhaseEncodingSteps": 291,
	"AcquisitionMatrixPE": 291,
	"ReconMatrixPE": 416,
	"PixelBandwidth": 250,
	"DwellTime": 3.9e-06,
	"PhaseEncodingDirection": "i",
	"ImageOrientationPatientDICOM": [
		0.999076,
		0.0404259,
		0.0145805,
		-0.0429218,
		0.955518,
		0.291792	],
	"InPlanePhaseEncodingDirectionDICOM": "ROW",
	"ConversionSoftware": "dcm2niix",
	"ConversionSoftwareVersion": "v1.0.20230411"
}
