{
	"Modality": "MR",
	"MagneticFieldStrength": 3,
	"ImagingFrequency": 123.248833,
	"Manufacturer": "Siemens",
	"ManufacturersModelName": "MAGNETOM Vida",
	"InstitutionName": "anonymized",
	"DeviceSerialNumber": "anonymized",
	"StationName": "anonymized",
	"BodyPartExamined": "HEAD",
	"PatientPosition": "HFS",
	"SoftwareVersions": "syngo MR XA50",
	"MRAcquisitionType": "3D",
	"SeriesDescription": "t1_space_sag",
	"ProtocolName": "t1_space_sag",
	"ScanningSequence": "SE",
	"SequenceVariant": "SP\\SK",
	"ScanOptions": "PER",
	"SequenceName": "*spcR_42ns",
	"ImageType": ["ORIGINAL", "PRIMARY", "M", "NORM", "DIS2D", "MFSPLIT"],
	"ImageTypeText": ["ORIGINAL", "PRIMARY", "M", "NONE"],
	"NonlinearGradientCorrection": true,
	"SeriesNumber": 18001,
	"AcquisitionTime": "13:55:36.777500",
	"AcquisitionNumber": 1,
	"SliceThickness": 1,
	"SAR": 0.63592,
	"EchoTime": 0.011,
	"RepetitionTime": 0.7,
	"FlipAngle": 120,
	"PartialFourier": 1,
	"BaseResolution": 256,
	"ShimSetting": [
		-3960,
		-5648,
		-9302,
		-134,
		-443,
		-228,
		363,
		-4	],
	"TxRefAmp": 423.028,
	"PhaseResolution": 0.9,
	"ReceiveCoilName": "Spine_24_RS",
	"ReceiveCoilActiveElements": "HE1-4;NE1,2;SP1",
	"CoilString": "1",
	"PulseSequenceDetails": "%SiemensSeq%\\space",
	"RefLinesPE": 24,
	"CoilCombinationMethod": "Adaptive Combine",
	"PercentPhaseFOV": 100,
	"PercentSampling": 90,
	"EchoTrainLength": 42,
	"PhaseEncodingSteps": 230,
	"AcquisitionMatrixPE": 230,
	"ReconMatrixPE": 256,
	"CompressedSensingFactor": 4,
	"PixelBandwidth": 630,
	"DwellTime": 3.1e-06,
	"PhaseEncodingDirection": "i",
	"ImageOrientationPatientDICOM": [
		-0.0423595,
		0.870984,
		0.489483,
		-0.00708516,
		0.489648,
		-0.871891	],
	"InPlanePhaseEncodingDirectionDICOM": "ROW",
	"ConversionSoftware": "dcm2niix",
	"ConversionSoftwareVersion": "v1.0.20230411"
}
