{
    "Modality": "MR",
    "MagneticFieldStrength": 3,
    "ImagingFrequency": 127.771342,
    "Manufacturer": "Philips",
    "ManufacturersModelName": "Ingenia",
    "InstitutionName": "CENTRO BRAIN IMAGING",
    "InstitutionalDepartmentName": "OSP S.G.BATTISTA MOLINETTE",
    "DeviceSerialNumber": "42287",
    "StationName": "HOST-R1POAC2P1H",
    "BodyPartExamined": "HEAD",
    "PatientPosition": "HFS",
    "ProcedureStepDescription": "RM ENC.MDC+SPETTRO",
    "SoftwareVersions": "5.3.1\\5.3.1.3",
    "MRAcquisitionType": "3D",
    "SeriesDescription": "sag3D_Brain_FLAIR SENSE",
    "ProtocolName": "sag3D_Brain_FLAIR SENSE",
    "ScanningSequence": "IR",
    "SequenceVariant": "SK",
    "ScanOptions": "FS",
    "PulseSequenceName": "TIR",
    "ImageType": [
        "ORIGINAL",
        "PRIMARY",
        "PROJECTION IMAGE",
        "M",
        "IR"
    ],
    "SeriesNumber": 203,
    "AcquisitionTime": "09:59:14.810000",
    "AcquisitionNumber": 2,
    "PhilipsRescaleSlope": 3.68474,
    "PhilipsRescaleIntercept": 0,
    "PhilipsScaleSlope": 0.0165267,
    "UsePhilipsFloatNotDisplayScaling": 1,
    "SliceThickness": 1,
    "SpacingBetweenSlices": 1.1,
    "SAR": 0.056224,
    "NumberOfAverages": 2,
    "EchoTime": 0.29957,
    "RepetitionTime": 4.8,
    "MTState": false,
    "InversionTime": 1.65,
    "FlipAngle": 90,
    "CoilString": "MULTI COIL",
    "PercentPhaseFOV": 100,
    "PercentSampling": 78.1308,
    "PhaseEncodingSteps": 192,
    "FrequencyEncodingSteps": 192,
    "PhaseEncodingStepsOutOfPlane": 117,
    "AcquisitionMatrixPE": 192,
    "ReconMatrixPE": 1024,
    "ParallelReductionFactorInPlane": 3.5,
    "ParallelAcquisitionTechnique": "SENSE",
    "ParallelReductionFactorOutOfPlane": 1.5,
    "WaterFatShift": 0.387027,
    "EstimatedEffectiveEchoSpacing": 4.35435e-07,
    "EstimatedTotalReadoutTime": 0.00044545,
    "AcquisitionDuration": 273.6,
    "PixelBandwidth": 1122,
    "ImageOrientationPatientDICOM": [
        -0.00278434,
        0.99802,
        -0.0628414,
        -0.051123,
        -0.0629015,
        -0.99671
    ],
    "ConversionSoftware": "dcm2niix",
    "ConversionSoftwareVersion": "v1.0.20230411",
    "Dcm2bidsVersion": "3.0.1"
}