{
    "Modality": "MR",
    "MagneticFieldStrength": 1.5,
    "ImagingFrequency": 63.687785,
    "Manufacturer": "Siemens",
    "ManufacturersModelName": "Aera",
    "InstitutionName": "+",
    "InstitutionalDepartmentName": "Department",
    "InstitutionAddress": "Via Altura 3,Bologna,District,IT,40139",
    "DeviceSerialNumber": "141067",
    "StationName": "NR-RM15-DICOM",
    "BodyPartExamined": "HEAD",
    "PatientPosition": "HFS",
    "ProcedureStepDescription": "RM ENCEFALO CON MDC",
    "SoftwareVersions": "syngo MR E11",
    "MRAcquisitionType": "2D",
    "SeriesDescription": "t2_tse_dark-fluid_tra",
    "ProtocolName": "t2_tse_dark-fluid_tra",
    "ScanningSequence": "SE\\IR",
    "SequenceVariant": "SK\\SP\\MP\\OSP",
    "ScanOptions": "IR\\FS",
    "SequenceName": "*tir2d1_16",
    "ImageType": [
        "ORIGINAL",
        "SECONDARY",
        "M",
        "ND",
        "NORM"
    ],
    "NonlinearGradientCorrection": false,
    "SeriesNumber": 9,
    "AcquisitionTime": "10:31:14.425000",
    "AcquisitionNumber": 1,
    "SliceThickness": 4,
    "SpacingBetweenSlices": 4,
    "SAR": 0.212011,
    "EchoTime": 0.086,
    "RepetitionTime": 9,
    "SpoilingState": true,
    "InversionTime": 2.5,
    "FlipAngle": 150,
    "PartialFourier": 0.0761905,
    "PercentPhaseFOV": 87.5,
    "PercentSampling": 75,
    "EchoTrainLength": 16,
    "PhaseEncodingSteps": 224,
    "AcquisitionMatrixPE": 210,
    "ReconMatrixPE": 280,
    "PixelBandwidth": 190,
    "PhaseEncodingAxis": "i",
    "SliceTiming": [
        0,
        95,
        0.21094,
        95.2109,
        0.41406,
        95.4141,
        0.61719,
        95.6172,
        0.82031,
        95.8203,
        1.02344,
        96.0234,
        1.23438,
        96.2344,
        1.42969,
        96.4297,
        1.64062,
        96.6406,
        1.84375,
        96.8438,
        2.04688,
        97.0469,
        2.25,
        97.25,
        2.46094,
        97.4609,
        2.66406,
        97.6641,
        2.86719,
        97.8672,
        3.07031,
        98.0703,
        3.27344,
        98.2734,
        3.48438,
        98.4844
    ],
    "ImageOrientationPatientDICOM": [
        0.997182,
        -0.0722232,
        0.0202877,
        0.0732285,
        0.995842,
        -0.0541828
    ],
    "InPlanePhaseEncodingDirectionDICOM": "ROW",
    "ConversionSoftware": "dcm2niix",
    "ConversionSoftwareVersion": "v1.0.20230411",
    "Dcm2bidsVersion": "3.0.1"
}