{
    "Modality": "MR",
    "MagneticFieldStrength": 1.5,
    "ImagingFrequency": 63.888908,
    "Manufacturer": "Philips",
    "ManufacturersModelName": "Achieva dStream",
    "InstitutionName": "AZ. OSP. UNI OO RR Foggia",
    "InstitutionalDepartmentName": "Risonanza Magnetica",
    "DeviceSerialNumber": "11017",
    "StationName": "PHILIPS-HUGMJ41",
    "BodyPartExamined": "BRAIN",
    "PatientPosition": "HFS",
    "ProcedureStepDescription": "RM CERVELLO E TRONCO ENCEFALICO(SENZA/CON CONTR)",
    "SoftwareVersions": "5.4.1\\5.4.1.1",
    "MRAcquisitionType": "2D",
    "SeriesDescription": "T1W_FFE",
    "ProtocolName": "T1W_FFE",
    "ScanningSequence": "GR",
    "SequenceVariant": "SS",
    "ScanOptions": "PFF",
    "ImageType": [
        "ORIGINAL",
        "PRIMARY",
        "M",
        "FFE",
        "M",
        "FFE"
    ],
    "SeriesNumber": 301,
    "AcquisitionTime": "10:37:17.310000",
    "AcquisitionNumber": 3,
    "PhilipsRWVSlope": 2.70598,
    "PhilipsRWVIntercept": 0,
    "SliceThickness": 5,
    "SpacingBetweenSlices": 6.2,
    "SAR": 0.120196,
    "NumberOfAverages": 2,
    "EchoTime": 0.002405,
    "RepetitionTime": 0.223681,
    "FlipAngle": 55,
    "CoilString": "MULTI COIL",
    "PercentPhaseFOV": 80.625,
    "PercentSampling": 79.8673,
    "PartialFourierEnabled": "YES",
    "PhaseEncodingStepsNoPartialFourier": 310,
    "AcquisitionMatrixPE": 310,
    "ReconMatrixPE": 640,
    "AcquisitionDuration": 194.155,
    "PixelBandwidth": 113,
    "PhaseEncodingAxis": "i",
    "ImageOrientationPatientDICOM": [
        0.998418,
        -0.030374,
        -0.047323,
        0.0191173,
        0.974785,
        -0.222324
    ],
    "InPlanePhaseEncodingDirectionDICOM": "ROW",
    "ConversionSoftware": "dcm2niix",
    "ConversionSoftwareVersion": "v1.0.20230411",
    "Dcm2bidsVersion": "3.0.1"
}