{
    "Modality": "MR",
    "MagneticFieldStrength": 1.5,
    "ImagingFrequency": 63.624191,
    "Manufacturer": "Siemens",
    "ManufacturersModelName": "Espree",
    "InstitutionName": "anonymized",
    "DeviceSerialNumber": "anonymized",
    "StationName": "anonymized",
    "PatientPosition": "HFS",
    "SoftwareVersions": "syngo MR B19",
    "MRAcquisitionType": "3D",
    "SeriesDescription": "t1_mpr_sag_KM",
    "ProtocolName": "t1_mpr_sag_KM",
    "ScanningSequence": "GR\\IR",
    "SequenceVariant": "SP\\MP\\OSP",
    "ScanOptions": "IR",
    "SequenceName": "*tfl3d1_ns",
    "ImageType": [
        "ORIGINAL",
        "PRIMARY",
        "M",
        "NORM",
        "DIS2D",
        "FM",
        "FIL"
    ],
    "NonlinearGradientCorrection": true,
    "SeriesNumber": 17,
    "AcquisitionTime": "15:25:38.520000",
    "AcquisitionNumber": 1,
    "SliceThickness": 1,
    "SAR": 0.0394484,
    "EchoTime": 0.00316,
    "RepetitionTime": 1.66,
    "InversionTime": 0.9,
    "FlipAngle": 15,
    "PartialFourier": 1,
    "BaseResolution": 256,
    "ShimSetting": [
        -3656,
        -7250,
        4271,
        -214,
        402,
        118,
        336,
        55
    ],
    "TxRefAmp": 353.307,
    "PhaseResolution": 1,
    "PhaseOversampling": 0.25,
    "ReceiveCoilName": "HeadMatrix",
    "CoilString": "d:HE1-4",
    "PulseSequenceDetails": "%SiemensSeq%\\tfl",
    "RefLinesPE": 50,
    "CoilCombinationMethod": "Adaptive Combine",
    "MatrixCoilMode": "GRAPPA",
    "PercentPhaseFOV": 100,
    "PercentSampling": 100,
    "PhaseEncodingSteps": 319,
    "AcquisitionMatrixPE": 256,
    "ReconMatrixPE": 256,
    "ParallelReductionFactorInPlane": 2,
    "PixelBandwidth": 130,
    "DwellTime": 1.5e-05,
    "ImageOrientationPatientDICOM": [
        -0.0861674,
        0.996281,
        -4.60697e-08,
        -0.0332793,
        -0.00287834,
        -0.999442
    ],
    "ImageOrientationText": "Sag>Cor(-4.9)>Tra(1.9)",
    "InPlanePhaseEncodingDirectionDICOM": "ROW",
    "ConversionSoftware": "dcm2niix",
    "ConversionSoftwareVersion": "v1.0.20230411",
    "Dcm2bidsVersion": "3.0.1"
}