{
    "Modality": "MR",
    "MagneticFieldStrength": 1.5,
    "ImagingFrequency": 63.624172,
    "Manufacturer": "Siemens",
    "ManufacturersModelName": "Espree",
    "InstitutionName": "anonymized",
    "DeviceSerialNumber": "anonymized",
    "StationName": "anonymized",
    "PatientPosition": "HFS",
    "SoftwareVersions": "syngo MR B19",
    "MRAcquisitionType": "2D",
    "SeriesDescription": "t2_tse_tra",
    "ProtocolName": "t2_tse_tra",
    "ScanningSequence": "SE",
    "SequenceVariant": "SK\\SP\\OSP",
    "ScanOptions": "SAT1",
    "SequenceName": "*tse2d1_15",
    "ImageType": [
        "ORIGINAL",
        "PRIMARY",
        "M",
        "NORM",
        "DIS2D",
        "SH",
        "FIL"
    ],
    "NonlinearGradientCorrection": true,
    "SeriesNumber": 4,
    "AcquisitionTime": "14:53:16.402500",
    "AcquisitionNumber": 1,
    "SliceThickness": 5,
    "SpacingBetweenSlices": 6,
    "SAR": 0.14459,
    "NumberOfAverages": 2,
    "EchoTime": 0.1,
    "RepetitionTime": 6.43,
    "SpoilingState": true,
    "FlipAngle": 150,
    "PartialFourier": 1,
    "BaseResolution": 448,
    "ShimSetting": [
        -3657,
        -7464,
        4567,
        749,
        343,
        -353,
        422,
        -2
    ],
    "TxRefAmp": 353.307,
    "PhaseResolution": 0.6,
    "ReceiveCoilName": "HeadMatrix",
    "CoilString": "c:HE1-4",
    "PulseSequenceDetails": "%SiemensSeq%\\tse",
    "CoilCombinationMethod": "Adaptive Combine",
    "MatrixCoilMode": "SENSE",
    "PercentPhaseFOV": 80.3571,
    "PercentSampling": 60,
    "EchoTrainLength": 15,
    "PhaseEncodingSteps": 225,
    "AcquisitionMatrixPE": 216,
    "ReconMatrixPE": 360,
    "PixelBandwidth": 111,
    "DwellTime": 1.01e-05,
    "PhaseEncodingDirection": "i",
    "SliceTiming": [
        3.23438,
        0,
        3.5,
        0.26562,
        3.76562,
        0.54688,
        4.03125,
        0.8125,
        4.3125,
        1.07812,
        4.57812,
        1.34375,
        4.84375,
        1.625,
        5.10938,
        1.89062,
        5.39062,
        2.15625,
        5.65625,
        2.42188,
        5.92188,
        2.6875,
        6.1875,
        2.96875
    ],
    "ImageOrientationPatientDICOM": [
        1,
        -1.91223e-10,
        7.417e-11,
        2.05103e-10,
        0.932324,
        -0.361625
    ],
    "ImageOrientationText": "Tra>Cor(-21.2)",
    "InPlanePhaseEncodingDirectionDICOM": "ROW",
    "ConversionSoftware": "dcm2niix",
    "ConversionSoftwareVersion": "v1.0.20230411",
    "Dcm2bidsVersion": "3.0.1"
}