{
    "Modality": "MR",
    "MagneticFieldStrength": 3,
    "ImagingFrequency": 123.24981,
    "Manufacturer": "Siemens",
    "ManufacturersModelName": "MAGNETOM Vida",
    "InstitutionName": "anonymized",
    "DeviceSerialNumber": "anonymized",
    "StationName": "anonymized",
    "BodyPartExamined": "HEAD",
    "PatientPosition": "HFS",
    "SoftwareVersions": "syngo MR XA20",
    "MRAcquisitionType": "3D",
    "SeriesDescription": "t1_mprage_fs_sag_1mm_iso",
    "ProtocolName": "t1_mprage_fs_sag_1mm_iso",
    "ScanningSequence": "GR",
    "SequenceVariant": "SK",
    "ScanOptions": "PER",
    "SequenceName": "*tfl3d1_16ns",
    "ImageType": [
        "ORIGINAL",
        "PRIMARY",
        "M",
        "NORM",
        "DIS2D",
        "MFSPLIT"
    ],
    "ImageTypeText": [
        "ORIGINAL",
        "PRIMARY",
        "M",
        "NONE"
    ],
    "NonlinearGradientCorrection": true,
    "SeriesNumber": 22001,
    "AcquisitionTime": "15:21:57.800000",
    "AcquisitionNumber": 1,
    "SliceThickness": 1,
    "SAR": 0.0631551,
    "EchoTime": 0.00221,
    "RepetitionTime": 2.3,
    "InversionTime": 0.9,
    "FlipAngle": 8,
    "PartialFourier": 1,
    "BaseResolution": 256,
    "ShimSetting": [
        -3919,
        -5555,
        -9147,
        -171,
        -292,
        -446,
        51,
        -211
    ],
    "TxRefAmp": 384.725,
    "PhaseResolution": 0.9,
    "ReceiveCoilName": "Spine_24_RS",
    "ReceiveCoilActiveElements": "HE1-4;NE1,2;SP1",
    "CoilString": "Spine_24_RS",
    "PulseSequenceDetails": "%SiemensSeq%\\tfl",
    "RefLinesPE": 24,
    "CoilCombinationMethod": "Adaptive Combine",
    "MatrixCoilMode": "GRAPPA",
    "PercentPhaseFOV": 100,
    "PercentSampling": 90,
    "PhaseEncodingSteps": 230,
    "AcquisitionMatrixPE": 230,
    "ReconMatrixPE": 256,
    "ParallelReductionFactorInPlane": 2,
    "PixelBandwidth": 199,
    "DwellTime": 9.8e-06,
    "ImageOrientationPatientDICOM": [
        -0.0384251,
        0.999261,
        3.20704e-08,
        0.0534722,
        0.00205622,
        -0.998567
    ],
    "InPlanePhaseEncodingDirectionDICOM": "ROW",
    "ConversionSoftware": "dcm2niix",
    "ConversionSoftwareVersion": "v1.0.20230411",
    "Dcm2bidsVersion": "3.0.1"
}