{
    "Modality": "MR",
    "MagneticFieldStrength": 1.5,
    "ImagingFrequency": 63.879902,
    "Manufacturer": "Philips",
    "ManufacturersModelName": "Achieva",
    "InstitutionName": "+",
    "InstitutionalDepartmentName": "Radiologia",
    "DeviceSerialNumber": "32746",
    "StationName": "PHILIPS-MR",
    "BodyPartExamined": "BRAIN",
    "PatientPosition": "HFS",
    "ProcedureStepDescription": "RM ENCEFALO CON MDC",
    "SoftwareVersions": "3.2.3\\3.2.3.4",
    "MRAcquisitionType": "3D",
    "SeriesDescription": "sT1W_3D_TFE",
    "ProtocolName": "sT1W_3D_TFE SENSE",
    "ScanningSequence": "GR",
    "SequenceVariant": "MP",
    "ScanOptions": "OTHER",
    "PulseSequenceName": "T1TFE",
    "ImageType": [
        "ORIGINAL",
        "SECONDARY",
        "M",
        "FFE",
        "M",
        "FFE"
    ],
    "SeriesNumber": 301,
    "AcquisitionTime": "19:10:49.010000",
    "AcquisitionNumber": 3,
    "PhilipsRWVSlope": 11.7687,
    "PhilipsRWVIntercept": 0,
    "SliceThickness": 1,
    "SpacingBetweenSlices": 1,
    "SAR": 0.0910899,
    "EchoTime": 0.003208,
    "RepetitionTime": 0.0071025,
    "MTState": false,
    "SpoilingState": true,
    "SpoilingType": "COMBINED",
    "FlipAngle": 8,
    "CoilString": "SENSE-Head-8",
    "PercentPhaseFOV": 98.4375,
    "PercentSampling": 100,
    "EchoTrainLength": 232,
    "PhaseEncodingSteps": 236,
    "FrequencyEncodingSteps": 256,
    "PhaseEncodingStepsOutOfPlane": 200,
    "AcquisitionMatrixPE": 236,
    "ReconMatrixPE": 256,
    "ParallelAcquisitionTechnique": "SENSE",
    "ParallelReductionFactorOutOfPlane": 2,
    "AcquisitionDuration": 418.687,
    "PixelBandwidth": 241,
    "PhaseEncodingAxis": "i",
    "ImageOrientationPatientDICOM": [
        -0.0403328,
        0.999175,
        0.00465007,
        0.0564493,
        0.00692501,
        -0.998381
    ],
    "InPlanePhaseEncodingDirectionDICOM": "ROW",
    "ConversionSoftware": "dcm2niix",
    "ConversionSoftwareVersion": "v1.0.20230411",
    "Dcm2bidsVersion": "3.0.1"
}