{
    "Modality": "MR",
    "MagneticFieldStrength": 1.5,
    "ImagingFrequency": 63.891064,
    "Manufacturer": "Philips",
    "ManufacturersModelName": "Achieva dStream",
    "InstitutionName": "+",
    "InstitutionalDepartmentName": "Risonaza Magnetica",
    "DeviceSerialNumber": "08641",
    "StationName": "HOST-JEPSMIVEKD",
    "BodyPartExamined": "BRAIN",
    "PatientPosition": "HFS",
    "ProcedureStepDescription": "RM ENCEFALO SENZA E CON MDC",
    "SoftwareVersions": "5.3.1\\5.3.1.1",
    "MRAcquisitionType": "2D",
    "SeriesDescription": "T2w TSE",
    "ProtocolName": "T2w TSE",
    "ScanningSequence": "SE",
    "SequenceVariant": "SK",
    "ScanOptions": "FC",
    "PulseSequenceName": "TSE",
    "ImageType": [
        "ORIGINAL",
        "SECONDARY",
        "M",
        "SE",
        "M",
        "SE"
    ],
    "SeriesNumber": 1023802032,
    "AcquisitionTime": "15:56:36.430000",
    "AcquisitionNumber": 5,
    "SliceThickness": 4,
    "SpacingBetweenSlices": 4.35,
    "SAR": 0.335163,
    "NumberOfAverages": 2,
    "EchoTime": 0.1,
    "RepetitionTime": 3.11447,
    "MTState": false,
    "FlipAngle": 90,
    "CoilString": "MULTI COIL",
    "PercentPhaseFOV": 83,
    "PercentSampling": 87.8676,
    "PhaseEncodingSteps": 286,
    "FrequencyEncodingSteps": 328,
    "PhaseEncodingStepsOutOfPlane": 1,
    "AcquisitionMatrixPE": 286,
    "ReconMatrixPE": 400,
    "ParallelReductionFactorInPlane": 1.2,
    "ParallelAcquisitionTechnique": "SENSE",
    "AcquisitionDuration": 124.579,
    "PixelBandwidth": 204,
    "PhaseEncodingAxis": "i",
    "ImageOrientationPatientDICOM": [
        0.995262,
        0.0940303,
        -0.0247239,
        -0.0939967,
        0.995569,
        0.0025183
    ],
    "InPlanePhaseEncodingDirectionDICOM": "ROW",
    "ConversionSoftware": "dcm2niix",
    "ConversionSoftwareVersion": "v1.0.20230411",
    "Dcm2bidsVersion": "3.0.1"
}