{
    "Modality": "MR",
    "MagneticFieldStrength": 1.5,
    "ImagingFrequency": 63.679968,
    "Manufacturer": "Siemens",
    "ManufacturersModelName": "Aera",
    "InstitutionName": "anonymized",
    "DeviceSerialNumber": "anonymized",
    "StationName": "anonymized",
    "BodyPartExamined": "HEAD",
    "PatientPosition": "HFS",
    "SoftwareVersions": "syngo MR E11",
    "MRAcquisitionType": "2D",
    "SeriesDescription": "t2_flair_cor_fs",
    "ProtocolName": "t2_flair_cor_fs",
    "ScanningSequence": "SE\\IR",
    "SequenceVariant": "SK\\SP\\MP\\OSP",
    "ScanOptions": "IR\\FS",
    "SequenceName": "*tir2d1_18",
    "ImageType": [
        "ORIGINAL",
        "PRIMARY",
        "M",
        "NORM",
        "DIS2D"
    ],
    "NonlinearGradientCorrection": true,
    "SeriesNumber": 8,
    "AcquisitionTime": "12:58:30.357500",
    "AcquisitionNumber": 1,
    "SliceThickness": 5,
    "SpacingBetweenSlices": 5.5,
    "SAR": 0.130415,
    "EchoTime": 0.1,
    "RepetitionTime": 9,
    "SpoilingState": true,
    "InversionTime": 2.5,
    "FlipAngle": 150,
    "PartialFourier": 1,
    "BaseResolution": 256,
    "ShimSetting": [
        7716,
        4349,
        -1349,
        0,
        0,
        0,
        0,
        0
    ],
    "TxRefAmp": 301.778,
    "PhaseResolution": 1,
    "PhaseOversampling": 0.2,
    "ReceiveCoilName": "HeadNeck_16",
    "ReceiveCoilActiveElements": "H1U;H2L;N1U;N2L",
    "PulseSequenceDetails": "%SiemensSeq%\\tse",
    "RefLinesPE": 38,
    "CoilCombinationMethod": "Adaptive Combine",
    "ConsistencyInfo": "N4_VE11C_LATEST_20160120",
    "MatrixCoilMode": "GRAPPA",
    "PercentPhaseFOV": 81.25,
    "PercentSampling": 100,
    "EchoTrainLength": 18,
    "PhaseEncodingSteps": 250,
    "AcquisitionMatrixPE": 208,
    "ReconMatrixPE": 208,
    "ParallelReductionFactorInPlane": 2,
    "PixelBandwidth": 160,
    "DwellTime": 1.22e-05,
    "PhaseEncodingDirection": "i",
    "SliceTiming": [
        0,
        81,
        0.24219,
        81.2422,
        0.48438,
        81.4844,
        0.73438,
        81.7344,
        0.97656,
        81.9766,
        1.21875,
        82.2188,
        1.46094,
        82.4609,
        1.71094,
        82.7109,
        1.95312,
        82.9531,
        2.19531,
        83.1953,
        2.4375,
        83.4375,
        2.67969,
        83.6797,
        2.92969,
        83.9297,
        3.17188,
        84.1719,
        3.41406
    ],
    "ImageOrientationPatientDICOM": [
        0.998174,
        0.0516943,
        0.0312329,
        0.036513,
        -0.104568,
        -0.993847
    ],
    "ImageOrientationText": "Cor>Tra(6.1)>Sag(2.8)",
    "InPlanePhaseEncodingDirectionDICOM": "ROW",
    "ConversionSoftware": "dcm2niix",
    "ConversionSoftwareVersion": "v1.0.20230411",
    "Dcm2bidsVersion": "3.0.1"
}