{
    "Modality": "MR",
    "MagneticFieldStrength": 3,
    "ImagingFrequency": 127.723018,
    "Manufacturer": "GE",
    "ManufacturersModelName": "Signa HDxt",
    "InstitutionName": "+",
    "DeviceSerialNumber": "00000000A5103135",
    "StationName": "GEMSOW3T",
    "PatientPosition": "HFS",
    "ProcedureStepDescription": "RM ENCEFALO SMDC",
    "SoftwareVersions": "24\\LX\\MR Software release:HD16.0_V02_1131.a",
    "MRAcquisitionType": "3D",
    "SeriesDescription": "Sag 3D BRAVO",
    "ProtocolName": "Epilessia 2012/3",
    "ScanningSequence": "GR",
    "SequenceVariant": "SS\\SP\\SK",
    "ScanOptions": "FAST_GEMS\\EDR_GEMS\\ACC_GEMS",
    "ImageType": [
        "ORIGINAL",
        "SECONDARY",
        "OTHER"
    ],
    "SeriesNumber": 3,
    "AcquisitionTime": "18:54:45.000000",
    "AcquisitionNumber": 1,
    "SliceThickness": 1,
    "SpacingBetweenSlices": 1,
    "SAR": 0.467877,
    "EchoTime": 0.00408,
    "RepetitionTime": 0.009124,
    "SpoilingState": true,
    "InversionTime": 0.45,
    "FlipAngle": 13,
    "CoilString": "8HRBRAIN",
    "PercentPhaseFOV": 100,
    "PercentSampling": 100,
    "AcquisitionMatrixPE": 256,
    "ReconMatrixPE": 512,
    "PixelBandwidth": 75.1172,
    "ImageOrientationPatientDICOM": [
        0.036988,
        0.999316,
        0,
        -0.000335693,
        0,
        -1
    ],
    "InPlanePhaseEncodingDirectionDICOM": "ROW",
    "ConversionSoftware": "dcm2niix",
    "ConversionSoftwareVersion": "v1.0.20230411",
    "Dcm2bidsVersion": "3.0.1"
}