{
    "Modality": "MR",
    "MagneticFieldStrength": 3,
    "ImagingFrequency": 127.723018,
    "Manufacturer": "GE",
    "ManufacturersModelName": "Signa HDxt",
    "InstitutionName": "+",
    "DeviceSerialNumber": "00000000A5103135",
    "StationName": "GEMSOW3T",
    "PatientPosition": "HFS",
    "ProcedureStepDescription": "RM ENCEFALO SMDC",
    "SoftwareVersions": "24\\LX\\MR Software release:HD16.0_V02_1131.a",
    "MRAcquisitionType": "2D",
    "SeriesDescription": "Ax T2 FLAIR V3",
    "ProtocolName": "Encefalo 2012/4",
    "ScanningSequence": "SE\\IR",
    "SequenceVariant": "SK",
    "ScanOptions": "FAST_GEMS\\TRF_GEMS\\FILTERED_GEMS",
    "ImageType": [
        "ORIGINAL",
        "SECONDARY",
        "OTHER"
    ],
    "SeriesNumber": 5,
    "AcquisitionTime": "19:04:8.000000",
    "AcquisitionNumber": 1,
    "SliceThickness": 4,
    "SpacingBetweenSlices": 4,
    "SAR": 0.9465,
    "EchoTime": 0.140008,
    "RepetitionTime": 9.002,
    "InversionTime": 2.25,
    "FlipAngle": 90,
    "CoilString": "8HRBRAIN",
    "PercentPhaseFOV": 100,
    "PercentSampling": 100,
    "AcquisitionMatrixPE": 320,
    "ReconMatrixPE": 512,
    "PixelBandwidth": 162.773,
    "PhaseEncodingAxis": "i",
    "ImageOrientationPatientDICOM": [
        0.999854,
        -0.0170905,
        0.000335727,
        0.0166325,
        0.977013,
        0.212529
    ],
    "InPlanePhaseEncodingDirectionDICOM": "ROW",
    "ConversionSoftware": "dcm2niix",
    "ConversionSoftwareVersion": "v1.0.20230411",
    "Dcm2bidsVersion": "3.0.1"
}