{
    "Modality": "MR",
    "MagneticFieldStrength": 1.5,
    "ImagingFrequency": 63.679923,
    "Manufacturer": "Siemens",
    "ManufacturersModelName": "Aera",
    "InstitutionName": "anonymized",
    "DeviceSerialNumber": "anonymized",
    "StationName": "anonymized",
    "BodyPartExamined": "HEAD",
    "PatientPosition": "HFS",
    "SoftwareVersions": "syngo MR E11",
    "MRAcquisitionType": "2D",
    "SeriesDescription": "t2_flair_cor_fs",
    "ProtocolName": "t2_flair_cor_fs",
    "ScanningSequence": "SE\\IR",
    "SequenceVariant": "SK\\SP\\MP\\OSP",
    "ScanOptions": "IR\\FS",
    "SequenceName": "*tir2d1_18",
    "ImageType": [
        "ORIGINAL",
        "PRIMARY",
        "M",
        "NORM",
        "DIS2D"
    ],
    "NonlinearGradientCorrection": true,
    "SeriesNumber": 14,
    "AcquisitionTime": "15:39:27.382500",
    "AcquisitionNumber": 1,
    "SliceThickness": 5,
    "SpacingBetweenSlices": 5.5,
    "SAR": 0.164935,
    "EchoTime": 0.1,
    "RepetitionTime": 9,
    "SpoilingState": true,
    "InversionTime": 2.5,
    "FlipAngle": 150,
    "PartialFourier": 1,
    "BaseResolution": 256,
    "ShimSetting": [
        7743,
        4412,
        -1331,
        0,
        0,
        0,
        0,
        0
    ],
    "TxRefAmp": 300.891,
    "PhaseResolution": 1,
    "PhaseOversampling": 0.2,
    "ReceiveCoilName": "HeadNeck_16",
    "ReceiveCoilActiveElements": "H1U;H2L;N1U;N2L",
    "PulseSequenceDetails": "%SiemensSeq%\\tse",
    "RefLinesPE": 38,
    "CoilCombinationMethod": "Adaptive Combine",
    "ConsistencyInfo": "N4_VE11C_LATEST_20160120",
    "MatrixCoilMode": "GRAPPA",
    "PercentPhaseFOV": 81.25,
    "PercentSampling": 100,
    "EchoTrainLength": 18,
    "PhaseEncodingSteps": 250,
    "AcquisitionMatrixPE": 208,
    "ReconMatrixPE": 208,
    "ParallelReductionFactorInPlane": 2,
    "PixelBandwidth": 160,
    "DwellTime": 1.22e-05,
    "PhaseEncodingDirection": "i",
    "SliceTiming": [
        0,
        81,
        0.25,
        81.25,
        0.5,
        81.5,
        0.73438,
        81.7344,
        0.98438,
        81.9844,
        1.23438,
        82.2344,
        1.46875,
        82.4688,
        1.71875,
        82.7188,
        1.95312,
        82.9531,
        2.20312,
        83.2031,
        2.45312,
        83.4531,
        2.6875,
        83.6875,
        2.9375,
        83.9375,
        3.1875,
        84.1875,
        3.42188,
        84.4219,
        3.67188,
        84.6719,
        3.92188,
        84.9219
    ],
    "ImageOrientationPatientDICOM": [
        0.999009,
        -0.0241219,
        0.0374053,
        0.0354317,
        -0.0776197,
        -0.996353
    ],
    "ImageOrientationText": "Cor>Tra(4.4)>Sag(-1.5)",
    "InPlanePhaseEncodingDirectionDICOM": "ROW",
    "ConversionSoftware": "dcm2niix",
    "ConversionSoftwareVersion": "v1.0.20230411",
    "Dcm2bidsVersion": "3.0.1"
}