{
	"Modality": "MR",
	"MagneticFieldStrength": 3,
	"ImagingFrequency": 123.248692,
	"Manufacturer": "Siemens",
	"ManufacturersModelName": "MAGNETOM Vida",
	"InstitutionName": "anonymized",
	"DeviceSerialNumber": "anonymized",
	"StationName": "anonymized",
	"BodyPartExamined": "HEAD",
	"PatientPosition": "HFS",
	"SoftwareVersions": "syngo MR XA60",
	"MRAcquisitionType": "2D",
	"SeriesDescription": "t2_tse_tra_4mm",
	"ProtocolName": "t2_tse_tra_4mm",
	"ScanningSequence": "SE",
	"SequenceVariant": "SP\\SK",
	"ScanOptions": "PER",
	"SequenceName": "*tse2d1_12",
	"ImageType": ["ORIGINAL", "PRIMARY", "M", "NORM", "DIS2D", "MFSPLIT"],
	"ImageTypeText": ["ORIGINAL", "PRIMARY", "M", "NONE"],
	"NonlinearGradientCorrection": true,
	"SeriesNumber": 8,
	"AcquisitionTime": "16:52:41.922500",
	"AcquisitionNumber": 1,
	"SliceThickness": 4,
	"SpacingBetweenSlices": 4.4,
	"SAR": 0.600487,
	"EchoTime": 0.077,
	"RepetitionTime": 4.54,
	"FlipAngle": 160,
	"PartialFourier": 1,
	"BaseResolution": 512,
	"ShimSetting": [
		-3957,
		-5363,
		-9393,
		11,
		-317,
		-153,
		-45,
		47	],
	"TxRefAmp": 415.672,
	"PhaseResolution": 0.7,
	"ReceiveCoilName": "HeadNeck_20_TCS",
	"ReceiveCoilActiveElements": "HE1-4;NE2",
	"CoilString": "HeadNeck_20_TCS",
	"PulseSequenceDetails": "%SiemensSeq%\\tse",
	"CoilCombinationMethod": "Adaptive Combine",
	"MatrixCoilMode": "SENSE",
	"PercentPhaseFOV": 81.25,
	"PercentSampling": 70,
	"EchoTrainLength": 12,
	"PhaseEncodingSteps": 291,
	"AcquisitionMatrixPE": 291,
	"ReconMatrixPE": 416,
	"PixelBandwidth": 250,
	"DwellTime": 3.9e-06,
	"PhaseEncodingDirection": "i",
	"ImageOrientationPatientDICOM": [
		0.998814,
		0.0191931,
		-0.0447517,
		-0.0188294,
		0.999786,
		0.00853477	],
	"InPlanePhaseEncodingDirectionDICOM": "ROW",
	"ConversionSoftware": "dcm2niix",
	"ConversionSoftwareVersion": "v1.0.20230411"
}
