{
	"Modality": "MR",
	"MagneticFieldStrength": 1.5,
	"ImagingFrequency": 63.686112,
	"Manufacturer": "Siemens",
	"ManufacturersModelName": "Espree",
	"InstitutionName": "anonymized",
	"DeviceSerialNumber": "anonymized",
	"StationName": "anonymized",
	"PatientPosition": "HFS",
	"SoftwareVersions": "syngo MR B19",
	"MRAcquisitionType": "2D",
	"SeriesDescription": "t2_tse_tra_5mm_smbr_recon",
	"ProtocolName": "t2_tse_tra_5mm_smbr",
	"ScanningSequence": "SE",
	"SequenceVariant": "SK\\SP\\OSP",
	"ScanOptions": "PFP",
	"SequenceName": "*tse2d1_13",
	"ImageType": ["ORIGINAL", "PRIMARY", "M", "NORM", "DIS2D", "SH", "FIL"],
	"NonlinearGradientCorrection": true,
	"SeriesNumber": 7,
	"AcquisitionTime": "13:53:31.145000",
	"AcquisitionNumber": 1,
	"SliceThickness": 5,
	"SpacingBetweenSlices": 5.5,
	"SAR": 0.493994,
	"EchoTime": 0.11,
	"RepetitionTime": 4.5819,
	"SpoilingState": true,
	"FlipAngle": 170,
	"PartialFourier": 1,
	"Interpolation2D": 1,
	"BaseResolution": 448,
	"ShimSetting": [
		-6546,
		-12627,
		3715,
		589,
		-285,
		30,
		518,
		275	],
	"TxRefAmp": 316.324,
	"PhaseResolution": 0.55,
	"ReceiveCoilName": "HeadMatrix",
	"CoilString": "C:HE1-4",
	"PulseSequenceDetails": "%SiemensSeq%\\tse",
	"CoilCombinationMethod": "Adaptive Combine",
	"MatrixCoilMode": "SENSE",
	"PercentPhaseFOV": 87.5,
	"PercentSampling": 55,
	"EchoTrainLength": 13,
	"PhaseEncodingSteps": 170,
	"AcquisitionMatrixPE": 216,
	"ReconMatrixPE": 896,
	"PixelBandwidth": 169,
	"DwellTime": 6.6e-06,
	"PhaseEncodingDirection": "i",
	"SliceTiming": [
		2.29688,
		0,
		2.45312,
		0.15625,
		2.60938,
		0.3125,
		2.76562,
		0.46875,
		2.92188,
		0.60938,
		3.0625,
		0.76562,
		3.21875,
		0.92188,
		3.375,
		1.07812,
		3.53125,
		1.23438,
		3.6875,
		1.375,
		3.84375,
		1.53125,
		3.98438,
		1.6875,
		4.14062,
		1.84375,
		4.29688,
		2,
		4.45312,
		2.15625	],
	"ImageOrientationPatientDICOM": [
		0.998888,
		0.0193104,
		0.0430125,
		-0.00871716,
		0.972192,
		-0.234023	],
	"ImageOrientationText": "Tra>Cor(-13.5)>Sag(2.7)",
	"InPlanePhaseEncodingDirectionDICOM": "ROW",
	"ConversionSoftware": "dcm2niix",
	"ConversionSoftwareVersion": "v1.0.20230411"
}
