{
	"Modality": "MR",
	"MagneticFieldStrength": 3,
	"ImagingFrequency": 123.248574,
	"Manufacturer": "Siemens",
	"ManufacturersModelName": "MAGNETOM Vida",
	"InstitutionName": "anonymized",
	"DeviceSerialNumber": "anonymized",
	"StationName": "anonymized",
	"BodyPartExamined": "HEAD",
	"PatientPosition": "HFS",
	"SoftwareVersions": "syngo MR XA60",
	"MRAcquisitionType": "3D",
	"SeriesDescription": "t1_space_sag",
	"ProtocolName": "t1_space_sag",
	"ScanningSequence": "SE",
	"SequenceVariant": "SP\\SK",
	"ScanOptions": "PER",
	"SequenceName": "*spcR_42ns",
	"ImageType": ["ORIGINAL", "PRIMARY", "M", "NORM", "DIS2D", "MFSPLIT"],
	"ImageTypeText": ["ORIGINAL", "PRIMARY", "M", "NONE"],
	"NonlinearGradientCorrection": true,
	"SeriesNumber": 9001,
	"AcquisitionTime": "11:09:46.827500",
	"AcquisitionNumber": 1,
	"SliceThickness": 1,
	"SAR": 0.633994,
	"EchoTime": 0.011,
	"RepetitionTime": 0.7,
	"FlipAngle": 120,
	"VariableFlipAngleFlag": true,
	"PartialFourier": 1,
	"BaseResolution": 256,
	"ShimSetting": [
		-3953,
		-5646,
		-9154,
		-138,
		-355,
		-845,
		-82,
		23	],
	"TxRefAmp": 404.977,
	"PhaseResolution": 0.9,
	"ReceiveCoilName": "HeadNeck_20_TCS",
	"ReceiveCoilActiveElements": "HE1-4;NE1,2;SP1",
	"CoilString": "1",
	"PulseSequenceDetails": "%SiemensSeq%\\space",
	"RefLinesPE": 24,
	"CoilCombinationMethod": "Adaptive Combine",
	"PercentPhaseFOV": 100,
	"PercentSampling": 90,
	"EchoTrainLength": 42,
	"PhaseEncodingSteps": 230,
	"AcquisitionMatrixPE": 230,
	"ReconMatrixPE": 256,
	"CompressedSensingFactor": 4,
	"PixelBandwidth": 630,
	"DwellTime": 3.1e-06,
	"PhaseEncodingDirection": "i",
	"ImageOrientationPatientDICOM": [
		0.0705958,
		0.967533,
		0.242686,
		0.0444705,
		0.239998,
		-0.969754	],
	"InPlanePhaseEncodingDirectionDICOM": "ROW",
	"ConversionSoftware": "dcm2niix",
	"ConversionSoftwareVersion": "v1.0.20230411"
}
