{
    "Modality": "MR",
    "MagneticFieldStrength": 1.5,
    "ImagingFrequency": 63.880639,
    "Manufacturer": "GE",
    "ManufacturersModelName": "Signa HDxt",
    "InstitutionName": "Hospital Joan XXIII",
    "DeviceSerialNumber": "00000000MEX70902",
    "StationName": "MR-01",
    "PatientPosition": "HFS",
    "ProcedureStepDescription": "RM cerebral multiparam\u00e8trica ( cerebral+",
    "SoftwareVersions": "24\\LX\\MR Software release:HD16.0_V03_1638.a",
    "MRAcquisitionType": "2D",
    "SeriesDescription": "AX FLAIR",
    "ProtocolName": "CRANI TUMOR 2018/6",
    "ScanningSequence": "SE\\IR",
    "SequenceVariant": "SK",
    "ScanOptions": "FAST_GEMS\\FC_SLICE_AX_GEMS\\FC\\SAT_GEMS\\TRF_GEMS\\FILTERED_GEMS\\SP",
    "PulseSequenceName": "fse",
    "ImageType": [
        "ORIGINAL",
        "PRIMARY",
        "OTHER"
    ],
    "SeriesNumber": 6,
    "AcquisitionTime": "11:16:35.000000",
    "AcquisitionNumber": 1,
    "SliceThickness": 5,
    "SpacingBetweenSlices": 6.5,
    "SAR": 0.5944,
    "EchoTime": 0.1286,
    "RepetitionTime": 8.002,
    "InversionTime": 2,
    "FlipAngle": 90,
    "ShimSetting": [
        0,
        9,
        -8
    ],
    "PrescanReuseString": "TG/s1,CF/s3,AS/s3",
    "CoilString": "8NVHEAD NECK_A",
    "PercentPhaseFOV": 100,
    "PercentSampling": 100,
    "AcquisitionMatrixPE": 256,
    "ReconMatrixPE": 512,
    "PixelBandwidth": 97.6562,
    "PhaseEncodingAxis": "i",
    "ImageOrientationPatientDICOM": [
        0.999159,
        -0.0132757,
        0.0387896,
        0.0253001,
        0.944163,
        -0.328505
    ],
    "InPlanePhaseEncodingDirectionDICOM": "ROW",
    "ConversionSoftware": "dcm2niix",
    "ConversionSoftwareVersion": "v1.0.20230411",
    "Dcm2bidsVersion": "3.0.1"
}