{
    "Modality": "MR",
    "MagneticFieldStrength": 3,
    "ImagingFrequency": 127.731059,
    "Manufacturer": "Philips",
    "ManufacturersModelName": "Achieva dStream",
    "InstitutionName": "anonymized",
    "DeviceSerialNumber": "anonymized",
    "StationName": "anonymized",
    "BodyPartExamined": "BRAIN",
    "PatientPosition": "HFS",
    "SoftwareVersions": "5.3.1\\5.3.1.3",
    "MRAcquisitionType": "2D",
    "SeriesDescription": "t2_mvxd_3mm_sag",
    "ProtocolName": "t2_mvxd_3mm_sag",
    "ScanningSequence": "SE",
    "SequenceVariant": "SK",
    "ScanOptions": "FS",
    "PulseSequenceName": "TSE",
    "ImageType": [
        "ORIGINAL",
        "PRIMARY",
        "M",
        "SE",
        "M",
        "SE"
    ],
    "SeriesNumber": 701,
    "AcquisitionTime": "11:24:18.950000",
    "AcquisitionNumber": 7,
    "PhilipsRescaleSlope": 1,
    "PhilipsRescaleIntercept": 0,
    "PhilipsScaleSlope": 0.0320303,
    "UsePhilipsFloatNotDisplayScaling": 1,
    "SliceThickness": 3,
    "SpacingBetweenSlices": 3.3,
    "SAR": 0.166525,
    "EchoTime": 0.085,
    "RepetitionTime": 4,
    "MTState": false,
    "FlipAngle": 90,
    "CoilString": "MULTI COIL",
    "PercentPhaseFOV": 100,
    "PercentSampling": 100,
    "EchoTrainLength": 20,
    "PhaseEncodingSteps": 48,
    "FrequencyEncodingSteps": 384,
    "PhaseEncodingStepsOutOfPlane": 1,
    "AcquisitionMatrixPE": 48,
    "ReconMatrixPE": 432,
    "ParallelReductionFactorInPlane": 2.4,
    "ParallelAcquisitionTechnique": "SENSE",
    "WaterFatShift": 0.987261,
    "EstimatedEffectiveEchoSpacing": 5.02331e-06,
    "EstimatedTotalReadoutTime": 0.00216505,
    "AcquisitionDuration": 304,
    "PixelBandwidth": 440,
    "ImageOrientationPatientDICOM": [
        -0.0348652,
        0.978286,
        0.204307,
        0.0429067,
        0.205708,
        -0.977672
    ],
    "BidsGuess": [
        "anat",
        "_acq-SKSETSEp24_run-701_T2w"
    ],
    "ConversionSoftware": "dcm2niix",
    "ConversionSoftwareVersion": "v1.0.20240202",
    "Dcm2bidsVersion": "3.1.1"
}