{
    "Modality": "MR",
    "MagneticFieldStrength": 3,
    "ImagingFrequency": 127.731062,
    "Manufacturer": "Philips",
    "ManufacturersModelName": "Achieva dStream",
    "InstitutionName": "anonymized",
    "DeviceSerialNumber": "anonymized",
    "StationName": "anonymized",
    "BodyPartExamined": "BRAIN",
    "PatientPosition": "HFS",
    "SoftwareVersions": "5.3.1\\5.3.1.3",
    "MRAcquisitionType": "3D",
    "SeriesDescription": "MPR_3DFLAIR sag",
    "ProtocolName": "MPR_3DFLAIR sag",
    "ScanningSequence": "IR",
    "SequenceVariant": "SK",
    "ScanOptions": "FS",
    "PulseSequenceName": "TIR",
    "ImageType": [
        "ORIGINAL",
        "PRIMARY",
        "PROJECTION IMAGE",
        "M",
        "IR"
    ],
    "SeriesNumber": 602,
    "AcquisitionTime": "11:18:17.860000",
    "AcquisitionNumber": 6,
    "PhilipsRescaleSlope": 1,
    "PhilipsRescaleIntercept": 0,
    "PhilipsScaleSlope": 0.00224321,
    "UsePhilipsFloatNotDisplayScaling": 1,
    "SliceThickness": 3,
    "SpacingBetweenSlices": 3,
    "SAR": 0.0314463,
    "NumberOfAverages": 2,
    "EchoTime": 0.262869,
    "RepetitionTime": 4.8,
    "MTState": false,
    "InversionTime": 1.65,
    "FlipAngle": 90,
    "CoilString": "MULTI COIL",
    "PercentPhaseFOV": 100,
    "PercentSampling": 78.1953,
    "EchoTrainLength": 157,
    "PhaseEncodingSteps": 228,
    "FrequencyEncodingSteps": 228,
    "PhaseEncodingStepsOutOfPlane": 160,
    "AcquisitionMatrixPE": 228,
    "ReconMatrixPE": 512,
    "ParallelReductionFactorInPlane": 3,
    "ParallelAcquisitionTechnique": "SENSE",
    "ParallelReductionFactorOutOfPlane": 2,
    "WaterFatShift": 0.308951,
    "EstimatedEffectiveEchoSpacing": 1.38336e-06,
    "EstimatedTotalReadoutTime": 0.000706898,
    "AcquisitionDuration": 350.4,
    "PixelBandwidth": 1406,
    "ImageOrientationPatientDICOM": [
        -0.00929241,
        0.978813,
        0.204545,
        0.0144804,
        0.204664,
        -0.978725
    ],
    "BidsGuess": [
        "anat",
        "_acq-SKIRTIRp30_run-602_FLAIR"
    ],
    "ConversionSoftware": "dcm2niix",
    "ConversionSoftwareVersion": "v1.0.20240202",
    "Dcm2bidsVersion": "3.1.1"
}