{
    "Modality": "MR",
    "MagneticFieldStrength": 3,
    "ImagingFrequency": 123.226888,
    "Manufacturer": "Siemens",
    "ManufacturersModelName": "Skyra",
    "InstitutionName": "+",
    "InstitutionalDepartmentName": "Department",
    "InstitutionAddress": "Via Altura 3 3,Bologna,District,IT,40139",
    "DeviceSerialNumber": "145039",
    "StationName": "AWP145039",
    "BodyPartExamined": "HEAD",
    "PatientPosition": "HFS",
    "ProcedureStepDescription": "RM ENCEFALO CON MDC",
    "SoftwareVersions": "syngo MR E11",
    "MRAcquisitionType": "2D",
    "SeriesDescription": "t2_tse_tra_4mm_C",
    "ProtocolName": "t2_tse_tra_4mm_C",
    "ScanningSequence": "SE",
    "SequenceVariant": "SK\\SP\\OSP",
    "SequenceName": "*tse2d1_17",
    "ImageType": [
        "ORIGINAL",
        "SECONDARY",
        "M",
        "ND",
        "NORM"
    ],
    "NonlinearGradientCorrection": false,
    "SeriesNumber": 27,
    "AcquisitionTime": "15:17:21.030000",
    "AcquisitionNumber": 1,
    "SliceThickness": 4,
    "SpacingBetweenSlices": 4,
    "SAR": 0.483148,
    "EchoTime": 0.111,
    "RepetitionTime": 4,
    "SpoilingState": true,
    "FlipAngle": 150,
    "PartialFourier": 0.0379464,
    "PercentPhaseFOV": 87.5,
    "PercentSampling": 100,
    "EchoTrainLength": 17,
    "PhaseEncodingSteps": 459,
    "AcquisitionMatrixPE": 448,
    "ReconMatrixPE": 448,
    "PixelBandwidth": 220,
    "PhaseEncodingAxis": "i",
    "SliceTiming": [
        72,
        0,
        72.2188,
        0.21875,
        72.4375,
        0.4375,
        72.6719,
        0.67188,
        72.8906,
        0.89062,
        73.1094,
        1.10938,
        73.3281,
        1.32812,
        73.5469,
        1.54688,
        73.7812,
        1.78125,
        74,
        2,
        74.2188,
        2.21875,
        74.4375,
        2.4375,
        74.6719,
        2.67188,
        74.8906,
        2.89062,
        75.1094,
        3.10938,
        75.3281,
        3.32812,
        75.5469,
        3.54688,
        75.7812,
        3.78125
    ],
    "ImageOrientationPatientDICOM": [
        0.997611,
        -0.0592821,
        -0.0354757,
        0.0505368,
        0.976319,
        -0.210349
    ],
    "InPlanePhaseEncodingDirectionDICOM": "ROW",
    "ConversionSoftware": "dcm2niix",
    "ConversionSoftwareVersion": "v1.0.20230411",
    "Dcm2bidsVersion": "3.0.1"
}