{
    "Modality": "MR",
    "MagneticFieldStrength": 1.5,
    "ImagingFrequency": 63.882134,
    "Manufacturer": "Philips",
    "ManufacturersModelName": "Ingenia",
    "InstitutionName": "AZ. OSP. UNIV. POL. G. MARTINO",
    "InstitutionalDepartmentName": "Risonanza",
    "InstitutionAddress": "Via Consolare Valeria 1 98125 Messina",
    "DeviceSerialNumber": "70300",
    "StationName": "PHILIPS-1ED3K9V",
    "BodyPartExamined": "BRAIN",
    "PatientPosition": "HFS",
    "ProcedureStepDescription": "Cervello, tronco encefalico RMN, senza e con contrasto",
    "SoftwareVersions": "5.3.1\\5.3.1.2",
    "MRAcquisitionType": "2D",
    "SeriesDescription": "T2W_TSE",
    "ProtocolName": "T2W_TSE",
    "ScanningSequence": "SE",
    "SequenceVariant": "SK",
    "ScanOptions": "OTHER",
    "PulseSequenceName": "TSE",
    "ImageType": [
        "ORIGINAL",
        "PRIMARY",
        "M",
        "SE",
        "M",
        "SE"
    ],
    "SeriesNumber": 201,
    "AcquisitionTime": "08:52:26.110000",
    "AcquisitionNumber": 2,
    "PhilipsRescaleSlope": 3.22564,
    "PhilipsRescaleIntercept": 0,
    "PhilipsScaleSlope": 0.844452,
    "UsePhilipsFloatNotDisplayScaling": 1,
    "SliceThickness": 5,
    "SpacingBetweenSlices": 6,
    "SAR": 0.142468,
    "NumberOfAverages": 2,
    "EchoTime": 0.1,
    "RepetitionTime": 4.83714,
    "MTState": false,
    "FlipAngle": 90,
    "CoilString": "MULTI COIL",
    "PercentPhaseFOV": 80.2083,
    "PercentSampling": 80.0623,
    "PhaseEncodingSteps": 309,
    "FrequencyEncodingSteps": 400,
    "PhaseEncodingStepsOutOfPlane": 1,
    "AcquisitionMatrixPE": 309,
    "ReconMatrixPE": 768,
    "ParallelReductionFactorInPlane": 1.5,
    "ParallelAcquisitionTechnique": "SENSE",
    "WaterFatShift": 1.42483,
    "EstimatedEffectiveEchoSpacing": 4.2764e-06,
    "EstimatedTotalReadoutTime": 0.00328,
    "AcquisitionDuration": 111.254,
    "PixelBandwidth": 152,
    "PhaseEncodingAxis": "i",
    "ImageOrientationPatientDICOM": [
        0.995649,
        -0.034546,
        -0.0865447,
        0.00918712,
        0.960609,
        -0.277753
    ],
    "InPlanePhaseEncodingDirectionDICOM": "ROW",
    "ConversionSoftware": "dcm2niix",
    "ConversionSoftwareVersion": "v1.0.20230411",
    "Dcm2bidsVersion": "3.0.1"
}