{
    "Modality": "MR",
    "MagneticFieldStrength": 1.5,
    "ImagingFrequency": 63.882134,
    "Manufacturer": "Philips",
    "ManufacturersModelName": "Ingenia",
    "InstitutionName": "AZ. OSP. UNIV. POL. G. MARTINO",
    "InstitutionalDepartmentName": "Risonanza",
    "InstitutionAddress": "Via Consolare Valeria 1 98125 Messina",
    "DeviceSerialNumber": "70300",
    "StationName": "PHILIPS-1ED3K9V",
    "BodyPartExamined": "BRAIN",
    "PatientPosition": "HFS",
    "ProcedureStepDescription": "Cervello, tronco encefalico RMN, senza e con contrasto",
    "SoftwareVersions": "5.3.1\\5.3.1.2",
    "MRAcquisitionType": "2D",
    "SeriesDescription": "T1W_SE",
    "ProtocolName": "T1W_SE",
    "ScanningSequence": "SE",
    "SequenceVariant": "SS",
    "ScanOptions": "OTHER",
    "PulseSequenceName": "SE",
    "ImageType": [
        "ORIGINAL",
        "PRIMARY",
        "M",
        "SE",
        "M",
        "SE"
    ],
    "SeriesNumber": 501,
    "AcquisitionTime": "08:59:39.780000",
    "AcquisitionNumber": 5,
    "PhilipsRescaleSlope": 2.08889,
    "PhilipsRescaleIntercept": 0,
    "PhilipsScaleSlope": 1.24823,
    "UsePhilipsFloatNotDisplayScaling": 1,
    "SliceThickness": 5.5,
    "SpacingBetweenSlices": 6.5,
    "SAR": 0.191208,
    "EchoTime": 0.015,
    "RepetitionTime": 0.580932,
    "MTState": false,
    "FlipAngle": 69,
    "CoilString": "MULTI COIL",
    "PercentPhaseFOV": 80.1136,
    "PercentSampling": 76.7857,
    "PhaseEncodingSteps": 215,
    "FrequencyEncodingSteps": 280,
    "PhaseEncodingStepsOutOfPlane": 1,
    "AcquisitionMatrixPE": 215,
    "ReconMatrixPE": 704,
    "WaterFatShift": 1.98989,
    "EstimatedEffectiveEchoSpacing": 6.51607e-06,
    "EstimatedTotalReadoutTime": 0.0045808,
    "AcquisitionDuration": 101.663,
    "PixelBandwidth": 109,
    "PhaseEncodingAxis": "i",
    "ImageOrientationPatientDICOM": [
        0.995649,
        -0.034546,
        -0.0865447,
        0.00918712,
        0.960609,
        -0.277753
    ],
    "InPlanePhaseEncodingDirectionDICOM": "ROW",
    "ConversionSoftware": "dcm2niix",
    "ConversionSoftwareVersion": "v1.0.20230411",
    "Dcm2bidsVersion": "3.0.1"
}