{
    "Modality": "MR",
    "MagneticFieldStrength": 3,
    "ImagingFrequency": 123.226973,
    "Manufacturer": "Siemens",
    "ManufacturersModelName": "Skyra",
    "InstitutionName": "+",
    "InstitutionalDepartmentName": "Department",
    "InstitutionAddress": "Via Altura 3 3,Bologna,District,IT,40139",
    "DeviceSerialNumber": "145039",
    "StationName": "AWP145039",
    "BodyPartExamined": "HEAD",
    "PatientPosition": "HFS",
    "ProcedureStepDescription": "RM ENCEFALO CON MDC",
    "SoftwareVersions": "syngo MR E11",
    "MRAcquisitionType": "3D",
    "SeriesDescription": "t1_space_sag_iso+C",
    "ProtocolName": "t1_space_sag_iso+C",
    "ScanningSequence": "SE",
    "SequenceVariant": "SK\\SP\\OSP",
    "SequenceName": "*spcR_70ns",
    "ImageType": [
        "ORIGINAL",
        "SECONDARY",
        "M",
        "ND",
        "NORM"
    ],
    "NonlinearGradientCorrection": false,
    "SeriesNumber": 19,
    "AcquisitionTime": "10:44:50.842500",
    "AcquisitionNumber": 1,
    "SliceThickness": 1,
    "SAR": 0.513729,
    "NumberOfAverages": 2,
    "EchoTime": 0.011,
    "RepetitionTime": 0.6,
    "SpoilingState": true,
    "FlipAngle": 120,
    "VariableFlipAngleFlag": true,
    "PercentPhaseFOV": 93.75,
    "PercentSampling": 100,
    "EchoTrainLength": 70,
    "PhaseEncodingSteps": 252,
    "AcquisitionMatrixPE": 240,
    "ReconMatrixPE": 240,
    "PixelBandwidth": 700,
    "PhaseEncodingAxis": "i",
    "ImageOrientationPatientDICOM": [
        0.1282,
        0.964198,
        0.232137,
        -0.020308,
        0.236572,
        -0.971402
    ],
    "InPlanePhaseEncodingDirectionDICOM": "ROW",
    "ConversionSoftware": "dcm2niix",
    "ConversionSoftwareVersion": "v1.0.20230411",
    "Dcm2bidsVersion": "3.0.1"
}