{
    "Modality": "MR",
    "MagneticFieldStrength": 1.5,
    "ImagingFrequency": 63.889519,
    "Manufacturer": "Philips",
    "ManufacturersModelName": "Ingenia",
    "InstitutionName": "+",
    "InstitutionalDepartmentName": "RM PAD.23",
    "InstitutionAddress": "VIA ALBERTONI 15",
    "DeviceSerialNumber": "70823",
    "StationName": "HOST-F3MKQQR6C2",
    "BodyPartExamined": "SELLA",
    "PatientPosition": "HFS",
    "ProcedureStepDescription": "RM ENCEFALO SENZA E CON MDC",
    "SoftwareVersions": "5.3.1\\5.3.1.3",
    "MRAcquisitionType": "2D",
    "SeriesDescription": "Ax FLAIR SPIR",
    "ProtocolName": "Ax FLAIR SPIR",
    "ScanningSequence": "IR",
    "SequenceVariant": "SK",
    "ScanOptions": "FS",
    "PulseSequenceName": "TIR",
    "ImageType": [
        "ORIGINAL",
        "SECONDARY",
        "M",
        "IR",
        "M",
        "IR"
    ],
    "SeriesNumber": 301,
    "AcquisitionTime": "09:40:46.010000",
    "AcquisitionNumber": 3,
    "SliceThickness": 4,
    "SpacingBetweenSlices": 4,
    "SAR": 0.0626466,
    "NumberOfAverages": 2,
    "EchoTime": 0.13,
    "RepetitionTime": 11,
    "MTState": false,
    "InversionTime": 2.8,
    "FlipAngle": 90,
    "CoilString": "MULTI COIL",
    "PercentPhaseFOV": 79.5455,
    "PercentSampling": 80.5,
    "PhaseEncodingSteps": 170,
    "FrequencyEncodingSteps": 252,
    "PhaseEncodingStepsOutOfPlane": 1,
    "AcquisitionMatrixPE": 170,
    "ReconMatrixPE": 352,
    "AcquisitionDuration": 308,
    "PixelBandwidth": 306,
    "PhaseEncodingAxis": "i",
    "ImageOrientationPatientDICOM": [
        0.998646,
        0.000641991,
        0.0520153,
        0.000228442,
        0.99986,
        -0.0167265
    ],
    "InPlanePhaseEncodingDirectionDICOM": "ROW",
    "ConversionSoftware": "dcm2niix",
    "ConversionSoftwareVersion": "v1.0.20230411",
    "Dcm2bidsVersion": "3.0.1"
}