{
	"Modality": "MR",
	"MagneticFieldStrength": 3,
	"ImagingFrequency": 123.248645,
	"Manufacturer": "Siemens",
	"ManufacturersModelName": "MAGNETOM Vida",
	"InstitutionName": "anonymized",
	"DeviceSerialNumber": "anonymized",
	"StationName": "anonymized",
	"BodyPartExamined": "HEAD",
	"PatientPosition": "HFS",
	"SoftwareVersions": "syngo MR XA60\\MAGNETOM Vida syngo MR XA60",
	"MRAcquisitionType": "3D",
	"SeriesDescription": "t1_space_sag_ND",
	"ProtocolName": "t1_space_sag",
	"ScanningSequence": "SE",
	"SequenceVariant": "SP\\SK",
	"SequenceName": "*spcR_42ns",
	"ImageType": ["DERIVED", "PRIMARY", "M", "NORM", "ND", "MFSPLIT"],
	"ImageTypeText": ["DERIVED", "PRIMARY", "NAVAIL", "RESAMPLED"],
	"NonlinearGradientCorrection": false,
	"RawImage": false,
	"SeriesNumber": 38001,
	"AcquisitionTime": "12:21:3.384840",
	"AcquisitionNumber": 1,
	"SliceThickness": 1,
	"SAR": 0.548362,
	"EchoTime": 0.011,
	"RepetitionTime": 0.7,
	"FlipAngle": 120,
	"PartialFourier": 1,
	"BaseResolution": 256,
	"ShimSetting": [
		-3980,
		-5450,
		-9126,
		-125,
		-312,
		-826,
		231,
		88	],
	"TxRefAmp": 380.821,
	"PhaseResolution": 0.9,
	"ReceiveCoilName": "Spine_24_RS",
	"ReceiveCoilActiveElements": "HE1-4;NE1,2;SP1",
	"CoilString": "1",
	"PulseSequenceDetails": "%SiemensSeq%\\space",
	"RefLinesPE": 24,
	"CoilCombinationMethod": "Adaptive Combine",
	"PercentPhaseFOV": 100,
	"PercentSampling": 90,
	"EchoTrainLength": 42,
	"PhaseEncodingSteps": 230,
	"AcquisitionMatrixPE": 230,
	"ReconMatrixPE": 256,
	"CompressedSensingFactor": 4,
	"PixelBandwidth": 630,
	"DwellTime": 3.1e-06,
	"PhaseEncodingDirection": "i",
	"ImageOrientationPatientDICOM": [
		-0.00404187,
		0.999846,
		-0.0171007,
		0.017741,
		-0.0170265,
		-0.999698	],
	"InPlanePhaseEncodingDirectionDICOM": "ROW",
	"ConversionSoftware": "dcm2niix",
	"ConversionSoftwareVersion": "v1.0.20230411"
}
