{
    "Modality": "MR",
    "MagneticFieldStrength": 3,
    "ImagingFrequency": 123.226922,
    "Manufacturer": "Siemens",
    "ManufacturersModelName": "Skyra",
    "InstitutionName": "+",
    "InstitutionalDepartmentName": "Department",
    "InstitutionAddress": "Via Altura 3 3,Bologna,District,IT,40139",
    "DeviceSerialNumber": "145039",
    "StationName": "AWP145039",
    "BodyPartExamined": "HEAD",
    "PatientPosition": "HFS",
    "ProcedureStepDescription": "RM ENCEFALO SMDC",
    "SoftwareVersions": "syngo MR E11",
    "MRAcquisitionType": "2D",
    "SeriesDescription": "t2_tse_dark-fluid_fs_tra_4mm",
    "ProtocolName": "t2_tse_dark-fluid_fs_tra_4mm",
    "ScanningSequence": "SE\\IR",
    "SequenceVariant": "SK\\SP\\MP\\OSP",
    "ScanOptions": "IR\\SAT1\\FS",
    "SequenceName": "*tir2d1rs16",
    "ImageType": [
        "ORIGINAL",
        "SECONDARY",
        "M",
        "ND",
        "NORM"
    ],
    "NonlinearGradientCorrection": false,
    "SeriesNumber": 6,
    "AcquisitionTime": "17:24:2.465000",
    "AcquisitionNumber": 1,
    "SliceThickness": 4,
    "SpacingBetweenSlices": 4,
    "SAR": 0.351321,
    "EchoTime": 0.083,
    "RepetitionTime": 9,
    "SpoilingState": true,
    "InversionTime": 2.5,
    "FlipAngle": 150,
    "PartialFourier": 0.0677966,
    "PercentPhaseFOV": 96.875,
    "PercentSampling": 95,
    "EchoTrainLength": 16,
    "PhaseEncodingSteps": 354,
    "AcquisitionMatrixPE": 236,
    "ReconMatrixPE": 248,
    "PixelBandwidth": 285,
    "PhaseEncodingAxis": "i",
    "SliceTiming": [
        0,
        77,
        0.23438,
        77.2344,
        0.48438,
        77.4844,
        0.73438,
        77.7344,
        0.96875,
        77.9688,
        1.21875,
        78.2188,
        1.46875,
        78.4688,
        1.71875,
        78.7188,
        1.95312,
        78.9531,
        2.20312,
        79.2031,
        2.45312,
        79.4531,
        2.6875,
        79.6875,
        2.9375,
        79.9375,
        3.1875,
        80.1875,
        3.42188,
        80.4219,
        3.67188,
        80.6719,
        3.92188,
        80.9219,
        4.15625,
        81.1562
    ],
    "ImageOrientationPatientDICOM": [
        0.994592,
        0.0984887,
        -0.0329542,
        -0.103834,
        0.949488,
        -0.296126
    ],
    "InPlanePhaseEncodingDirectionDICOM": "ROW",
    "ConversionSoftware": "dcm2niix",
    "ConversionSoftwareVersion": "v1.0.20230411",
    "Dcm2bidsVersion": "3.0.1"
}