{
    "Modality": "MR",
    "MagneticFieldStrength": 1.5,
    "ImagingFrequency": 63.650003,
    "Manufacturer": "Siemens",
    "ManufacturersModelName": "Avanto",
    "InstitutionName": "anonymized",
    "DeviceSerialNumber": "anonymized",
    "StationName": "anonymized",
    "PatientPosition": "HFS",
    "SoftwareVersions": "syngo MR B19",
    "MRAcquisitionType": "2D",
    "SeriesDescription": "t2_flair_fs_tra",
    "ProtocolName": "t2_flair_fs_tra",
    "ScanningSequence": "SE\\IR",
    "SequenceVariant": "SK\\SP\\MP\\OSP",
    "ScanOptions": "IR\\SAT1\\FS",
    "SequenceName": "*tir2d1_21",
    "ImageType": [
        "ORIGINAL",
        "PRIMARY",
        "M",
        "ND"
    ],
    "NonlinearGradientCorrection": false,
    "SeriesNumber": 10,
    "AcquisitionTime": "18:08:14.242500",
    "AcquisitionNumber": 1,
    "SliceThickness": 5,
    "SpacingBetweenSlices": 6,
    "SAR": 0.1342,
    "EchoTime": 0.122,
    "RepetitionTime": 9,
    "SpoilingState": true,
    "InversionTime": 2.5,
    "FlipAngle": 150,
    "PartialFourier": 1,
    "Interpolation2D": 1,
    "BaseResolution": 256,
    "ShimSetting": [
        -121,
        -142,
        282,
        677,
        -252,
        -808,
        -111,
        222
    ],
    "TxRefAmp": 206.634,
    "PhaseResolution": 0.9,
    "ReceiveCoilName": "HeadMatrix",
    "CoilString": "C:HE1-4",
    "PulseSequenceDetails": "%SiemensSeq%\\tse",
    "CoilCombinationMethod": "Adaptive Combine",
    "MatrixCoilMode": "SENSE",
    "PercentPhaseFOV": 87.5,
    "PercentSampling": 90,
    "EchoTrainLength": 21,
    "PhaseEncodingSteps": 210,
    "AcquisitionMatrixPE": 202,
    "ReconMatrixPE": 448,
    "PixelBandwidth": 181,
    "DwellTime": 1.08e-05,
    "PhaseEncodingDirection": "i",
    "SliceTiming": [
        0,
        99.3906,
        0.26562,
        99.6719,
        0.54688,
        99.9375,
        0.8125,
        60.2031,
        1.09375,
        60.4844,
        1.35938,
        60.75,
        1.625,
        61.0312,
        1.90625,
        61.3125,
        2.1875,
        61.5781,
        2.45312,
        61.8438,
        2.73438,
        62.125,
        3,
        62.3906
    ],
    "ImageOrientationPatientDICOM": [
        0.998897,
        -0.0435181,
        0.0176253,
        0.0453597,
        0.991377,
        -0.122938
    ],
    "ImageOrientationText": "Tra>Cor(-7.1)>Sag(0.7)",
    "InPlanePhaseEncodingDirectionDICOM": "ROW",
    "ConversionSoftware": "dcm2niix",
    "ConversionSoftwareVersion": "v1.0.20230411",
    "Dcm2bidsVersion": "3.0.1"
}