{
    "Modality": "MR",
    "MagneticFieldStrength": 1.5,
    "ImagingFrequency": 63.676212,
    "Manufacturer": "Siemens",
    "ManufacturersModelName": "Avanto",
    "InstitutionName": "anonymized",
    "DeviceSerialNumber": "anonymized",
    "StationName": "anonymized",
    "PatientPosition": "HFS",
    "SoftwareVersions": "syngo MR B19",
    "MRAcquisitionType": "2D",
    "SeriesDescription": "Flair_cor",
    "ProtocolName": "Flair_cor",
    "ScanningSequence": "SE\\IR",
    "SequenceVariant": "SK\\SP\\MP",
    "ScanOptions": "IR\\FS",
    "SequenceName": "*tir2d1_16",
    "ImageType": [
        "ORIGINAL",
        "PRIMARY",
        "M",
        "ND",
        "NORM"
    ],
    "NonlinearGradientCorrection": false,
    "SeriesNumber": 3,
    "AcquisitionTime": "09:35:5.895000",
    "AcquisitionNumber": 1,
    "SliceThickness": 6,
    "SpacingBetweenSlices": 7.2,
    "SAR": 0.116394,
    "EchoTime": 0.092,
    "RepetitionTime": 8.5,
    "SpoilingState": true,
    "InversionTime": 2.44,
    "FlipAngle": 150,
    "PartialFourier": 1,
    "Interpolation2D": 1,
    "BaseResolution": 256,
    "ShimSetting": [
        -47,
        18,
        -142,
        0,
        0,
        0,
        0,
        0
    ],
    "TxRefAmp": 206.523,
    "PhaseResolution": 1,
    "ReceiveCoilName": "NeckMatrix",
    "CoilString": "T:HE1-4;NE2",
    "PulseSequenceDetails": "%SiemensSeq%\\tse",
    "RefLinesPE": 39,
    "CoilCombinationMethod": "Adaptive Combine",
    "MatrixCoilMode": "GRAPPA",
    "PercentPhaseFOV": 84.375,
    "PercentSampling": 100,
    "EchoTrainLength": 16,
    "PhaseEncodingSteps": 215,
    "AcquisitionMatrixPE": 216,
    "ReconMatrixPE": 432,
    "ParallelReductionFactorInPlane": 2,
    "PixelBandwidth": 190,
    "DwellTime": 1.03e-05,
    "PhaseEncodingDirection": "i",
    "SliceTiming": [
        0,
        76.8047,
        0.21875,
        77.0234,
        0.4375,
        77.2422,
        0.65625,
        77.4609,
        0.875,
        77.6797,
        1.09375,
        77.8984,
        1.3125,
        78.1172,
        1.53125,
        78.3359,
        1.75,
        78.5547,
        1.96094,
        78.7734,
        2.1875,
        78.9922,
        2.39844,
        79.2109,
        2.625
    ],
    "ImageOrientationPatientDICOM": [
        0.993505,
        -0.102855,
        0.0486761,
        0.0569309,
        0.0789068,
        -0.995255
    ],
    "ImageOrientationText": "Cor>Sag(-5.7)>Tra(-4.8)",
    "InPlanePhaseEncodingDirectionDICOM": "ROW",
    "ConversionSoftware": "dcm2niix",
    "ConversionSoftwareVersion": "v1.0.20230411",
    "Dcm2bidsVersion": "3.0.1"
}